{
  "aor": 0.0005423828435266085,
  "aqi": 0.015847005476568705,
  "bids_meta": {
    "AcquisitionMatrixPE": 104,
    "AcquisitionNumber": 1,
    "AcquisitionTime": "19:30:46.775000",
    "BandwidthPerPixelPhaseEncode": 16.578,
    "BaseResolution": 104,
    "BodyPartExamined": "BRAIN",
    "ConsistencyInfo": "N4_VE11C_LATEST_20160120",
    "ConversionSoftware": "dcm2niix",
    "ConversionSoftwareVersion": "v1.0.20180518 GCC4.8.5",
    "DerivedVendorReportedEchoSpacing": 0.000580009,
    "DeviceSerialNumber": "66018",
    "DwellTime": 2.1e-06,
    "EchoTime": 0.037,
    "EchoTrainLength": 104,
    "EffectiveEchoSpacing": 0.000580009,
    "FlipAngle": 60,
    "ImageComments": "Unaliased_MB8_PE3_LB",
    "ImageOrientationPatientDICOM": [
      1,
      0,
      0,
      0,
      1,
      0
    ],
    "ImageType": [
      "ORIGINAL",
      "PRIMARY",
      "M",
      "MB",
      "ND",
      "MOSAIC"
    ],
    "InPlanePhaseEncodingDirectionDICOM": "COL",
    "InstitutionAddress": "Stadium_1952_Princeton_NJ_US_08544",
    "InstitutionName": "Princeton_University",
    "InstitutionalDepartmentName": "NeuroScience",
    "MRAcquisitionType": "2D",
    "MagneticFieldStrength": 3,
    "Manufacturer": "Siemens",
    "ManufacturersModelName": "Prisma",
    "Modality": "MR",
    "MultibandAccelerationFactor": 8,
    "PartialFourier": 1,
    "PatientPosition": "HFS",
    "PercentPhaseFOV": 100,
    "PhaseEncodingDirection": "j-",
    "PhaseEncodingSteps": 104,
    "PhaseResolution": 1,
    "PixelBandwidth": 2290,
    "ProcedureStepDescription": "Norman_jamal",
    "ProtocolName": "BOLD_Minn_SMS8_2.0mm",
    "PulseSequenceDetails": "%CustomerSeq%_cmrr_mbep2d_bold",
    "ReceiveCoilActiveElements": "HC1-7;NC1",
    "ReceiveCoilName": "HeadNeck_64",
    "ReconMatrixPE": 104,
    "RepetitionTime": 1,
    "SAR": 0.0678829,
    "ScanOptions": "FS",
    "ScanningSequence": "EP",
    "SequenceName": "epfid2d1_104",
    "SequenceVariant": "SK_SS",
    "SeriesDescription": "BOLD_Minn_SMS8_2.0mm",
    "SeriesNumber": 6,
    "ShimSetting": [
      754,
      569,
      2087,
      624,
      -189,
      172,
      282,
      52
    ],
    "SliceThickness": 2,
    "SliceTiming": [
      0,
      0.545,
      0.1075,
      0.6525,
      0.2175,
      0.7625,
      0.3275,
      0.87,
      0.435,
      0,
      0.545,
      0.1075,
      0.6525,
      0.2175,
      0.7625,
      0.3275,
      0.87,
      0.435,
      0,
      0.545,
      0.1075,
      0.6525,
      0.2175,
      0.7625,
      0.3275,
      0.87,
      0.435,
      0,
      0.545,
      0.1075,
      0.6525,
      0.2175,
      0.7625,
      0.3275,
      0.87,
      0.435,
      0,
      0.545,
      0.1075,
      0.6525,
      0.2175,
      0.7625,
      0.3275,
      0.87,
      0.435,
      0,
      0.545,
      0.1075,
      0.6525,
      0.2175,
      0.7625,
      0.3275,
      0.87,
      0.435,
      0,
      0.545,
      0.1075,
      0.6525,
      0.2175,
      0.7625,
      0.3275,
      0.87,
      0.435,
      0,
      0.545,
      0.1075,
      0.6525,
      0.2175,
      0.7625,
      0.3275,
      0.87,
      0.435
    ],
    "SoftwareVersions": "syngo_MR_E11",
    "SpacingBetweenSlices": 2,
    "StationName": "AWP66018",
    "TaskName": "Listen",
    "TotalReadoutTime": 0.0597409,
    "TxRefAmp": 250.268,
    "dataset": "ds004007",
    "modality": "bold",
    "run_id": 2,
    "subject_id": "16",
    "task_id": "listen"
  },
  "dummy_trs": 1,
  "dvars_nstd": 51.6027479904411,
  "dvars_std": 1.014351860599921,
  "dvars_vstd": 0.9868717815733024,
  "efc": 0.5492492613425181,
  "fber": 462.171875,
  "fd_mean": 0.1979624529412798,
  "fd_num": 840,
  "fd_perc": 33.35980937251787,
  "fwhm_avg": 3.073185,
  "fwhm_x": 2.85112,
  "fwhm_y": 3.271415,
  "fwhm_z": 3.09702,
  "gcor": 0.00677652,
  "gsr_x": -0.021814286708831787,
  "gsr_y": 0.11024090647697449,
  "provenance": {
    "md5sum": "33699038fd1ae41520f1d0fbda45d274",
    "settings": {
      "fd_thres": 0.2,
      "testing": false
    },
    "software": "mriqc",
    "version": "22.0.6",
    "webapi_port": null,
    "webapi_url": "https://mriqc.nimh.nih.gov/api/v1"
  },
  "size_t": 2518,
  "size_x": 104,
  "size_y": 104,
  "size_z": 72,
  "snr": 2.4681278705000023,
  "spacing_tr": 1.0,
  "spacing_x": 2.0,
  "spacing_y": 2.0,
  "spacing_z": 2.0,
  "summary_bg_k": 24.936663365225353,
  "summary_bg_mad": 122.98040164676777,
  "summary_bg_mean": 750.1028442382812,
  "summary_bg_median": 334.2009582519531,
  "summary_bg_n": 520563.0,
  "summary_bg_p05": 233.1638946533203,
  "summary_bg_p95": 2916.397216796875,
  "summary_bg_stdv": 1112.496826171875,
  "summary_fg_k": 0.8272767344409271,
  "summary_fg_mad": 2784.1934018470192,
  "summary_fg_mean": 7779.27294921875,
  "summary_fg_median": 7342.810546875,
  "summary_fg_n": 156382.0,
  "summary_fg_p05": 3787.260046386719,
  "summary_fg_p95": 13356.178906249994,
  "summary_fg_stdv": 2975.043212890625,
  "tsnr": 21.81958770751953
}