{
  "aor": 0.0006139332538736591,
  "aqi": 0.020917441040921733,
  "bids_meta": {
    "AcquisitionMatrixPE": 104,
    "AcquisitionNumber": 1,
    "AcquisitionTime": "18:47:20.520000",
    "BandwidthPerPixelPhaseEncode": 16.578,
    "BaseResolution": 104,
    "BodyPartExamined": "BRAIN",
    "ConsistencyInfo": "N4_VE11C_LATEST_20160120",
    "ConversionSoftware": "dcm2niix",
    "ConversionSoftwareVersion": "v1.0.20180518 GCC4.8.5",
    "DerivedVendorReportedEchoSpacing": 0.000580009,
    "DeviceSerialNumber": "66018",
    "DwellTime": 2.1e-06,
    "EchoTime": 0.037,
    "EchoTrainLength": 104,
    "EffectiveEchoSpacing": 0.000580009,
    "FlipAngle": 60,
    "ImageComments": "Unaliased_MB8_PE3_LB",
    "ImageOrientationPatientDICOM": [
      1,
      0,
      0,
      0,
      1,
      0
    ],
    "ImageType": [
      "ORIGINAL",
      "PRIMARY",
      "M",
      "MB",
      "ND",
      "MOSAIC"
    ],
    "InPlanePhaseEncodingDirectionDICOM": "COL",
    "InstitutionAddress": "Stadium_1952_Princeton_NJ_US_08544",
    "InstitutionName": "Princeton_University",
    "InstitutionalDepartmentName": "NeuroScience",
    "MRAcquisitionType": "2D",
    "MagneticFieldStrength": 3,
    "Manufacturer": "Siemens",
    "ManufacturersModelName": "Prisma",
    "Modality": "MR",
    "MultibandAccelerationFactor": 8,
    "PartialFourier": 1,
    "PatientPosition": "HFS",
    "PercentPhaseFOV": 100,
    "PhaseEncodingDirection": "j-",
    "PhaseEncodingSteps": 104,
    "PhaseResolution": 1,
    "PixelBandwidth": 2290,
    "ProcedureStepDescription": "Norman_jamal",
    "ProtocolName": "BOLD_Minn_SMS8_2.0mm",
    "PulseSequenceDetails": "%CustomerSeq%_cmrr_mbep2d_bold",
    "ReceiveCoilActiveElements": "HC1-7;NC1",
    "ReceiveCoilName": "HeadNeck_64",
    "ReconMatrixPE": 104,
    "RepetitionTime": 1,
    "SAR": 0.0678829,
    "ScanOptions": "FS",
    "ScanningSequence": "EP",
    "SequenceName": "epfid2d1_104",
    "SequenceVariant": "SK_SS",
    "SeriesDescription": "BOLD_Minn_SMS8_2.0mm",
    "SeriesNumber": 4,
    "ShimSetting": [
      754,
      569,
      2087,
      624,
      -189,
      172,
      282,
      52
    ],
    "SliceThickness": 2,
    "SliceTiming": [
      0,
      0.545,
      0.11,
      0.655,
      0.22,
      0.7625,
      0.3275,
      0.8725,
      0.4375,
      0,
      0.545,
      0.11,
      0.655,
      0.22,
      0.7625,
      0.3275,
      0.8725,
      0.4375,
      0,
      0.545,
      0.11,
      0.655,
      0.22,
      0.7625,
      0.3275,
      0.8725,
      0.4375,
      0,
      0.545,
      0.11,
      0.655,
      0.22,
      0.7625,
      0.3275,
      0.8725,
      0.4375,
      0,
      0.545,
      0.11,
      0.655,
      0.22,
      0.7625,
      0.3275,
      0.8725,
      0.4375,
      0,
      0.545,
      0.11,
      0.655,
      0.22,
      0.7625,
      0.3275,
      0.8725,
      0.4375,
      0,
      0.545,
      0.11,
      0.655,
      0.22,
      0.7625,
      0.3275,
      0.8725,
      0.4375,
      0,
      0.545,
      0.11,
      0.655,
      0.22,
      0.7625,
      0.3275,
      0.8725,
      0.4375
    ],
    "SoftwareVersions": "syngo_MR_E11",
    "SpacingBetweenSlices": 2,
    "StationName": "AWP66018",
    "TaskName": "Listen",
    "TotalReadoutTime": 0.0597409,
    "TxRefAmp": 250.268,
    "dataset": "ds004007",
    "modality": "bold",
    "run_id": 1,
    "subject_id": "16",
    "task_id": "listen"
  },
  "dummy_trs": 1,
  "dvars_nstd": 52.471160765759066,
  "dvars_std": 1.0114163920389514,
  "dvars_vstd": 0.9800450271224149,
  "efc": 0.5459877827017859,
  "fber": 486.4802551269531,
  "fd_mean": 0.2011821421526832,
  "fd_num": 810,
  "fd_perc": 32.18116805721097,
  "fwhm_avg": 3.1115733333333337,
  "fwhm_x": 2.88636,
  "fwhm_y": 3.302365,
  "fwhm_z": 3.145995,
  "gcor": 0.00813893,
  "gsr_x": -0.014173132367432117,
  "gsr_y": 0.09170883893966675,
  "provenance": {
    "md5sum": "d02c28f303074239fd7090be99484b89",
    "settings": {
      "fd_thres": 0.2,
      "testing": false
    },
    "software": "mriqc",
    "version": "22.0.6",
    "webapi_port": null,
    "webapi_url": "https://mriqc.nimh.nih.gov/api/v1"
  },
  "size_t": 2517,
  "size_x": 104,
  "size_y": 104,
  "size_z": 72,
  "snr": 2.504093457669481,
  "spacing_tr": 1.0,
  "spacing_x": 2.0,
  "spacing_y": 2.0,
  "spacing_z": 2.0,
  "summary_bg_k": 23.259355911195485,
  "summary_bg_mad": 110.95510545283604,
  "summary_bg_mean": 682.177978515625,
  "summary_bg_median": 324.7530212402344,
  "summary_bg_n": 516078.0,
  "summary_bg_p05": 232.94391021728515,
  "summary_bg_p95": 2562.3695434570304,
  "summary_bg_stdv": 953.1045532226562,
  "summary_fg_k": 0.6749152779763019,
  "summary_fg_mad": 2739.943010290738,
  "summary_fg_mean": 7736.62158203125,
  "summary_fg_median": 7320.64501953125,
  "summary_fg_n": 157999.0,
  "summary_fg_p05": 3771.619970703125,
  "summary_fg_p95": 13200.961914062502,
  "summary_fg_stdv": 2923.4619140625,
  "tsnr": 19.456043243408203
}