{
  "aor": 0.00026029809220985694,
  "aqi": 0.015403947031001588,
  "bids_meta": {
    "AcquisitionMatrixPE": 104,
    "AcquisitionNumber": 1,
    "AcquisitionTime": "12:41:0.392500",
    "BandwidthPerPixelPhaseEncode": 16.578,
    "BaseResolution": 104,
    "BodyPartExamined": "BRAIN",
    "ConsistencyInfo": "N4_VE11C_LATEST_20160120",
    "ConversionSoftware": "dcm2niix",
    "ConversionSoftwareVersion": "v1.0.20180518 GCC4.8.5",
    "DerivedVendorReportedEchoSpacing": 0.000580009,
    "DeviceSerialNumber": "66018",
    "DwellTime": 2.1e-06,
    "EchoTime": 0.037,
    "EchoTrainLength": 104,
    "EffectiveEchoSpacing": 0.000580009,
    "FlipAngle": 60,
    "ImageComments": "Unaliased_MB8_PE3_LB",
    "ImageOrientationPatientDICOM": [
      1,
      0,
      0,
      0,
      1,
      0
    ],
    "ImageType": [
      "ORIGINAL",
      "PRIMARY",
      "M",
      "MB",
      "ND",
      "MOSAIC"
    ],
    "InPlanePhaseEncodingDirectionDICOM": "COL",
    "InstitutionAddress": "Stadium_1952_Princeton_NJ_US_08544",
    "InstitutionName": "Princeton_University",
    "InstitutionalDepartmentName": "NeuroScience",
    "MRAcquisitionType": "2D",
    "MagneticFieldStrength": 3,
    "Manufacturer": "Siemens",
    "ManufacturersModelName": "Prisma",
    "Modality": "MR",
    "MultibandAccelerationFactor": 8,
    "PartialFourier": 1,
    "PatientPosition": "HFS",
    "PercentPhaseFOV": 100,
    "PhaseEncodingDirection": "j-",
    "PhaseEncodingSteps": 104,
    "PhaseResolution": 1,
    "PixelBandwidth": 2290,
    "ProcedureStepDescription": "Norman_jamal",
    "ProtocolName": "BOLD_Minn_SMS8_2.0mm",
    "PulseSequenceDetails": "%CustomerSeq%_cmrr_mbep2d_bold",
    "ReceiveCoilActiveElements": "HC1-7;NC1",
    "ReceiveCoilName": "HeadNeck_64",
    "ReconMatrixPE": 104,
    "RepetitionTime": 1,
    "SAR": 0.0586007,
    "ScanOptions": "FS",
    "ScanningSequence": "EP",
    "SequenceName": "epfid2d1_104",
    "SequenceVariant": "SK_SS",
    "SeriesDescription": "BOLD_Minn_SMS8_2.0mm",
    "SeriesNumber": 4,
    "ShimSetting": [
      749,
      541,
      2029,
      584,
      -137,
      120,
      148,
      34
    ],
    "SliceThickness": 2,
    "SliceTiming": [
      0,
      0.5425,
      0.1075,
      0.6525,
      0.2175,
      0.7625,
      0.325,
      0.87,
      0.435,
      0,
      0.5425,
      0.1075,
      0.6525,
      0.2175,
      0.7625,
      0.325,
      0.87,
      0.435,
      0,
      0.5425,
      0.1075,
      0.6525,
      0.2175,
      0.7625,
      0.325,
      0.87,
      0.435,
      0,
      0.5425,
      0.1075,
      0.6525,
      0.2175,
      0.7625,
      0.325,
      0.87,
      0.435,
      0,
      0.5425,
      0.1075,
      0.6525,
      0.2175,
      0.7625,
      0.325,
      0.87,
      0.435,
      0,
      0.5425,
      0.1075,
      0.6525,
      0.2175,
      0.7625,
      0.325,
      0.87,
      0.435,
      0,
      0.5425,
      0.1075,
      0.6525,
      0.2175,
      0.7625,
      0.325,
      0.87,
      0.435,
      0,
      0.5425,
      0.1075,
      0.6525,
      0.2175,
      0.7625,
      0.325,
      0.87,
      0.435
    ],
    "SoftwareVersions": "syngo_MR_E11",
    "SpacingBetweenSlices": 2,
    "StationName": "AWP66018",
    "TaskName": "Listen",
    "TotalReadoutTime": 0.0597409,
    "TxRefAmp": 217.227,
    "dataset": "ds004007",
    "modality": "bold",
    "run_id": 1,
    "subject_id": "19",
    "task_id": "listen"
  },
  "dummy_trs": 2,
  "dvars_nstd": 49.89568385137569,
  "dvars_std": 1.0029122457892652,
  "dvars_vstd": 0.9798399287753482,
  "efc": 0.5375704504876648,
  "fber": 468.6092834472656,
  "fd_mean": 0.163819350963074,
  "fd_num": 710,
  "fd_perc": 28.21939586645469,
  "fwhm_avg": 2.985096666666667,
  "fwhm_x": 2.768615,
  "fwhm_y": 3.16371,
  "fwhm_z": 3.022965,
  "gcor": 0.0145984,
  "gsr_x": -0.01878039725124836,
  "gsr_y": 0.0995161309838295,
  "provenance": {
    "md5sum": "9272833556e93e042a76d3f36184ea66",
    "settings": {
      "fd_thres": 0.2,
      "testing": false
    },
    "software": "mriqc",
    "version": "22.0.6",
    "webapi_port": null,
    "webapi_url": "https://mriqc.nimh.nih.gov/api/v1"
  },
  "size_t": 2516,
  "size_x": 104,
  "size_y": 104,
  "size_z": 72,
  "snr": 2.287032775585783,
  "spacing_tr": 1.0,
  "spacing_x": 2.0,
  "spacing_y": 2.0,
  "spacing_z": 2.0,
  "summary_bg_k": 51.60076252233216,
  "summary_bg_mad": 135.56419610530762,
  "summary_bg_mean": 756.9957885742188,
  "summary_bg_median": 338.0711669921875,
  "summary_bg_n": 523850.0,
  "summary_bg_p05": 232.25927124023437,
  "summary_bg_p95": 2752.279174804687,
  "summary_bg_stdv": 1220.893310546875,
  "summary_fg_k": 2.096019775192776,
  "summary_fg_mad": 2941.1642736947324,
  "summary_fg_mean": 7977.8984375,
  "summary_fg_median": 7413.63671875,
  "summary_fg_n": 154495.0,
  "summary_fg_p05": 3857.4331298828124,
  "summary_fg_p95": 13956.182421874986,
  "summary_fg_stdv": 3241.585693359375,
  "tsnr": 21.83863639831543
}