{
  "aor": 0.0007531877729257642,
  "aqi": 0.015577044878920206,
  "bids_meta": {
    "AcquisitionMatrixPE": 104,
    "AcquisitionNumber": 1,
    "AcquisitionTime": "13:24:1.470000",
    "BandwidthPerPixelPhaseEncode": 16.578,
    "BaseResolution": 104,
    "BodyPartExamined": "BRAIN",
    "ConsistencyInfo": "N4_VE11C_LATEST_20160120",
    "ConversionSoftware": "dcm2niix",
    "ConversionSoftwareVersion": "v1.0.20180518 GCC4.8.5",
    "DerivedVendorReportedEchoSpacing": 0.000580009,
    "DeviceSerialNumber": "66018",
    "DwellTime": 2.1e-06,
    "EchoTime": 0.037,
    "EchoTrainLength": 104,
    "EffectiveEchoSpacing": 0.000580009,
    "FlipAngle": 60,
    "ImageComments": "Unaliased_MB8_PE3_LB",
    "ImageOrientationPatientDICOM": [
      1,
      0,
      0,
      0,
      1,
      0
    ],
    "ImageType": [
      "ORIGINAL",
      "PRIMARY",
      "M",
      "MB",
      "ND",
      "MOSAIC"
    ],
    "InPlanePhaseEncodingDirectionDICOM": "COL",
    "InstitutionAddress": "Stadium_1952_Princeton_NJ_US_08544",
    "InstitutionName": "Princeton_University",
    "InstitutionalDepartmentName": "NeuroScience",
    "MRAcquisitionType": "2D",
    "MagneticFieldStrength": 3,
    "Manufacturer": "Siemens",
    "ManufacturersModelName": "Prisma",
    "Modality": "MR",
    "MultibandAccelerationFactor": 8,
    "PartialFourier": 1,
    "PatientPosition": "HFS",
    "PercentPhaseFOV": 100,
    "PhaseEncodingDirection": "j-",
    "PhaseEncodingSteps": 104,
    "PhaseResolution": 1,
    "PixelBandwidth": 2290,
    "ProcedureStepDescription": "Norman_jamal",
    "ProtocolName": "BOLD_Minn_SMS8_2.0mm",
    "PulseSequenceDetails": "%CustomerSeq%_cmrr_mbep2d_bold",
    "ReceiveCoilActiveElements": "HC1-7;NC1",
    "ReceiveCoilName": "HeadNeck_64",
    "ReconMatrixPE": 104,
    "RepetitionTime": 1,
    "SAR": 0.0586007,
    "ScanOptions": "FS",
    "ScanningSequence": "EP",
    "SequenceName": "epfid2d1_104",
    "SequenceVariant": "SK_SS",
    "SeriesDescription": "BOLD_Minn_SMS8_2.0mm",
    "SeriesNumber": 6,
    "ShimSetting": [
      749,
      541,
      2029,
      584,
      -137,
      120,
      148,
      34
    ],
    "SliceThickness": 2,
    "SliceTiming": [
      0,
      0.545,
      0.1075,
      0.6525,
      0.2175,
      0.7625,
      0.325,
      0.87,
      0.435,
      0,
      0.545,
      0.1075,
      0.6525,
      0.2175,
      0.7625,
      0.325,
      0.87,
      0.435,
      0,
      0.545,
      0.1075,
      0.6525,
      0.2175,
      0.7625,
      0.325,
      0.87,
      0.435,
      0,
      0.545,
      0.1075,
      0.6525,
      0.2175,
      0.7625,
      0.325,
      0.87,
      0.435,
      0,
      0.545,
      0.1075,
      0.6525,
      0.2175,
      0.7625,
      0.325,
      0.87,
      0.435,
      0,
      0.545,
      0.1075,
      0.6525,
      0.2175,
      0.7625,
      0.325,
      0.87,
      0.435,
      0,
      0.545,
      0.1075,
      0.6525,
      0.2175,
      0.7625,
      0.325,
      0.87,
      0.435,
      0,
      0.545,
      0.1075,
      0.6525,
      0.2175,
      0.7625,
      0.325,
      0.87,
      0.435
    ],
    "SoftwareVersions": "syngo_MR_E11",
    "SpacingBetweenSlices": 2,
    "StationName": "AWP66018",
    "TaskName": "Listen",
    "TotalReadoutTime": 0.0597409,
    "TxRefAmp": 217.227,
    "dataset": "ds004007",
    "modality": "bold",
    "run_id": 2,
    "subject_id": "19",
    "task_id": "listen"
  },
  "dummy_trs": 1,
  "dvars_nstd": 52.731276731060376,
  "dvars_std": 1.0630964368228757,
  "dvars_vstd": 1.0057607303137417,
  "efc": 0.5405921343168155,
  "fber": 452.03118896484375,
  "fd_mean": 0.14628911913004344,
  "fd_num": 441,
  "fd_perc": 17.506947201270346,
  "fwhm_avg": 2.927975,
  "fwhm_x": 2.738005,
  "fwhm_y": 3.135105,
  "fwhm_z": 2.910815,
  "gcor": 0.0118832,
  "gsr_x": -0.013009036891162395,
  "gsr_y": 0.08147288113832474,
  "provenance": {
    "md5sum": "6d039fc175093f328f4f8e59ee89352d",
    "settings": {
      "fd_thres": 0.2,
      "testing": false
    },
    "software": "mriqc",
    "version": "22.0.6",
    "webapi_port": null,
    "webapi_url": "https://mriqc.nimh.nih.gov/api/v1"
  },
  "size_t": 2519,
  "size_x": 104,
  "size_y": 104,
  "size_z": 72,
  "snr": 2.2900723652650434,
  "spacing_tr": 1.0,
  "spacing_x": 2.0,
  "spacing_y": 2.0,
  "spacing_z": 2.0,
  "summary_bg_k": 42.338068695846125,
  "summary_bg_mad": 133.20081243120222,
  "summary_bg_mean": 744.205078125,
  "summary_bg_median": 340.1608581542969,
  "summary_bg_n": 521378.0,
  "summary_bg_p05": 238.53193206787108,
  "summary_bg_p95": 2758.1998168945292,
  "summary_bg_stdv": 1111.53076171875,
  "summary_fg_k": 2.089585389750215,
  "summary_fg_mad": 2904.907482576312,
  "summary_fg_mean": 7894.64111328125,
  "summary_fg_median": 7339.408203125,
  "summary_fg_n": 154752.0,
  "summary_fg_p05": 3830.613037109375,
  "summary_fg_p95": 13806.329882812497,
  "summary_fg_stdv": 3204.8701171875,
  "tsnr": 22.284015655517578
}