{
  "aor": 0.000244235807860262,
  "aqi": 0.007964045522032552,
  "bids_meta": {
    "AcquisitionMatrixPE": 104,
    "AcquisitionNumber": 1,
    "AcquisitionTime": "16:37:20.337500",
    "BandwidthPerPixelPhaseEncode": 16.578,
    "BaseResolution": 104,
    "BodyPartExamined": "BRAIN",
    "ConsistencyInfo": "N4_VE11C_LATEST_20160120",
    "ConversionSoftware": "dcm2niix",
    "ConversionSoftwareVersion": "v1.0.20180518 GCC4.8.5",
    "DerivedVendorReportedEchoSpacing": 0.000580009,
    "DeviceSerialNumber": "66018",
    "DwellTime": 2.1e-06,
    "EchoTime": 0.037,
    "EchoTrainLength": 104,
    "EffectiveEchoSpacing": 0.000580009,
    "FlipAngle": 60,
    "ImageComments": "Unaliased_MB8_PE3_LB",
    "ImageOrientationPatientDICOM": [
      1,
      0,
      0,
      0,
      1,
      0
    ],
    "ImageType": [
      "ORIGINAL",
      "PRIMARY",
      "M",
      "MB",
      "ND",
      "MOSAIC"
    ],
    "InPlanePhaseEncodingDirectionDICOM": "COL",
    "InstitutionAddress": "Stadium_1952_Princeton_NJ_US_08544",
    "InstitutionName": "Princeton_University",
    "InstitutionalDepartmentName": "NeuroScience",
    "MRAcquisitionType": "2D",
    "MagneticFieldStrength": 3,
    "Manufacturer": "Siemens",
    "ManufacturersModelName": "Prisma",
    "Modality": "MR",
    "MultibandAccelerationFactor": 8,
    "PartialFourier": 1,
    "PatientPosition": "HFS",
    "PercentPhaseFOV": 100,
    "PhaseEncodingDirection": "j-",
    "PhaseEncodingSteps": 104,
    "PhaseResolution": 1,
    "PixelBandwidth": 2290,
    "ProcedureStepDescription": "Norman_jamal",
    "ProtocolName": "BOLD_Minn_SMS8_2.0mm",
    "PulseSequenceDetails": "%CustomerSeq%_cmrr_mbep2d_bold",
    "ReceiveCoilActiveElements": "HC1-7;NC1",
    "ReceiveCoilName": "HeadNeck_64",
    "ReconMatrixPE": 104,
    "RepetitionTime": 1,
    "SAR": 0.0696257,
    "ScanOptions": "FS",
    "ScanningSequence": "EP",
    "SequenceName": "epfid2d1_104",
    "SequenceVariant": "SK_SS",
    "SeriesDescription": "BOLD_Minn_SMS8_2.0mm",
    "SeriesNumber": 4,
    "ShimSetting": [
      726,
      474,
      2171,
      782,
      -261,
      -191,
      172,
      60
    ],
    "SliceThickness": 2,
    "SliceTiming": [
      0,
      0.5425,
      0.1075,
      0.6525,
      0.2175,
      0.76,
      0.325,
      0.87,
      0.435,
      0,
      0.5425,
      0.1075,
      0.6525,
      0.2175,
      0.76,
      0.325,
      0.87,
      0.435,
      0,
      0.5425,
      0.1075,
      0.6525,
      0.2175,
      0.76,
      0.325,
      0.87,
      0.435,
      0,
      0.5425,
      0.1075,
      0.6525,
      0.2175,
      0.76,
      0.325,
      0.87,
      0.435,
      0,
      0.5425,
      0.1075,
      0.6525,
      0.2175,
      0.76,
      0.325,
      0.87,
      0.435,
      0,
      0.5425,
      0.1075,
      0.6525,
      0.2175,
      0.76,
      0.325,
      0.87,
      0.435,
      0,
      0.5425,
      0.1075,
      0.6525,
      0.2175,
      0.76,
      0.325,
      0.87,
      0.435,
      0,
      0.5425,
      0.1075,
      0.6525,
      0.2175,
      0.76,
      0.325,
      0.87,
      0.435
    ],
    "SoftwareVersions": "syngo_MR_E11",
    "SpacingBetweenSlices": 2,
    "StationName": "AWP66018",
    "TaskName": "Listen",
    "TotalReadoutTime": 0.0597409,
    "TxRefAmp": 220.692,
    "dataset": "ds004007",
    "modality": "bold",
    "run_id": 1,
    "subject_id": "09",
    "task_id": "listen"
  },
  "dummy_trs": 1,
  "dvars_nstd": 46.991411218200966,
  "dvars_std": 1.0739906035385227,
  "dvars_vstd": 0.9918226774940426,
  "efc": 0.4998960302655051,
  "fber": 612.792236328125,
  "fd_mean": 0.09360928790692892,
  "fd_num": 40,
  "fd_perc": 1.5879317189360858,
  "fwhm_avg": 3.3329299999999997,
  "fwhm_x": 3.04009,
  "fwhm_y": 3.56844,
  "fwhm_z": 3.39026,
  "gcor": 0.0141741,
  "gsr_x": -0.0070635536685585976,
  "gsr_y": 0.04346202686429024,
  "provenance": {
    "md5sum": "27f447761284a9d0811d048f6e95a42b",
    "settings": {
      "fd_thres": 0.2,
      "testing": false
    },
    "software": "mriqc",
    "version": "22.0.6",
    "webapi_port": null,
    "webapi_url": "https://mriqc.nimh.nih.gov/api/v1"
  },
  "size_t": 2519,
  "size_x": 104,
  "size_y": 104,
  "size_z": 72,
  "snr": 1.9096549911533651,
  "spacing_tr": 1.0,
  "spacing_x": 2.0,
  "spacing_y": 2.0,
  "spacing_z": 2.0,
  "summary_bg_k": 55.887129593138475,
  "summary_bg_mad": 121.14707948512417,
  "summary_bg_mean": 633.0156860351562,
  "summary_bg_median": 333.1565246582031,
  "summary_bg_n": 521979.0,
  "summary_bg_p05": 241.44068145751953,
  "summary_bg_p95": 2159.1749755859373,
  "summary_bg_stdv": 935.9686889648438,
  "summary_fg_k": 3.4606088437564955,
  "summary_fg_mad": 3475.200054151789,
  "summary_fg_mean": 9391.9423828125,
  "summary_fg_median": 8377.515625,
  "summary_fg_n": 155027.0,
  "summary_fg_p05": 4444.56904296875,
  "summary_fg_p95": 17931.05859375,
  "summary_fg_stdv": 4386.912109375,
  "tsnr": 29.063636779785156
}