{
  "aor": 0.000588577106518283,
  "aqi": 0.00965266891891892,
  "bids_meta": {
    "AcquisitionMatrixPE": 104,
    "AcquisitionNumber": 1,
    "AcquisitionTime": "16:15:46.117500",
    "BandwidthPerPixelPhaseEncode": 16.578,
    "BaseResolution": 104,
    "BodyPartExamined": "BRAIN",
    "ConsistencyInfo": "N4_VE11C_LATEST_20160120",
    "ConversionSoftware": "dcm2niix",
    "ConversionSoftwareVersion": "v1.0.20180518 GCC4.8.5",
    "DerivedVendorReportedEchoSpacing": 0.000580009,
    "DeviceSerialNumber": "66018",
    "DwellTime": 2.1e-06,
    "EchoTime": 0.037,
    "EchoTrainLength": 104,
    "EffectiveEchoSpacing": 0.000580009,
    "FlipAngle": 60,
    "ImageComments": "Unaliased_MB8_PE3_LB",
    "ImageOrientationPatientDICOM": [
      1,
      0,
      0,
      0,
      1,
      0
    ],
    "ImageType": [
      "ORIGINAL",
      "PRIMARY",
      "M",
      "MB",
      "ND",
      "MOSAIC"
    ],
    "InPlanePhaseEncodingDirectionDICOM": "COL",
    "InstitutionAddress": "Stadium_1952_Princeton_NJ_US_08544",
    "InstitutionName": "Princeton_University",
    "InstitutionalDepartmentName": "NeuroScience",
    "MRAcquisitionType": "2D",
    "MagneticFieldStrength": 3,
    "Manufacturer": "Siemens",
    "ManufacturersModelName": "Prisma",
    "Modality": "MR",
    "MultibandAccelerationFactor": 8,
    "PartialFourier": 1,
    "PatientPosition": "HFS",
    "PercentPhaseFOV": 100,
    "PhaseEncodingDirection": "j-",
    "PhaseEncodingSteps": 104,
    "PhaseResolution": 1,
    "PixelBandwidth": 2290,
    "ProcedureStepDescription": "Norman_jamal",
    "ProtocolName": "BOLD_Minn_SMS8_2.0mm",
    "PulseSequenceDetails": "%CustomerSeq%_cmrr_mbep2d_bold",
    "ReceiveCoilActiveElements": "HC1-7;NC1",
    "ReceiveCoilName": "HeadNeck_64",
    "ReconMatrixPE": 104,
    "RepetitionTime": 1,
    "SAR": 0.0697048,
    "ScanOptions": "FS",
    "ScanningSequence": "EP",
    "SequenceName": "epfid2d1_104",
    "SequenceVariant": "SK_SS",
    "SeriesDescription": "BOLD_Minn_SMS8_2.0mm",
    "SeriesNumber": 4,
    "ShimSetting": [
      749,
      534,
      2044,
      566,
      -147,
      103,
      152,
      22
    ],
    "SliceThickness": 2,
    "SliceTiming": [
      0,
      0.5425,
      0.1075,
      0.6525,
      0.2175,
      0.7625,
      0.325,
      0.87,
      0.435,
      0,
      0.5425,
      0.1075,
      0.6525,
      0.2175,
      0.7625,
      0.325,
      0.87,
      0.435,
      0,
      0.5425,
      0.1075,
      0.6525,
      0.2175,
      0.7625,
      0.325,
      0.87,
      0.435,
      0,
      0.5425,
      0.1075,
      0.6525,
      0.2175,
      0.7625,
      0.325,
      0.87,
      0.435,
      0,
      0.5425,
      0.1075,
      0.6525,
      0.2175,
      0.7625,
      0.325,
      0.87,
      0.435,
      0,
      0.5425,
      0.1075,
      0.6525,
      0.2175,
      0.7625,
      0.325,
      0.87,
      0.435,
      0,
      0.5425,
      0.1075,
      0.6525,
      0.2175,
      0.7625,
      0.325,
      0.87,
      0.435,
      0,
      0.5425,
      0.1075,
      0.6525,
      0.2175,
      0.7625,
      0.325,
      0.87,
      0.435
    ],
    "SoftwareVersions": "syngo_MR_E11",
    "SpacingBetweenSlices": 2,
    "StationName": "AWP66018",
    "TaskName": "Listen",
    "TotalReadoutTime": 0.0597409,
    "TxRefAmp": 241.568,
    "dataset": "ds004007",
    "modality": "bold",
    "run_id": 1,
    "subject_id": "20",
    "task_id": "listen"
  },
  "dummy_trs": 2,
  "dvars_nstd": 46.27201265520476,
  "dvars_std": 1.036174439196821,
  "dvars_vstd": 1.0052237778648094,
  "efc": 0.5602112574297693,
  "fber": 374.9042663574219,
  "fd_mean": 0.12475018615873422,
  "fd_num": 212,
  "fd_perc": 8.426073131955485,
  "fwhm_avg": 2.9467533333333336,
  "fwhm_x": 2.74296,
  "fwhm_y": 3.1346,
  "fwhm_z": 2.9627,
  "gcor": 0.00614074,
  "gsr_x": -0.007568334694951773,
  "gsr_y": 0.0796380564570427,
  "provenance": {
    "md5sum": "00d78dea0a7c437abe73f94ac01add25",
    "settings": {
      "fd_thres": 0.2,
      "testing": false
    },
    "software": "mriqc",
    "version": "22.0.6",
    "webapi_port": null,
    "webapi_url": "https://mriqc.nimh.nih.gov/api/v1"
  },
  "size_t": 2516,
  "size_x": 104,
  "size_y": 104,
  "size_z": 72,
  "snr": 2.1801937204276887,
  "spacing_tr": 1.0,
  "spacing_x": 2.0,
  "spacing_y": 2.0,
  "spacing_z": 2.0,
  "summary_bg_k": 40.494829034776295,
  "summary_bg_mad": 216.29260630525923,
  "summary_bg_mean": 900.3153686523438,
  "summary_bg_median": 415.737548828125,
  "summary_bg_n": 493969.0,
  "summary_bg_p05": 251.88760681152343,
  "summary_bg_p95": 3326.1895507812474,
  "summary_bg_stdv": 1365.4793701171875,
  "summary_fg_k": 1.6495350755238283,
  "summary_fg_mad": 3409.2698628207536,
  "summary_fg_mean": 8956.2548828125,
  "summary_fg_median": 8257.65625,
  "summary_fg_n": 175716.0,
  "summary_fg_p05": 4246.744873046875,
  "summary_fg_p95": 16111.732421875,
  "summary_fg_stdv": 3787.568359375,
  "tsnr": 27.15561294555664
}