{
  "aor": 0.00017789118347895152,
  "aqi": 0.016036015210484512,
  "bids_meta": {
    "AcquisitionMatrixPE": 104,
    "AcquisitionNumber": 1,
    "AcquisitionTime": "16:59:28.610000",
    "BandwidthPerPixelPhaseEncode": 16.578,
    "BaseResolution": 104,
    "BodyPartExamined": "BRAIN",
    "ConsistencyInfo": "N4_VE11C_LATEST_20160120",
    "ConversionSoftware": "dcm2niix",
    "ConversionSoftwareVersion": "v1.0.20180518 GCC4.8.5",
    "DerivedVendorReportedEchoSpacing": 0.000580009,
    "DeviceSerialNumber": "66018",
    "DwellTime": 2.1e-06,
    "EchoTime": 0.037,
    "EchoTrainLength": 104,
    "EffectiveEchoSpacing": 0.000580009,
    "FlipAngle": 60,
    "ImageComments": "Unaliased_MB8_PE3_LB",
    "ImageOrientationPatientDICOM": [
      1,
      0,
      0,
      0,
      1,
      0
    ],
    "ImageType": [
      "ORIGINAL",
      "PRIMARY",
      "M",
      "MB",
      "ND",
      "MOSAIC"
    ],
    "InPlanePhaseEncodingDirectionDICOM": "COL",
    "InstitutionAddress": "Stadium_1952_Princeton_NJ_US_08544",
    "InstitutionName": "Princeton_University",
    "InstitutionalDepartmentName": "NeuroScience",
    "MRAcquisitionType": "2D",
    "MagneticFieldStrength": 3,
    "Manufacturer": "Siemens",
    "ManufacturersModelName": "Prisma",
    "Modality": "MR",
    "MultibandAccelerationFactor": 8,
    "PartialFourier": 1,
    "PatientPosition": "HFS",
    "PercentPhaseFOV": 100,
    "PhaseEncodingDirection": "j-",
    "PhaseEncodingSteps": 104,
    "PhaseResolution": 1,
    "PixelBandwidth": 2290,
    "ProcedureStepDescription": "Norman_jamal",
    "ProtocolName": "BOLD_Minn_SMS8_2.0mm",
    "PulseSequenceDetails": "%CustomerSeq%_cmrr_mbep2d_bold",
    "ReceiveCoilActiveElements": "HC1-7;NC1",
    "ReceiveCoilName": "HeadNeck_64",
    "ReconMatrixPE": 104,
    "RepetitionTime": 1,
    "SAR": 0.0697048,
    "ScanOptions": "FS",
    "ScanningSequence": "EP",
    "SequenceName": "epfid2d1_104",
    "SequenceVariant": "SK_SS",
    "SeriesDescription": "BOLD_Minn_SMS8_2.0mm",
    "SeriesNumber": 6,
    "ShimSetting": [
      749,
      534,
      2044,
      566,
      -147,
      103,
      152,
      22
    ],
    "SliceThickness": 2,
    "SliceTiming": [
      0,
      0.545,
      0.1075,
      0.6525,
      0.2175,
      0.7625,
      0.3275,
      0.87,
      0.435,
      0,
      0.545,
      0.1075,
      0.6525,
      0.2175,
      0.7625,
      0.3275,
      0.87,
      0.435,
      0,
      0.545,
      0.1075,
      0.6525,
      0.2175,
      0.7625,
      0.3275,
      0.87,
      0.435,
      0,
      0.545,
      0.1075,
      0.6525,
      0.2175,
      0.7625,
      0.3275,
      0.87,
      0.435,
      0,
      0.545,
      0.1075,
      0.6525,
      0.2175,
      0.7625,
      0.3275,
      0.87,
      0.435,
      0,
      0.545,
      0.1075,
      0.6525,
      0.2175,
      0.7625,
      0.3275,
      0.87,
      0.435,
      0,
      0.545,
      0.1075,
      0.6525,
      0.2175,
      0.7625,
      0.3275,
      0.87,
      0.435,
      0,
      0.545,
      0.1075,
      0.6525,
      0.2175,
      0.7625,
      0.3275,
      0.87,
      0.435
    ],
    "SoftwareVersions": "syngo_MR_E11",
    "SpacingBetweenSlices": 2,
    "StationName": "AWP66018",
    "TaskName": "Listen",
    "TotalReadoutTime": 0.0597409,
    "TxRefAmp": 241.568,
    "dataset": "ds004007",
    "modality": "bold",
    "run_id": 2,
    "subject_id": "20",
    "task_id": "listen"
  },
  "dummy_trs": 0,
  "dvars_nstd": 54.36720261951533,
  "dvars_std": 1.0472479407548674,
  "dvars_vstd": 0.9638530767063951,
  "efc": 0.5629411412789823,
  "fber": 355.8216857910156,
  "fd_mean": 0.14816330722650886,
  "fd_num": 518,
  "fd_perc": 20.57188244638602,
  "fwhm_avg": 2.9919966666666666,
  "fwhm_x": 2.76132,
  "fwhm_y": 3.185965,
  "fwhm_z": 3.028705,
  "gcor": 0.00583862,
  "gsr_x": -0.0035922841634601355,
  "gsr_y": 0.07084131985902786,
  "provenance": {
    "md5sum": "554b80e3e85edf5a63b0a53a007c37d1",
    "settings": {
      "fd_thres": 0.2,
      "testing": false
    },
    "software": "mriqc",
    "version": "22.0.6",
    "webapi_port": null,
    "webapi_url": "https://mriqc.nimh.nih.gov/api/v1"
  },
  "size_t": 2518,
  "size_x": 104,
  "size_y": 104,
  "size_z": 72,
  "snr": 2.1733040785323734,
  "spacing_tr": 1.0,
  "spacing_x": 2.0,
  "spacing_y": 2.0,
  "spacing_z": 2.0,
  "summary_bg_k": 43.30425553324663,
  "summary_bg_mad": 223.85854694791385,
  "summary_bg_mean": 899.40625,
  "summary_bg_median": 423.0018005371094,
  "summary_bg_n": 490070.0,
  "summary_bg_p05": 251.53971405029296,
  "summary_bg_p95": 3308.782336425781,
  "summary_bg_stdv": 1330.6268310546875,
  "summary_fg_k": 1.742436062582497,
  "summary_fg_mad": 3401.784097078343,
  "summary_fg_mean": 8947.8876953125,
  "summary_fg_median": 8242.919921875,
  "summary_fg_n": 177274.0,
  "summary_fg_p05": 4256.89326171875,
  "summary_fg_p95": 16113.711669921875,
  "summary_fg_stdv": 3792.794921875,
  "tsnr": 22.73506736755371
}