{
  "aor": 0.00020794922649742162,
  "aqi": 0.0159185022689409,
  "bids_meta": {
    "AcquisitionMatrixPE": 104,
    "AcquisitionNumber": 1,
    "AcquisitionTime": "10:47:21.480000",
    "BandwidthPerPixelPhaseEncode": 16.578,
    "BaseResolution": 104,
    "BodyPartExamined": "BRAIN",
    "ConsistencyInfo": "N4_VE11C_LATEST_20160120",
    "ConversionSoftware": "dcm2niix",
    "ConversionSoftwareVersion": "v1.0.20180518 GCC4.8.5",
    "DerivedVendorReportedEchoSpacing": 0.000580009,
    "DeviceSerialNumber": "66018",
    "DwellTime": 2.1e-06,
    "EchoTime": 0.037,
    "EchoTrainLength": 104,
    "EffectiveEchoSpacing": 0.000580009,
    "FlipAngle": 60,
    "ImageComments": "Unaliased_MB8_PE3_LB",
    "ImageOrientationPatientDICOM": [
      1,
      0,
      0,
      0,
      1,
      0
    ],
    "ImageType": [
      "ORIGINAL",
      "PRIMARY",
      "M",
      "MB",
      "ND",
      "MOSAIC"
    ],
    "InPlanePhaseEncodingDirectionDICOM": "COL",
    "InstitutionAddress": "Stadium_1952_Princeton_NJ_US_08544",
    "InstitutionName": "Princeton_University",
    "InstitutionalDepartmentName": "NeuroScience",
    "MRAcquisitionType": "2D",
    "MagneticFieldStrength": 3,
    "Manufacturer": "Siemens",
    "ManufacturersModelName": "Prisma",
    "Modality": "MR",
    "MultibandAccelerationFactor": 8,
    "PartialFourier": 1,
    "PatientPosition": "HFS",
    "PercentPhaseFOV": 100,
    "PhaseEncodingDirection": "j-",
    "PhaseEncodingSteps": 104,
    "PhaseResolution": 1,
    "PixelBandwidth": 2290,
    "ProcedureStepDescription": "Norman_jamal",
    "ProtocolName": "BOLD_Minn_SMS8_2.0mm",
    "PulseSequenceDetails": "%CustomerSeq%_cmrr_mbep2d_bold",
    "ReceiveCoilActiveElements": "HC1-7;NC1",
    "ReceiveCoilName": "HeadNeck_64",
    "ReconMatrixPE": 104,
    "RepetitionTime": 1,
    "SAR": 0.0778782,
    "ScanOptions": "FS",
    "ScanningSequence": "EP",
    "SequenceName": "epfid2d1_104",
    "SequenceVariant": "SK_SS",
    "SeriesDescription": "BOLD_Minn_SMS8_2.0mm",
    "SeriesNumber": 4,
    "ShimSetting": [
      767,
      544,
      2147,
      840,
      -105,
      82,
      202,
      45
    ],
    "SliceThickness": 2,
    "SliceTiming": [
      0,
      0.5425,
      0.1075,
      0.6525,
      0.2175,
      0.7625,
      0.325,
      0.87,
      0.435,
      0,
      0.5425,
      0.1075,
      0.6525,
      0.2175,
      0.7625,
      0.325,
      0.87,
      0.435,
      0,
      0.5425,
      0.1075,
      0.6525,
      0.2175,
      0.7625,
      0.325,
      0.87,
      0.435,
      0,
      0.5425,
      0.1075,
      0.6525,
      0.2175,
      0.7625,
      0.325,
      0.87,
      0.435,
      0,
      0.5425,
      0.1075,
      0.6525,
      0.2175,
      0.7625,
      0.325,
      0.87,
      0.435,
      0,
      0.5425,
      0.1075,
      0.6525,
      0.2175,
      0.7625,
      0.325,
      0.87,
      0.435,
      0,
      0.5425,
      0.1075,
      0.6525,
      0.2175,
      0.7625,
      0.325,
      0.87,
      0.435,
      0,
      0.5425,
      0.1075,
      0.6525,
      0.2175,
      0.7625,
      0.325,
      0.87,
      0.435
    ],
    "SoftwareVersions": "syngo_MR_E11",
    "SpacingBetweenSlices": 2,
    "StationName": "AWP66018",
    "TaskName": "Listen",
    "TotalReadoutTime": 0.0597409,
    "TxRefAmp": 233.846,
    "dataset": "ds004007",
    "modality": "bold",
    "run_id": 1,
    "subject_id": "17",
    "task_id": "listen"
  },
  "dummy_trs": 0,
  "dvars_nstd": 40.51667828784118,
  "dvars_std": 0.9818356142182549,
  "dvars_vstd": 0.9674395148412707,
  "efc": 0.5254820836363684,
  "fber": 614.7264404296875,
  "fd_mean": 0.13588498126032172,
  "fd_num": 446,
  "fd_perc": 17.691392304641017,
  "fwhm_avg": 3.232165,
  "fwhm_x": 3.03118,
  "fwhm_y": 3.48176,
  "fwhm_z": 3.183555,
  "gcor": 0.0194219,
  "gsr_x": -0.014360273256897926,
  "gsr_y": 0.11546827852725983,
  "provenance": {
    "md5sum": "526d274abbda746d6e535e821b4f5b66",
    "settings": {
      "fd_thres": 0.2,
      "testing": false
    },
    "software": "mriqc",
    "version": "22.0.6",
    "webapi_port": null,
    "webapi_url": "https://mriqc.nimh.nih.gov/api/v1"
  },
  "size_t": 2521,
  "size_x": 104,
  "size_y": 104,
  "size_z": 72,
  "snr": 2.077851244165132,
  "spacing_tr": 1.0,
  "spacing_x": 2.0,
  "spacing_y": 2.0,
  "spacing_z": 2.0,
  "summary_bg_k": 27.802020142658648,
  "summary_bg_mad": 129.12711760563275,
  "summary_bg_mean": 787.061767578125,
  "summary_bg_median": 339.9393310546875,
  "summary_bg_n": 515554.0,
  "summary_bg_p05": 233.1508415222168,
  "summary_bg_p95": 3137.221423339836,
  "summary_bg_stdv": 1255.10888671875,
  "summary_fg_k": 2.2059509522792844,
  "summary_fg_mad": 3680.709860301109,
  "summary_fg_mean": 9444.4482421875,
  "summary_fg_median": 8676.216796875,
  "summary_fg_n": 159620.0,
  "summary_fg_p05": 4286.6663818359375,
  "summary_fg_p95": 17251.797460937498,
  "summary_fg_stdv": 4175.55859375,
  "tsnr": 22.37235450744629
}