{
  "bids_meta": {
    "AcquisitionMatrixPE": 256,
    "AcquisitionNumber": 1,
    "AcquisitionTime": "17:37:43.875000",
    "BaseResolution": 256,
    "BodyPartExamined": "BRAIN",
    "ConsistencyInfo": "N4_VE11C_LATEST_20160120",
    "ConversionSoftware": "dcm2niix",
    "ConversionSoftwareVersion": "v1.0.20180518 GCC4.8.5",
    "DeviceSerialNumber": "66018",
    "DwellTime": 8.1e-06,
    "EchoTime": 0.00288,
    "FlipAngle": 9,
    "ImageOrientationPatientDICOM": [
      0,
      1,
      0,
      0,
      0,
      -1
    ],
    "ImageType": [
      "ORIGINAL",
      "PRIMARY",
      "M",
      "ND",
      "NORM"
    ],
    "InPlanePhaseEncodingDirectionDICOM": "ROW",
    "InstitutionAddress": "Stadium_1952_Princeton_NJ_US_08544",
    "InstitutionName": "Princeton_University",
    "InstitutionalDepartmentName": "NeuroScience",
    "InversionTime": 0.9,
    "MRAcquisitionType": "3D",
    "MagneticFieldStrength": 3,
    "Manufacturer": "Siemens",
    "ManufacturersModelName": "Prisma",
    "Modality": "MR",
    "ParallelReductionFactorInPlane": 2,
    "PartialFourier": 1,
    "PatientPosition": "HFS",
    "PercentPhaseFOV": 100,
    "PhaseEncodingSteps": 255,
    "PhaseResolution": 1,
    "PixelBandwidth": 240,
    "ProcedureStepDescription": "Norman_jamal",
    "ProtocolName": "T1w_MPR_IP2_1.0mm",
    "PulseSequenceDetails": "%SiemensSeq%_tfl",
    "ReceiveCoilActiveElements": "HC1-7;NC1",
    "ReceiveCoilName": "HeadNeck_64",
    "ReconMatrixPE": 256,
    "RepetitionTime": 2.3,
    "SAR": 0.045661,
    "ScanOptions": "IR",
    "ScanningSequence": "GR_IR",
    "SequenceName": "_tfl3d1_16ns",
    "SequenceVariant": "SK_SP_MP",
    "SeriesDescription": "T1w_MPR_IP2_1.0mm",
    "SeriesNumber": 2,
    "ShimSetting": [
      751,
      465,
      2040,
      321,
      -59,
      -232,
      233,
      39
    ],
    "SliceThickness": 1,
    "SoftwareVersions": "syngo_MR_E11",
    "StationName": "AWP66018",
    "TxRefAmp": 219.022,
    "dataset": "ds004007",
    "modality": "T1w",
    "subject_id": "12"
  },
  "cjv": 0.36973310275851334,
  "cnr": 3.6561710532813487,
  "efc": 0.5334518334534832,
  "fber": 10657.444439439665,
  "fwhm_avg": 3.6556666666666664,
  "fwhm_x": 3.65646,
  "fwhm_y": 3.84533,
  "fwhm_z": 3.46521,
  "icvs_csf": 0.23857276080976858,
  "icvs_gm": 0.41892713314270197,
  "icvs_wm": 0.34250010604752945,
  "inu_med": 0.6149875521659851,
  "inu_range": 0.2324533879756927,
  "provenance": {
    "md5sum": "eadf9b27324d2427c2e986d95880eb8c",
    "settings": {
      "testing": false
    },
    "software": "mriqc",
    "version": "22.0.6",
    "warnings": {
      "large_rot_frame": true,
      "small_air_mask": false
    },
    "webapi_port": null,
    "webapi_url": "https://mriqc.nimh.nih.gov/api/v1"
  },
  "qi_1": 0.0,
  "qi_2": 0.0007774392451061157,
  "rpve_csf": 20.763223417962724,
  "rpve_gm": 11.899130558603533,
  "rpve_wm": 17.138898155115132,
  "size_x": 176,
  "size_y": 256,
  "size_z": 256,
  "snr_csf": 1.6773054232566003,
  "snr_gm": 8.295605124911134,
  "snr_total": 9.946739567409232,
  "snr_wm": 19.86730815405996,
  "snrd_csf": 14.562854928163235,
  "snrd_gm": 47.82009145992851,
  "snrd_total": 45.10094633468984,
  "snrd_wm": 72.91989261597777,
  "spacing_x": 1.0,
  "spacing_y": 1.0,
  "spacing_z": 1.0,
  "summary_bg_k": 13.42165713597809,
  "summary_bg_mad": 0.0,
  "summary_bg_mean": 5.562394683427595,
  "summary_bg_median": 0.0,
  "summary_bg_n": 3017488.0,
  "summary_bg_p05": 0.0,
  "summary_bg_p95": 23.13197512552142,
  "summary_bg_stdv": 8.984330027231325,
  "summary_csf_k": 0.559619617879386,
  "summary_csf_mad": 115.45526011976507,
  "summary_csf_mean": 217.0622095679717,
  "summary_csf_median": 199.71031194925308,
  "summary_csf_n": 42012.0,
  "summary_csf_p05": 53.08000185340643,
  "summary_csf_p95": 440.42130430284874,
  "summary_csf_stdv": 119.06474059014367,
  "summary_gm_k": 0.09864584367363793,
  "summary_gm_mad": 78.8860065041502,
  "summary_gm_mean": 654.8924878318509,
  "summary_gm_median": 655.7893647924066,
  "summary_gm_n": 27322.0,
  "summary_gm_p05": 524.4099701568484,
  "summary_gm_p95": 784.1867368519306,
  "summary_gm_stdv": 79.0511787488951,
  "summary_wm_k": 0.3837727333214396,
  "summary_wm_mad": 48.38004882480308,
  "summary_wm_mean": 999.3172395200946,
  "summary_wm_median": 999.9999707117677,
  "summary_wm_n": 207056.0,
  "summary_wm_p05": 915.5661314874887,
  "summary_wm_p95": 1080.2163780070841,
  "summary_wm_stdv": 50.33382218410464,
  "tpm_overlap_csf": 0.16141393983875546,
  "tpm_overlap_gm": 0.4666900524682686,
  "tpm_overlap_wm": 0.5290572194194144,
  "wm2max": 0.44206323798045233
}