{
  "bids_meta": {
    "AcquisitionMatrixPE": 256,
    "AcquisitionNumber": 1,
    "AcquisitionTime": "19:55:19.225000",
    "BaseResolution": 256,
    "BodyPartExamined": "BRAIN",
    "ConsistencyInfo": "N4_VE11C_LATEST_20160120",
    "ConversionSoftware": "dcm2niix",
    "ConversionSoftwareVersion": "v1.0.20180518 GCC4.8.5",
    "DeviceSerialNumber": "66018",
    "DwellTime": 8.1e-06,
    "EchoTime": 0.00288,
    "FlipAngle": 9,
    "ImageOrientationPatientDICOM": [
      0,
      1,
      0,
      0,
      0,
      -1
    ],
    "ImageType": [
      "ORIGINAL",
      "PRIMARY",
      "M",
      "ND",
      "NORM"
    ],
    "InPlanePhaseEncodingDirectionDICOM": "ROW",
    "InstitutionAddress": "Stadium_1952_Princeton_NJ_US_08544",
    "InstitutionName": "Princeton_University",
    "InstitutionalDepartmentName": "NeuroScience",
    "InversionTime": 0.9,
    "MRAcquisitionType": "3D",
    "MagneticFieldStrength": 3,
    "Manufacturer": "Siemens",
    "ManufacturersModelName": "Prisma",
    "Modality": "MR",
    "ParallelReductionFactorInPlane": 2,
    "PartialFourier": 1,
    "PatientPosition": "HFS",
    "PercentPhaseFOV": 100,
    "PhaseEncodingSteps": 255,
    "PhaseResolution": 1,
    "PixelBandwidth": 240,
    "ProcedureStepDescription": "Norman_jamal",
    "ProtocolName": "T1w_MPR_IP2_1.0mm",
    "PulseSequenceDetails": "%SiemensSeq%_tfl",
    "ReceiveCoilActiveElements": "HC1-7;NC1",
    "ReceiveCoilName": "HeadNeck_64",
    "ReconMatrixPE": 256,
    "RepetitionTime": 2.3,
    "SAR": 0.0578769,
    "ScanOptions": "IR",
    "ScanningSequence": "GR_IR",
    "SequenceName": "_tfl3d1_16ns",
    "SequenceVariant": "SK_SP_MP",
    "SeriesDescription": "T1w_MPR_IP2_1.0mm",
    "SeriesNumber": 8,
    "ShimSetting": [
      729,
      532,
      2031,
      350,
      -77,
      -389,
      242,
      7
    ],
    "SliceThickness": 1,
    "SoftwareVersions": "syngo_MR_E11",
    "StationName": "AWP66018",
    "TxRefAmp": 249.875,
    "dataset": "ds004007",
    "modality": "T1w",
    "subject_id": "05"
  },
  "cjv": 0.37024201171691973,
  "cnr": 3.6345222989356905,
  "efc": 0.5098613883581362,
  "fber": 13897.580544,
  "fwhm_avg": 3.763083333333334,
  "fwhm_x": 3.8357,
  "fwhm_y": 3.95741,
  "fwhm_z": 3.49614,
  "icvs_csf": 0.21294348725535708,
  "icvs_gm": 0.42712059794364204,
  "icvs_wm": 0.3599359148010009,
  "inu_med": 0.5731984078884125,
  "inu_range": 0.21324805319309237,
  "provenance": {
    "md5sum": "9f50fe0dc6f2bb8a83723ef8e7086a12",
    "settings": {
      "testing": false
    },
    "software": "mriqc",
    "version": "22.0.6",
    "warnings": {
      "large_rot_frame": true,
      "small_air_mask": false
    },
    "webapi_port": null,
    "webapi_url": "https://mriqc.nimh.nih.gov/api/v1"
  },
  "qi_1": 3.7577427190684705e-05,
  "qi_2": 0.0010171072298328354,
  "rpve_csf": 25.64542142901895,
  "rpve_gm": 13.190709609881896,
  "rpve_wm": 18.0087755541277,
  "size_x": 176,
  "size_y": 256,
  "size_z": 256,
  "snr_csf": 1.3973293446639656,
  "snr_gm": 8.53977713118305,
  "snr_total": 10.226589509950896,
  "snr_wm": 20.742662054005674,
  "snrd_csf": 14.292794037568818,
  "snrd_gm": 57.54939771951455,
  "snrd_total": 52.762572455493135,
  "snrd_wm": 86.44552560939603,
  "spacing_x": 1.0,
  "spacing_y": 1.0,
  "spacing_z": 1.0,
  "summary_bg_k": 13.29932305078406,
  "summary_bg_mad": 0.0,
  "summary_bg_mean": 4.241080406872802,
  "summary_bg_median": 0.0,
  "summary_bg_n": 3850259.0,
  "summary_bg_p05": 0.0,
  "summary_bg_p95": 19.38930567726493,
  "summary_bg_stdv": 7.578603823737759,
  "summary_csf_k": 0.6923658268076629,
  "summary_csf_mad": 108.7728688516561,
  "summary_csf_mean": 193.74240311315188,
  "summary_csf_median": 165.33873487263918,
  "summary_csf_n": 41314.0,
  "summary_csf_p05": 48.127849008888006,
  "summary_csf_p95": 425.79790319073936,
  "summary_csf_stdv": 118.32338202200845,
  "summary_gm_k": -0.07179383344969326,
  "summary_gm_mad": 77.94364707731665,
  "summary_gm_mean": 667.5465818084774,
  "summary_gm_median": 665.7301984913647,
  "summary_gm_n": 32332.0,
  "summary_gm_p05": 541.8412857316434,
  "summary_gm_p95": 799.4956827534361,
  "summary_gm_stdv": 77.95518465692138,
  "summary_wm_k": 0.5431982418358348,
  "summary_wm_mad": 45.817071562750314,
  "summary_wm_mean": 999.4320461685194,
  "summary_wm_median": 999.999986153096,
  "summary_wm_n": 201540.0,
  "summary_wm_p05": 919.7231945598498,
  "summary_wm_p95": 1076.9584892094135,
  "summary_wm_stdv": 48.20969953853383,
  "tpm_overlap_csf": 0.1425169931188541,
  "tpm_overlap_gm": 0.4623792912167235,
  "tpm_overlap_wm": 0.5160287099182084,
  "wm2max": 0.4432234632249987
}