{
  "bids_meta": {
    "AcquisitionMatrixPE": 256,
    "AcquisitionNumber": 1,
    "AcquisitionTime": "16:10:59.790000",
    "BaseResolution": 256,
    "BodyPartExamined": "BRAIN",
    "ConsistencyInfo": "N4_VE11C_LATEST_20160120",
    "ConversionSoftware": "dcm2niix",
    "ConversionSoftwareVersion": "v1.0.20180518 GCC4.8.5",
    "DeviceSerialNumber": "66018",
    "DwellTime": 8.1e-06,
    "EchoTime": 0.00288,
    "FlipAngle": 9,
    "ImageOrientationPatientDICOM": [
      0,
      1,
      0,
      0,
      0,
      -1
    ],
    "ImageType": [
      "ORIGINAL",
      "PRIMARY",
      "M",
      "ND",
      "NORM"
    ],
    "InPlanePhaseEncodingDirectionDICOM": "ROW",
    "InstitutionAddress": "Stadium_1952_Princeton_NJ_US_08544",
    "InstitutionName": "Princeton_University",
    "InstitutionalDepartmentName": "NeuroScience",
    "InversionTime": 0.9,
    "MRAcquisitionType": "3D",
    "MagneticFieldStrength": 3,
    "Manufacturer": "Siemens",
    "ManufacturersModelName": "Prisma",
    "Modality": "MR",
    "ParallelReductionFactorInPlane": 2,
    "PartialFourier": 1,
    "PatientPosition": "HFS",
    "PercentPhaseFOV": 100,
    "PhaseEncodingSteps": 255,
    "PhaseResolution": 1,
    "PixelBandwidth": 240,
    "ProcedureStepDescription": "Norman_jamal",
    "ProtocolName": "T1w_MPR_IP2_1.0mm",
    "PulseSequenceDetails": "%SiemensSeq%_tfl",
    "ReceiveCoilActiveElements": "HC1-7;NC1",
    "ReceiveCoilName": "HeadNeck_64",
    "ReconMatrixPE": 256,
    "RepetitionTime": 2.3,
    "SAR": 0.0425057,
    "ScanOptions": "IR",
    "ScanningSequence": "GR_IR",
    "SequenceName": "_tfl3d1_16ns",
    "SequenceVariant": "SK_SP_MP",
    "SeriesDescription": "T1w_MPR_IP2_1.0mm",
    "SeriesNumber": 8,
    "ShimSetting": [
      746,
      570,
      1999,
      471,
      -153,
      -292,
      192,
      42
    ],
    "SliceThickness": 1,
    "SoftwareVersions": "syngo_MR_E11",
    "StationName": "AWP66018",
    "TxRefAmp": 239.073,
    "dataset": "ds004007",
    "modality": "T1w",
    "subject_id": "03"
  },
  "cjv": 0.365839598369561,
  "cnr": 3.6335816488412123,
  "efc": 0.5296530346628338,
  "fber": -1.0,
  "fwhm_avg": 3.53965,
  "fwhm_x": 3.61669,
  "fwhm_y": 3.66939,
  "fwhm_z": 3.33287,
  "icvs_csf": 0.19408614075893305,
  "icvs_gm": 0.4472749700168859,
  "icvs_wm": 0.3586388892241811,
  "inu_med": 0.6050862669944763,
  "inu_range": 0.2490694671869278,
  "provenance": {
    "md5sum": "13ea966d82daf8c02c48b82458ba8ee5",
    "settings": {
      "testing": false
    },
    "software": "mriqc",
    "version": "22.0.6",
    "warnings": {
      "large_rot_frame": true,
      "small_air_mask": false
    },
    "webapi_port": null,
    "webapi_url": "https://mriqc.nimh.nih.gov/api/v1"
  },
  "qi_1": 0.0,
  "qi_2": 0.0011751237602691947,
  "rpve_csf": 22.698495393332433,
  "rpve_gm": 10.778014127201741,
  "rpve_wm": 15.468811925992066,
  "size_x": 176,
  "size_y": 256,
  "size_z": 256,
  "snr_csf": 2.080388474693223,
  "snr_gm": 8.776141882530428,
  "snr_total": 10.261243780723513,
  "snr_wm": 19.92720098494689,
  "snrd_csf": 21.37675856700542,
  "snrd_gm": 66.47369247961764,
  "snrd_total": 62.45882291995347,
  "snrd_wm": 99.52601771323737,
  "spacing_x": 1.0,
  "spacing_y": 1.0,
  "spacing_z": 1.0,
  "summary_bg_k": 13.776577298754873,
  "summary_bg_mad": 0.0,
  "summary_bg_mean": 3.6686470943653973,
  "summary_bg_median": 0.0,
  "summary_bg_n": 3893870.0,
  "summary_bg_p05": 0.0,
  "summary_bg_p95": 16.871379137039185,
  "summary_bg_stdv": 6.582564276546231,
  "summary_csf_k": 1.499110966522096,
  "summary_csf_mad": 85.62328570254941,
  "summary_csf_mean": 230.10655700834383,
  "summary_csf_median": 214.7856343984604,
  "summary_csf_n": 39304.0,
  "summary_csf_p05": 84.6419478327036,
  "summary_csf_p95": 431.36501157879815,
  "summary_csf_stdv": 103.2417284705429,
  "summary_gm_k": 0.03343366576326634,
  "summary_gm_mad": 74.28472860710747,
  "summary_gm_mean": 667.8292489935187,
  "summary_gm_median": 667.9026740789413,
  "summary_gm_n": 42135.0,
  "summary_gm_p05": 540.718431353569,
  "summary_gm_p95": 792.769419670105,
  "summary_gm_stdv": 76.10345835619562,
  "summary_wm_k": 0.5754129332879754,
  "summary_wm_mad": 47.209628633749155,
  "summary_wm_mean": 1000.0748644260362,
  "summary_wm_median": 1000.0000134110451,
  "summary_wm_n": 227529.0,
  "summary_wm_p05": 918.0996646881104,
  "summary_wm_p95": 1082.224811732769,
  "summary_wm_stdv": 50.18255281521626,
  "tpm_overlap_csf": 0.16610300274476777,
  "tpm_overlap_gm": 0.4511630335555541,
  "tpm_overlap_wm": 0.5003623433566665,
  "wm2max": 0.42907998886281373
}