{
  "bids_meta": {
    "AcquisitionMatrixPE": 256,
    "AcquisitionNumber": 1,
    "AcquisitionTime": "18:38:35.770000",
    "BaseResolution": 256,
    "BodyPartExamined": "BRAIN",
    "ConsistencyInfo": "N4_VE11C_LATEST_20160120",
    "ConversionSoftware": "dcm2niix",
    "ConversionSoftwareVersion": "v1.0.20180518 GCC4.8.5",
    "DeviceSerialNumber": "66018",
    "DwellTime": 8.1e-06,
    "EchoTime": 0.00288,
    "FlipAngle": 9,
    "ImageOrientationPatientDICOM": [
      0,
      1,
      0,
      0,
      0,
      -1
    ],
    "ImageType": [
      "ORIGINAL",
      "PRIMARY",
      "M",
      "ND",
      "NORM"
    ],
    "InPlanePhaseEncodingDirectionDICOM": "ROW",
    "InstitutionAddress": "Stadium_1952_Princeton_NJ_US_08544",
    "InstitutionName": "Princeton_University",
    "InstitutionalDepartmentName": "NeuroScience",
    "InversionTime": 0.9,
    "MRAcquisitionType": "3D",
    "MagneticFieldStrength": 3,
    "Manufacturer": "Siemens",
    "ManufacturersModelName": "Prisma",
    "Modality": "MR",
    "ParallelReductionFactorInPlane": 2,
    "PartialFourier": 1,
    "PatientPosition": "HFS",
    "PercentPhaseFOV": 100,
    "PhaseEncodingSteps": 255,
    "PhaseResolution": 1,
    "PixelBandwidth": 240,
    "ProcedureStepDescription": "Norman_jamal",
    "ProtocolName": "T1w_MPR_IP2_1.0mm",
    "PulseSequenceDetails": "%SiemensSeq%_tfl",
    "ReceiveCoilActiveElements": "HC1-7;NC1",
    "ReceiveCoilName": "HeadNeck_64",
    "ReconMatrixPE": 256,
    "RepetitionTime": 2.3,
    "SAR": 0.0545083,
    "ScanOptions": "IR",
    "ScanningSequence": "GR_IR",
    "SequenceName": "_tfl3d1_16ns",
    "SequenceVariant": "SK_SP_MP",
    "SeriesDescription": "T1w_MPR_IP2_1.0mm",
    "SeriesNumber": 2,
    "ShimSetting": [
      755,
      509,
      2039,
      358,
      -181,
      -264,
      307,
      59
    ],
    "SliceThickness": 1,
    "SoftwareVersions": "syngo_MR_E11",
    "StationName": "AWP66018",
    "TxRefAmp": 250.268,
    "dataset": "ds004007",
    "modality": "T1w",
    "subject_id": "16"
  },
  "cjv": 0.3759806128189281,
  "cnr": 3.5200633537951362,
  "efc": 0.5409770587732812,
  "fber": 13857.316871537398,
  "fwhm_avg": 3.605916666666667,
  "fwhm_x": 3.64568,
  "fwhm_y": 3.77568,
  "fwhm_z": 3.39639,
  "icvs_csf": 0.20759125285347904,
  "icvs_gm": 0.43349227211121644,
  "icvs_wm": 0.3589164750353045,
  "inu_med": 0.6983546614646912,
  "inu_range": 0.308257520198822,
  "provenance": {
    "md5sum": "6f387cf3ddbe860c6c78acbcc73cf48f",
    "settings": {
      "testing": false
    },
    "software": "mriqc",
    "version": "22.0.6",
    "warnings": {
      "large_rot_frame": true,
      "small_air_mask": false
    },
    "webapi_port": null,
    "webapi_url": "https://mriqc.nimh.nih.gov/api/v1"
  },
  "qi_1": 0.0,
  "qi_2": 0.0007723306835529608,
  "rpve_csf": 23.81203073216704,
  "rpve_gm": 12.003930067817699,
  "rpve_wm": 16.83169296112046,
  "size_x": 176,
  "size_y": 256,
  "size_z": 256,
  "snr_csf": 1.9982214626949701,
  "snr_gm": 8.87861300592242,
  "snr_total": 9.123440924791145,
  "snr_wm": 16.493488305756042,
  "snrd_csf": 12.542501734742252,
  "snrd_gm": 34.096160225098494,
  "snrd_total": 32.778434226060874,
  "snrd_wm": 51.69664071834186,
  "spacing_x": 1.0,
  "spacing_y": 1.0,
  "spacing_z": 1.0,
  "summary_bg_k": 27.561568910007882,
  "summary_bg_mad": 0.0,
  "summary_bg_mean": 6.514665477751424,
  "summary_bg_median": 0.0,
  "summary_bg_n": 3466200.0,
  "summary_bg_p05": 0.0,
  "summary_bg_p95": 28.327180691063404,
  "summary_bg_stdv": 12.673199718556639,
  "summary_csf_k": 0.6505260927784486,
  "summary_csf_mad": 115.50874016164911,
  "summary_csf_mean": 256.0608434173957,
  "summary_csf_median": 242.62677124142647,
  "summary_csf_n": 27919.0,
  "summary_csf_p05": 78.32912323325873,
  "summary_csf_p95": 477.7928858399391,
  "summary_csf_stdv": 121.41918728285708,
  "summary_gm_k": 0.13857485118511637,
  "summary_gm_mad": 72.18576130800317,
  "summary_gm_mean": 659.657174076713,
  "summary_gm_median": 659.5686763375998,
  "summary_gm_n": 28120.0,
  "summary_gm_p05": 536.8913894243539,
  "summary_gm_p95": 782.9453998111188,
  "summary_gm_stdv": 74.28603409598878,
  "summary_wm_k": 0.7459098894409686,
  "summary_wm_mad": 55.824423549445385,
  "summary_wm_mean": 1002.2514399029471,
  "summary_wm_median": 1000.0388508439064,
  "summary_wm_n": 211182.0,
  "summary_wm_p05": 907.208076260984,
  "summary_wm_p95": 1105.6149138584733,
  "summary_wm_stdv": 60.632200089176344,
  "tpm_overlap_csf": 0.1622292210999653,
  "tpm_overlap_gm": 0.46569266111619745,
  "tpm_overlap_wm": 0.5132785472710016,
  "wm2max": 0.4642317139653565
}