{
  "aor": 0.0010561040508339954,
  "aqi": 0.015403243919777602,
  "bids_meta": {
    "AcquisitionMatrixPE": 104,
    "AcquisitionNumber": 1,
    "AcquisitionTime": "11:30:3.447500",
    "BandwidthPerPixelPhaseEncode": 16.578,
    "BaseResolution": 104,
    "BodyPartExamined": "BRAIN",
    "ConsistencyInfo": "N4_VE11C_LATEST_20160120",
    "ConversionSoftware": "dcm2niix",
    "ConversionSoftwareVersion": "v1.0.20180518 GCC4.8.5",
    "DerivedVendorReportedEchoSpacing": 0.000580009,
    "DeviceSerialNumber": "66018",
    "DwellTime": 2.1e-06,
    "EchoTime": 0.037,
    "EchoTrainLength": 104,
    "EffectiveEchoSpacing": 0.000580009,
    "FlipAngle": 60,
    "ImageComments": "Unaliased_MB8_PE3_LB",
    "ImageOrientationPatientDICOM": [
      1,
      0,
      0,
      0,
      1,
      0
    ],
    "ImageType": [
      "ORIGINAL",
      "PRIMARY",
      "M",
      "MB",
      "ND",
      "MOSAIC"
    ],
    "InPlanePhaseEncodingDirectionDICOM": "COL",
    "InstitutionAddress": "Stadium_1952_Princeton_NJ_US_08544",
    "InstitutionName": "Princeton_University",
    "InstitutionalDepartmentName": "NeuroScience",
    "MRAcquisitionType": "2D",
    "MagneticFieldStrength": 3,
    "Manufacturer": "Siemens",
    "ManufacturersModelName": "Prisma",
    "Modality": "MR",
    "MultibandAccelerationFactor": 8,
    "PartialFourier": 1,
    "PatientPosition": "HFS",
    "PercentPhaseFOV": 100,
    "PhaseEncodingDirection": "j-",
    "PhaseEncodingSteps": 104,
    "PhaseResolution": 1,
    "PixelBandwidth": 2290,
    "ProcedureStepDescription": "Norman_jamal",
    "ProtocolName": "BOLD_Minn_SMS8_2.0mm",
    "PulseSequenceDetails": "%CustomerSeq%_cmrr_mbep2d_bold",
    "ReceiveCoilActiveElements": "HC1-7;NC1",
    "ReceiveCoilName": "HeadNeck_64",
    "ReconMatrixPE": 104,
    "RepetitionTime": 1,
    "SAR": 0.0819356,
    "ScanOptions": "FS",
    "ScanningSequence": "EP",
    "SequenceName": "epfid2d1_104",
    "SequenceVariant": "SK_SS",
    "SeriesDescription": "BOLD_Minn_SMS8_2.0mm",
    "SeriesNumber": 4,
    "ShimSetting": [
      753,
      498,
      2039,
      309,
      -141,
      -192,
      142,
      38
    ],
    "SliceThickness": 2,
    "SliceTiming": [
      0,
      0.5425,
      0.1075,
      0.6525,
      0.2175,
      0.76,
      0.325,
      0.87,
      0.435,
      0,
      0.5425,
      0.1075,
      0.6525,
      0.2175,
      0.76,
      0.325,
      0.87,
      0.435,
      0,
      0.5425,
      0.1075,
      0.6525,
      0.2175,
      0.76,
      0.325,
      0.87,
      0.435,
      0,
      0.5425,
      0.1075,
      0.6525,
      0.2175,
      0.76,
      0.325,
      0.87,
      0.435,
      0,
      0.5425,
      0.1075,
      0.6525,
      0.2175,
      0.76,
      0.325,
      0.87,
      0.435,
      0,
      0.5425,
      0.1075,
      0.6525,
      0.2175,
      0.76,
      0.325,
      0.87,
      0.435,
      0,
      0.5425,
      0.1075,
      0.6525,
      0.2175,
      0.76,
      0.325,
      0.87,
      0.435,
      0,
      0.5425,
      0.1075,
      0.6525,
      0.2175,
      0.76,
      0.325,
      0.87,
      0.435
    ],
    "SoftwareVersions": "syngo_MR_E11",
    "SpacingBetweenSlices": 2,
    "StationName": "AWP66018",
    "TaskName": "Listen",
    "TotalReadoutTime": 0.0597409,
    "TxRefAmp": 265.486,
    "dataset": "ds004007",
    "modality": "bold",
    "run_id": 1,
    "subject_id": "23",
    "task_id": "listen"
  },
  "dummy_trs": 0,
  "dvars_nstd": 49.397353048478266,
  "dvars_std": 1.0213964065435033,
  "dvars_vstd": 1.204200249332538,
  "efc": 0.5860938422311814,
  "fber": 236.08363342285156,
  "fd_mean": 0.1363474319487551,
  "fd_num": 344,
  "fd_perc": 13.661636219221604,
  "fwhm_avg": 3.1235816666666665,
  "fwhm_x": 2.819455,
  "fwhm_y": 3.3801,
  "fwhm_z": 3.17119,
  "gcor": 0.0087324,
  "gsr_x": -0.010244311764836311,
  "gsr_y": 0.09442249685525894,
  "provenance": {
    "md5sum": "f9d1638a6f517916003e5d2b8497f61b",
    "settings": {
      "fd_thres": 0.2,
      "testing": false
    },
    "software": "mriqc",
    "version": "22.0.6",
    "webapi_port": null,
    "webapi_url": "https://mriqc.nimh.nih.gov/api/v1"
  },
  "size_t": 2518,
  "size_x": 104,
  "size_y": 104,
  "size_z": 72,
  "snr": 1.9787680497438065,
  "spacing_tr": 1.0,
  "spacing_x": 2.0,
  "spacing_y": 2.0,
  "spacing_z": 2.0,
  "summary_bg_k": 38.33397010433584,
  "summary_bg_mad": 278.37490012430715,
  "summary_bg_mean": 1011.8585205078125,
  "summary_bg_median": 473.11846923828125,
  "summary_bg_n": 469911.0,
  "summary_bg_p05": 257.9879150390625,
  "summary_bg_p95": 3595.3431396484375,
  "summary_bg_stdv": 1506.2562255859375,
  "summary_fg_k": 1.5339409602211678,
  "summary_fg_mad": 3369.2171611883027,
  "summary_fg_mean": 8271.224609375,
  "summary_fg_median": 7556.66162109375,
  "summary_fg_n": 194867.0,
  "summary_fg_p05": 3489.6818359375,
  "summary_fg_p95": 15546.568749999999,
  "summary_fg_stdv": 3818.862060546875,
  "tsnr": 21.70142364501953
}