{
  "aor": 0.0006917332805698457,
  "aqi": 0.011924193015433321,
  "bids_meta": {
    "AcquisitionMatrixPE": 104,
    "AcquisitionNumber": 1,
    "AcquisitionTime": "11:31:36.325000",
    "BandwidthPerPixelPhaseEncode": 16.578,
    "BaseResolution": 104,
    "BodyPartExamined": "BRAIN",
    "ConsistencyInfo": "N4_VE11C_LATEST_20160120",
    "ConversionSoftware": "dcm2niix",
    "ConversionSoftwareVersion": "v1.0.20180518 GCC4.8.5",
    "DerivedVendorReportedEchoSpacing": 0.000580009,
    "DeviceSerialNumber": "66018",
    "DwellTime": 2.1e-06,
    "EchoTime": 0.037,
    "EchoTrainLength": 104,
    "EffectiveEchoSpacing": 0.000580009,
    "FlipAngle": 60,
    "ImageComments": "Unaliased_MB8_PE3_LB",
    "ImageOrientationPatientDICOM": [
      1,
      0,
      0,
      0,
      1,
      0
    ],
    "ImageType": [
      "ORIGINAL",
      "PRIMARY",
      "M",
      "MB",
      "ND",
      "MOSAIC"
    ],
    "InPlanePhaseEncodingDirectionDICOM": "COL",
    "InstitutionAddress": "Stadium_1952_Princeton_NJ_US_08544",
    "InstitutionName": "Princeton_University",
    "InstitutionalDepartmentName": "NeuroScience",
    "MRAcquisitionType": "2D",
    "MagneticFieldStrength": 3,
    "Manufacturer": "Siemens",
    "ManufacturersModelName": "Prisma",
    "Modality": "MR",
    "MultibandAccelerationFactor": 8,
    "PartialFourier": 1,
    "PatientPosition": "HFS",
    "PercentPhaseFOV": 100,
    "PhaseEncodingDirection": "j-",
    "PhaseEncodingSteps": 104,
    "PhaseResolution": 1,
    "PixelBandwidth": 2290,
    "ProcedureStepDescription": "Norman_jamal",
    "ProtocolName": "BOLD_Minn_SMS8_2.0mm",
    "PulseSequenceDetails": "%CustomerSeq%_cmrr_mbep2d_bold",
    "ReceiveCoilActiveElements": "HC1-7;NC1",
    "ReceiveCoilName": "HeadNeck_64",
    "ReconMatrixPE": 104,
    "RepetitionTime": 1,
    "SAR": 0.0778782,
    "ScanOptions": "FS",
    "ScanningSequence": "EP",
    "SequenceName": "epfid2d1_104",
    "SequenceVariant": "SK_SS",
    "SeriesDescription": "BOLD_Minn_SMS8_2.0mm",
    "SeriesNumber": 6,
    "ShimSetting": [
      767,
      544,
      2147,
      840,
      -105,
      82,
      202,
      45
    ],
    "SliceThickness": 2,
    "SliceTiming": [
      0,
      0.545,
      0.1075,
      0.6525,
      0.2175,
      0.7625,
      0.325,
      0.87,
      0.435,
      0,
      0.545,
      0.1075,
      0.6525,
      0.2175,
      0.7625,
      0.325,
      0.87,
      0.435,
      0,
      0.545,
      0.1075,
      0.6525,
      0.2175,
      0.7625,
      0.325,
      0.87,
      0.435,
      0,
      0.545,
      0.1075,
      0.6525,
      0.2175,
      0.7625,
      0.325,
      0.87,
      0.435,
      0,
      0.545,
      0.1075,
      0.6525,
      0.2175,
      0.7625,
      0.325,
      0.87,
      0.435,
      0,
      0.545,
      0.1075,
      0.6525,
      0.2175,
      0.7625,
      0.325,
      0.87,
      0.435,
      0,
      0.545,
      0.1075,
      0.6525,
      0.2175,
      0.7625,
      0.325,
      0.87,
      0.435,
      0,
      0.545,
      0.1075,
      0.6525,
      0.2175,
      0.7625,
      0.325,
      0.87,
      0.435
    ],
    "SoftwareVersions": "syngo_MR_E11",
    "SpacingBetweenSlices": 2,
    "StationName": "AWP66018",
    "TaskName": "Listen",
    "TotalReadoutTime": 0.0597409,
    "TxRefAmp": 233.846,
    "dataset": "ds004007",
    "modality": "bold",
    "run_id": 2,
    "subject_id": "17",
    "task_id": "listen"
  },
  "dummy_trs": 2,
  "dvars_nstd": 43.391673726104415,
  "dvars_std": 1.0380858215518582,
  "dvars_vstd": 1.001008485886779,
  "efc": 0.5275267637026665,
  "fber": 598.2190551757812,
  "fd_mean": 0.15184655785257642,
  "fd_num": 655,
  "fd_perc": 25.9200633161852,
  "fwhm_avg": 3.215011666666667,
  "fwhm_x": 3.004015,
  "fwhm_y": 3.44948,
  "fwhm_z": 3.19154,
  "gcor": 0.0135708,
  "gsr_x": -0.010462346486747265,
  "gsr_y": 0.1079031378030777,
  "provenance": {
    "md5sum": "ecf3ffac128a6ab3132cbbebfc8af2ce",
    "settings": {
      "fd_thres": 0.2,
      "testing": false
    },
    "software": "mriqc",
    "version": "22.0.6",
    "webapi_port": null,
    "webapi_url": "https://mriqc.nimh.nih.gov/api/v1"
  },
  "size_t": 2527,
  "size_x": 104,
  "size_y": 104,
  "size_z": 72,
  "snr": 2.0540706861575555,
  "spacing_tr": 1.0,
  "spacing_x": 2.0,
  "spacing_y": 2.0,
  "spacing_z": 2.0,
  "summary_bg_k": 26.724039172799696,
  "summary_bg_mad": 132.184566161082,
  "summary_bg_mean": 787.9117431640625,
  "summary_bg_median": 339.1798400878906,
  "summary_bg_n": 513561.0,
  "summary_bg_p05": 229.3470458984375,
  "summary_bg_p95": 3195.00537109375,
  "summary_bg_stdv": 1254.128662109375,
  "summary_fg_k": 2.230891298583499,
  "summary_fg_mad": 3652.2443320619204,
  "summary_fg_mean": 9319.076171875,
  "summary_fg_median": 8558.8828125,
  "summary_fg_n": 160809.0,
  "summary_fg_p05": 4167.83916015625,
  "summary_fg_p95": 17097.7265625,
  "summary_fg_stdv": 4166.77783203125,
  "tsnr": 25.987957000732422
}