{
  "bids_meta": {
    "AcquisitionMatrixPE": 256,
    "AcquisitionNumber": 1,
    "AcquisitionTime": "12:49:50.390000",
    "BaseResolution": 256,
    "BodyPartExamined": "BRAIN",
    "ConsistencyInfo": "N4_VE11C_LATEST_20160120",
    "ConversionSoftware": "dcm2niix",
    "ConversionSoftwareVersion": "v1.0.20180518 GCC4.8.5",
    "DeviceSerialNumber": "66018",
    "DwellTime": 8.1e-06,
    "EchoTime": 0.00288,
    "FlipAngle": 9,
    "ImageOrientationPatientDICOM": [
      0,
      1,
      0,
      0,
      0,
      -1
    ],
    "ImageType": [
      "ORIGINAL",
      "PRIMARY",
      "M",
      "ND",
      "NORM"
    ],
    "InPlanePhaseEncodingDirectionDICOM": "ROW",
    "InstitutionAddress": "Stadium_1952_Princeton_NJ_US_08544",
    "InstitutionName": "Princeton_University",
    "InstitutionalDepartmentName": "NeuroScience",
    "InversionTime": 0.9,
    "MRAcquisitionType": "3D",
    "MagneticFieldStrength": 3,
    "Manufacturer": "Siemens",
    "ManufacturersModelName": "Prisma",
    "Modality": "MR",
    "ParallelReductionFactorInPlane": 2,
    "PartialFourier": 1,
    "PatientPosition": "HFS",
    "PercentPhaseFOV": 100,
    "PhaseEncodingSteps": 255,
    "PhaseResolution": 1,
    "PixelBandwidth": 240,
    "ProcedureStepDescription": "Norman_jamal",
    "ProtocolName": "T1w_MPR_IP2_1.0mm",
    "PulseSequenceDetails": "%SiemensSeq%_tfl",
    "ReceiveCoilActiveElements": "HC1-7;NC1",
    "ReceiveCoilName": "HeadNeck_64",
    "ReconMatrixPE": 256,
    "RepetitionTime": 2.3,
    "SAR": 0.0618935,
    "ScanOptions": "IR",
    "ScanningSequence": "GR_IR",
    "SequenceName": "_tfl3d1_16ns",
    "SequenceVariant": "SK_SP_MP",
    "SeriesDescription": "T1w_MPR_IP2_1.0mm",
    "SeriesNumber": 2,
    "ShimSetting": [
      753,
      524,
      1980,
      325,
      -164,
      -347,
      303,
      23
    ],
    "SliceThickness": 1,
    "SoftwareVersions": "syngo_MR_E11",
    "StationName": "AWP66018",
    "TxRefAmp": 251.54,
    "dataset": "ds004007",
    "modality": "T1w",
    "subject_id": "21"
  },
  "cjv": 0.3763936502284782,
  "cnr": 3.569158536030629,
  "efc": 0.5147119236682527,
  "fber": -1.0,
  "fwhm_avg": 3.4917866666666666,
  "fwhm_x": 3.57952,
  "fwhm_y": 3.67468,
  "fwhm_z": 3.22116,
  "icvs_csf": 0.21062984883615593,
  "icvs_gm": 0.4422481396931644,
  "icvs_wm": 0.34712201147067967,
  "inu_med": 0.5946814119815826,
  "inu_range": 0.2363832652568817,
  "provenance": {
    "md5sum": "e9be9dd65b771a67bd129fe20556516a",
    "settings": {
      "testing": false
    },
    "software": "mriqc",
    "version": "22.0.6",
    "warnings": {
      "large_rot_frame": true,
      "small_air_mask": false
    },
    "webapi_port": null,
    "webapi_url": "https://mriqc.nimh.nih.gov/api/v1"
  },
  "qi_1": 0.00016084356042166633,
  "qi_2": 0.0011304125355509412,
  "rpve_csf": 24.531244444920382,
  "rpve_gm": 12.379341510792463,
  "rpve_wm": 18.093350845924455,
  "size_x": 176,
  "size_y": 256,
  "size_z": 256,
  "snr_csf": 1.911868883823635,
  "snr_gm": 8.903101287335305,
  "snr_total": 10.393927148471041,
  "snr_wm": 20.366811274254182,
  "snrd_csf": 21.921118623769214,
  "snrd_gm": 59.728039250556805,
  "snrd_total": 56.66175995464071,
  "snrd_wm": 88.3361219895961,
  "spacing_x": 1.0,
  "spacing_y": 1.0,
  "spacing_z": 1.0,
  "summary_bg_k": 16.213914216001307,
  "summary_bg_mad": 0.0,
  "summary_bg_mean": 4.0841346757804615,
  "summary_bg_median": 0.0,
  "summary_bg_n": 3964210.0,
  "summary_bg_p05": 0.0,
  "summary_bg_p95": 18.22782615199685,
  "summary_bg_stdv": 7.416404262022616,
  "summary_csf_k": 0.47279484656893667,
  "summary_csf_mad": 136.0768874159478,
  "summary_csf_mean": 261.4062642798258,
  "summary_csf_median": 248.15576968342066,
  "summary_csf_n": 31420.0,
  "summary_csf_p05": 69.82329641282558,
  "summary_csf_p95": 482.11527946963906,
  "summary_csf_stdv": 129.795417845813,
  "summary_gm_k": 0.017063821207740748,
  "summary_gm_mad": 75.98686002899889,
  "summary_gm_mean": 675.9957830807903,
  "summary_gm_median": 676.1451277323067,
  "summary_gm_n": 34284.0,
  "summary_gm_p05": 551.59546386078,
  "summary_gm_p95": 800.7677029084413,
  "summary_gm_stdv": 75.9437913706966,
  "summary_wm_k": 0.6892336369736269,
  "summary_wm_mad": 45.91005267024033,
  "summary_wm_mean": 1000.5705357581642,
  "summary_wm_median": 999.9999871999025,
  "summary_wm_n": 188465.0,
  "summary_wm_p05": 921.5131122395396,
  "summary_wm_p95": 1081.2231805332,
  "summary_wm_stdv": 49.09935682705641,
  "tpm_overlap_csf": 0.16434489685868303,
  "tpm_overlap_gm": 0.4725343188545873,
  "tpm_overlap_wm": 0.5077222323880899,
  "wm2max": 0.4535583864265389
}