{
  "bids_meta": {
    "AcquisitionMatrixPE": 256,
    "AcquisitionNumber": 1,
    "AcquisitionTime": "11:21:23.245000",
    "BaseResolution": 256,
    "BodyPartExamined": "BRAIN",
    "ConsistencyInfo": "N4_VE11C_LATEST_20160120",
    "ConversionSoftware": "dcm2niix",
    "ConversionSoftwareVersion": "v1.0.20180518 GCC4.8.5",
    "DeviceSerialNumber": "66018",
    "DwellTime": 8.1e-06,
    "EchoTime": 0.00288,
    "FlipAngle": 9,
    "ImageOrientationPatientDICOM": [
      0,
      1,
      0,
      0,
      0,
      -1
    ],
    "ImageType": [
      "ORIGINAL",
      "PRIMARY",
      "M",
      "ND",
      "NORM"
    ],
    "InPlanePhaseEncodingDirectionDICOM": "ROW",
    "InstitutionAddress": "Stadium_1952_Princeton_NJ_US_08544",
    "InstitutionName": "Princeton_University",
    "InstitutionalDepartmentName": "NeuroScience",
    "InversionTime": 0.9,
    "MRAcquisitionType": "3D",
    "MagneticFieldStrength": 3,
    "Manufacturer": "Siemens",
    "ManufacturersModelName": "Prisma",
    "Modality": "MR",
    "ParallelReductionFactorInPlane": 2,
    "PartialFourier": 1,
    "PatientPosition": "HFS",
    "PercentPhaseFOV": 100,
    "PhaseEncodingSteps": 255,
    "PhaseResolution": 1,
    "PixelBandwidth": 240,
    "ProcedureStepDescription": "Norman_jamal",
    "ProtocolName": "T1w_MPR_IP2_1.0mm",
    "PulseSequenceDetails": "%SiemensSeq%_tfl",
    "ReceiveCoilActiveElements": "HC1-7;NC1",
    "ReceiveCoilName": "HeadNeck_64",
    "ReconMatrixPE": 256,
    "RepetitionTime": 2.3,
    "SAR": 0.0627345,
    "ScanOptions": "IR",
    "ScanningSequence": "GR_IR",
    "SequenceName": "_tfl3d1_16ns",
    "SequenceVariant": "SK_SP_MP",
    "SeriesDescription": "T1w_MPR_IP2_1.0mm",
    "SeriesNumber": 2,
    "ShimSetting": [
      757,
      484,
      2017,
      241,
      -103,
      -308,
      216,
      8
    ],
    "SliceThickness": 1,
    "SoftwareVersions": "syngo_MR_E11",
    "StationName": "AWP66018",
    "TxRefAmp": 265.486,
    "dataset": "ds004007",
    "modality": "T1w",
    "subject_id": "23"
  },
  "cjv": 0.36776817449996124,
  "cnr": 3.6685544071697773,
  "efc": 0.557519964207261,
  "fber": 10366.081124932396,
  "fwhm_avg": 3.68467,
  "fwhm_x": 3.77458,
  "fwhm_y": 3.69657,
  "fwhm_z": 3.58286,
  "icvs_csf": 0.20049853653062105,
  "icvs_gm": 0.44160534100689264,
  "icvs_wm": 0.3578961224624863,
  "inu_med": 0.6187324225902557,
  "inu_range": 0.2669687360525131,
  "provenance": {
    "md5sum": "21e47ee67f6a9eff06215db632399bd1",
    "settings": {
      "testing": false
    },
    "software": "mriqc",
    "version": "22.0.6",
    "warnings": {
      "large_rot_frame": true,
      "small_air_mask": false
    },
    "webapi_port": null,
    "webapi_url": "https://mriqc.nimh.nih.gov/api/v1"
  },
  "qi_1": 0.0,
  "qi_2": 0.0008884101674422627,
  "rpve_csf": 21.919542519208523,
  "rpve_gm": 10.6568196698553,
  "rpve_wm": 14.916056045152985,
  "size_x": 176,
  "size_y": 256,
  "size_z": 256,
  "snr_csf": 1.7514790682748136,
  "snr_gm": 8.997464259380337,
  "snr_total": 9.701812465866753,
  "snr_wm": 18.356494069945107,
  "snrd_csf": 12.245472164484891,
  "snrd_gm": 38.09668101059009,
  "snrd_total": 35.97281345769912,
  "snrd_wm": 57.57628719802238,
  "spacing_x": 1.0,
  "spacing_y": 1.0,
  "spacing_z": 1.0,
  "summary_bg_k": 17.024679600716457,
  "summary_bg_mad": 0.0,
  "summary_bg_mean": 6.15665860980232,
  "summary_bg_median": 0.0,
  "summary_bg_n": 3523947.0,
  "summary_bg_p05": 0.0,
  "summary_bg_p95": 28.78006911277771,
  "summary_bg_stdv": 11.378580325851875,
  "summary_csf_k": 1.1274774422352865,
  "summary_csf_mad": 118.33592285404097,
  "summary_csf_mean": 225.93398956363228,
  "summary_csf_median": 212.68256297707558,
  "summary_csf_n": 36912.0,
  "summary_csf_p05": 57.07689079642296,
  "summary_csf_p95": 448.2817929267877,
  "summary_csf_stdv": 121.42861760054844,
  "summary_gm_k": 0.0956209888977777,
  "summary_gm_mad": 72.52204892030362,
  "summary_gm_mean": 662.9666963374129,
  "summary_gm_median": 661.6731187999249,
  "summary_gm_n": 46349.0,
  "summary_gm_p05": 543.1164161860943,
  "summary_gm_p95": 786.3831720113753,
  "summary_gm_stdv": 73.53916189528105,
  "summary_wm_k": 0.49602850686184174,
  "summary_wm_mad": 51.90381547314815,
  "summary_wm_mean": 1000.2346232988008,
  "summary_wm_median": 1000.0000133514404,
  "summary_wm_n": 251538.0,
  "summary_wm_p05": 911.78051045537,
  "summary_wm_p95": 1089.0786227881908,
  "summary_wm_stdv": 54.47652595140665,
  "tpm_overlap_csf": 0.152750976601954,
  "tpm_overlap_gm": 0.4615225406628726,
  "tpm_overlap_wm": 0.513330375210517,
  "wm2max": 0.38387468668087793
}