{
  "bids_meta": {
    "AcquisitionMatrixPE": 256,
    "AcquisitionNumber": 1,
    "AcquisitionTime": "12:31:48.967500",
    "BaseResolution": 256,
    "BodyPartExamined": "BRAIN",
    "ConsistencyInfo": "N4_VE11C_LATEST_20160120",
    "ConversionSoftware": "dcm2niix",
    "ConversionSoftwareVersion": "v1.0.20180518 GCC4.8.5",
    "DeviceSerialNumber": "66018",
    "DwellTime": 8.1e-06,
    "EchoTime": 0.00288,
    "FlipAngle": 9,
    "ImageOrientationPatientDICOM": [
      0,
      1,
      0,
      0,
      0,
      -1
    ],
    "ImageType": [
      "ORIGINAL",
      "PRIMARY",
      "M",
      "ND",
      "NORM"
    ],
    "InPlanePhaseEncodingDirectionDICOM": "ROW",
    "InstitutionAddress": "Stadium_1952_Princeton_NJ_US_08544",
    "InstitutionName": "Princeton_University",
    "InstitutionalDepartmentName": "NeuroScience",
    "InversionTime": 0.9,
    "MRAcquisitionType": "3D",
    "MagneticFieldStrength": 3,
    "Manufacturer": "Siemens",
    "ManufacturersModelName": "Prisma",
    "Modality": "MR",
    "ParallelReductionFactorInPlane": 2,
    "PartialFourier": 1,
    "PatientPosition": "HFS",
    "PercentPhaseFOV": 100,
    "PhaseEncodingSteps": 255,
    "PhaseResolution": 1,
    "PixelBandwidth": 240,
    "ProcedureStepDescription": "Norman_jamal",
    "ProtocolName": "T1w_MPR_IP2_1.0mm",
    "PulseSequenceDetails": "%SiemensSeq%_tfl",
    "ReceiveCoilActiveElements": "HC1-7;NC1",
    "ReceiveCoilName": "HeadNeck_64",
    "ReconMatrixPE": 256,
    "RepetitionTime": 2.3,
    "SAR": 0.044868,
    "ScanOptions": "IR",
    "ScanningSequence": "GR_IR",
    "SequenceName": "_tfl3d1_16ns",
    "SequenceVariant": "SK_SP_MP",
    "SeriesDescription": "T1w_MPR_IP2_1.0mm",
    "SeriesNumber": 2,
    "ShimSetting": [
      748,
      493,
      1986,
      328,
      -162,
      -293,
      172,
      32
    ],
    "SliceThickness": 1,
    "SoftwareVersions": "syngo_MR_E11",
    "StationName": "AWP66018",
    "TxRefAmp": 217.227,
    "dataset": "ds004007",
    "modality": "T1w",
    "subject_id": "19"
  },
  "cjv": 0.358691740026804,
  "cnr": 3.709172634489605,
  "efc": 0.510081249109834,
  "fber": 18707.926686390532,
  "fwhm_avg": 3.761703333333333,
  "fwhm_x": 3.81773,
  "fwhm_y": 3.89649,
  "fwhm_z": 3.57089,
  "icvs_csf": 0.23238101656581814,
  "icvs_gm": 0.4271088426059449,
  "icvs_wm": 0.34051014082823694,
  "inu_med": 0.5518488883972168,
  "inu_range": 0.19168879389762883,
  "provenance": {
    "md5sum": "ce761215aeb208090463dd00a7aa99a9",
    "settings": {
      "testing": false
    },
    "software": "mriqc",
    "version": "22.0.6",
    "warnings": {
      "large_rot_frame": true,
      "small_air_mask": false
    },
    "webapi_port": null,
    "webapi_url": "https://mriqc.nimh.nih.gov/api/v1"
  },
  "qi_1": 6.787469704390031e-06,
  "qi_2": 0.0008410562502679502,
  "rpve_csf": 23.292159685118772,
  "rpve_gm": 12.741793534628885,
  "rpve_wm": 18.39740036747892,
  "size_x": 176,
  "size_y": 256,
  "size_z": 256,
  "snr_csf": 1.5916753192321182,
  "snr_gm": 7.676079924707244,
  "snr_total": 10.048156147438048,
  "snr_wm": 20.87671319837478,
  "snrd_csf": 14.793308582839131,
  "snrd_gm": 56.940046697936154,
  "snrd_total": 53.49253729736728,
  "snrd_wm": 88.74425661132653,
  "spacing_x": 1.0,
  "spacing_y": 1.0,
  "spacing_z": 1.0,
  "summary_bg_k": 36.877313938635965,
  "summary_bg_mad": 0.0,
  "summary_bg_mean": 4.080612882848889,
  "summary_bg_median": 0.0,
  "summary_bg_n": 3596732.0,
  "summary_bg_p05": 0.0,
  "summary_bg_p95": 16.65846671909094,
  "summary_bg_stdv": 7.382037071814349,
  "summary_csf_k": 0.5796339212286234,
  "summary_csf_mad": 112.02624765072957,
  "summary_csf_mean": 176.66313769824285,
  "summary_csf_median": 166.69010052457452,
  "summary_csf_n": 56411.0,
  "summary_csf_p05": 36.5150778926909,
  "summary_csf_p95": 368.7355122715235,
  "summary_csf_stdv": 104.72526717162549,
  "summary_gm_k": -0.0448584335145954,
  "summary_gm_mad": 83.52468603912536,
  "summary_gm_mean": 642.7459987266379,
  "summary_gm_median": 641.5969797968864,
  "summary_gm_n": 27922.0,
  "summary_gm_p05": 505.9763254811987,
  "summary_gm_p95": 782.842502463609,
  "summary_gm_stdv": 83.58244011173805,
  "summary_wm_k": 0.6708632707945621,
  "summary_wm_mad": 45.018919986153655,
  "summary_wm_mean": 999.5468454446693,
  "summary_wm_median": 999.9648809246719,
  "summary_wm_n": 190831.0,
  "summary_wm_p05": 920.6790140084922,
  "summary_wm_p95": 1076.7554922774434,
  "summary_wm_stdv": 47.89845275892033,
  "tpm_overlap_csf": 0.15412010059727463,
  "tpm_overlap_gm": 0.4679831779318184,
  "tpm_overlap_wm": 0.5144742966553717,
  "wm2max": 0.5147628179614285
}