{
  "aor": 0.00024545778834720574,
  "aqi": 0.019590076932223543,
  "bids_meta": {
    "AcquisitionMatrixPE": 104,
    "AcquisitionNumber": 1,
    "AcquisitionTime": "19:06:52.385000",
    "BandwidthPerPixelPhaseEncode": 16.578,
    "BaseResolution": 104,
    "BodyPartExamined": "BRAIN",
    "ConsistencyInfo": "N4_VE11C_LATEST_20160120",
    "ConversionSoftware": "dcm2niix",
    "ConversionSoftwareVersion": "v1.0.20180518 GCC4.8.5",
    "DerivedVendorReportedEchoSpacing": 0.000580009,
    "DeviceSerialNumber": "66018",
    "DwellTime": 2.1e-06,
    "EchoTime": 0.037,
    "EchoTrainLength": 104,
    "EffectiveEchoSpacing": 0.000580009,
    "FlipAngle": 60,
    "ImageComments": "Unaliased_MB8_PE3_LB",
    "ImageOrientationPatientDICOM": [
      1,
      0,
      0,
      0,
      1,
      0
    ],
    "ImageType": [
      "ORIGINAL",
      "PRIMARY",
      "M",
      "MB",
      "ND",
      "MOSAIC"
    ],
    "InPlanePhaseEncodingDirectionDICOM": "COL",
    "InstitutionAddress": "Stadium_1952_Princeton_NJ_US_08544",
    "InstitutionName": "Princeton_University",
    "InstitutionalDepartmentName": "NeuroScience",
    "MRAcquisitionType": "2D",
    "MagneticFieldStrength": 3,
    "Manufacturer": "Siemens",
    "ManufacturersModelName": "Prisma",
    "Modality": "MR",
    "MultibandAccelerationFactor": 8,
    "PartialFourier": 1,
    "PatientPosition": "HFS",
    "PercentPhaseFOV": 100,
    "PhaseEncodingDirection": "j-",
    "PhaseEncodingSteps": 104,
    "PhaseResolution": 1,
    "PixelBandwidth": 2290,
    "ProcedureStepDescription": "Norman_jamal",
    "ProtocolName": "BOLD_Minn_SMS8_2.0mm",
    "PulseSequenceDetails": "%CustomerSeq%_cmrr_mbep2d_bold",
    "ReceiveCoilActiveElements": "HC1-7;NC1",
    "ReceiveCoilName": "HeadNeck_64",
    "ReconMatrixPE": 104,
    "RepetitionTime": 1,
    "SAR": 0.0680476,
    "ScanOptions": "FS",
    "ScanningSequence": "EP",
    "SequenceName": "epfid2d1_104",
    "SequenceVariant": "SK_SS",
    "SeriesDescription": "BOLD_Minn_SMS8_2.0mm",
    "SeriesNumber": 6,
    "ShimSetting": [
      755,
      535,
      2083,
      537,
      -182,
      -68,
      217,
      35
    ],
    "SliceThickness": 2,
    "SliceTiming": [
      0,
      0.545,
      0.11,
      0.6525,
      0.2175,
      0.7625,
      0.3275,
      0.87,
      0.435,
      0,
      0.545,
      0.11,
      0.6525,
      0.2175,
      0.7625,
      0.3275,
      0.87,
      0.435,
      0,
      0.545,
      0.11,
      0.6525,
      0.2175,
      0.7625,
      0.3275,
      0.87,
      0.435,
      0,
      0.545,
      0.11,
      0.6525,
      0.2175,
      0.7625,
      0.3275,
      0.87,
      0.435,
      0,
      0.545,
      0.11,
      0.6525,
      0.2175,
      0.7625,
      0.3275,
      0.87,
      0.435,
      0,
      0.545,
      0.11,
      0.6525,
      0.2175,
      0.7625,
      0.3275,
      0.87,
      0.435,
      0,
      0.545,
      0.11,
      0.6525,
      0.2175,
      0.7625,
      0.3275,
      0.87,
      0.435,
      0,
      0.545,
      0.11,
      0.6525,
      0.2175,
      0.7625,
      0.3275,
      0.87,
      0.435
    ],
    "SoftwareVersions": "syngo_MR_E11",
    "SpacingBetweenSlices": 2,
    "StationName": "AWP66018",
    "TaskName": "Listen",
    "TotalReadoutTime": 0.0597409,
    "TxRefAmp": 226.97,
    "dataset": "ds004007",
    "modality": "bold",
    "run_id": 2,
    "subject_id": "06",
    "task_id": "listen"
  },
  "dummy_trs": 1,
  "dvars_nstd": 53.55057888340217,
  "dvars_std": 1.0317397864433,
  "dvars_vstd": 0.976172967398888,
  "efc": 0.536789638771709,
  "fber": 499.3470764160156,
  "fd_mean": 0.20112208259648418,
  "fd_num": 1187,
  "fd_perc": 47.04716607213635,
  "fwhm_avg": 3.0048666666666666,
  "fwhm_x": 2.801085,
  "fwhm_y": 3.15187,
  "fwhm_z": 3.061645,
  "gcor": 0.00769129,
  "gsr_x": -0.014258621260523796,
  "gsr_y": 0.0886351689696312,
  "provenance": {
    "md5sum": "e8567c8d4c460f31609a533ab59950cc",
    "settings": {
      "fd_thres": 0.2,
      "testing": false
    },
    "software": "mriqc",
    "version": "22.0.6",
    "webapi_port": null,
    "webapi_url": "https://mriqc.nimh.nih.gov/api/v1"
  },
  "size_t": 2523,
  "size_x": 104,
  "size_y": 104,
  "size_z": 72,
  "snr": 2.234642484771994,
  "spacing_tr": 1.0,
  "spacing_x": 2.0,
  "spacing_y": 2.0,
  "spacing_z": 2.0,
  "summary_bg_k": 28.002198830519557,
  "summary_bg_mad": 108.57633833285993,
  "summary_bg_mean": 677.7732543945312,
  "summary_bg_median": 322.49615478515625,
  "summary_bg_n": 513434.0,
  "summary_bg_p05": 238.15670166015624,
  "summary_bg_p95": 2543.03937988281,
  "summary_bg_stdv": 962.1668090820312,
  "summary_fg_k": 2.970354184670512,
  "summary_fg_mad": 2744.6659091547663,
  "summary_fg_mean": 7952.8095703125,
  "summary_fg_median": 7342.2578125,
  "summary_fg_n": 159932.0,
  "summary_fg_p05": 3911.5751220703123,
  "summary_fg_p95": 14126.860253906236,
  "summary_fg_stdv": 3285.641845703125,
  "tsnr": 19.460466384887695
}