{
  "bids_meta": {
    "AcquisitionMatrixPE": 256,
    "AcquisitionNumber": 1,
    "AcquisitionTime": "19:55:56.970000",
    "BaseResolution": 256,
    "BodyPartExamined": "BRAIN",
    "ConsistencyInfo": "N4_VE11C_LATEST_20160120",
    "ConversionSoftware": "dcm2niix",
    "ConversionSoftwareVersion": "v1.0.20180518 GCC4.8.5",
    "DeviceSerialNumber": "66018",
    "DwellTime": 8.1e-06,
    "EchoTime": 0.00288,
    "FlipAngle": 9,
    "ImageOrientationPatientDICOM": [
      0,
      1,
      0,
      0,
      0,
      -1
    ],
    "ImageType": [
      "ORIGINAL",
      "PRIMARY",
      "M",
      "ND",
      "NORM"
    ],
    "InPlanePhaseEncodingDirectionDICOM": "ROW",
    "InstitutionAddress": "Stadium_1952_Princeton_NJ_US_08544",
    "InstitutionName": "Princeton_University",
    "InstitutionalDepartmentName": "NeuroScience",
    "InversionTime": 0.9,
    "MRAcquisitionType": "3D",
    "MagneticFieldStrength": 3,
    "Manufacturer": "Siemens",
    "ManufacturersModelName": "Prisma",
    "Modality": "MR",
    "ParallelReductionFactorInPlane": 2,
    "PartialFourier": 1,
    "PatientPosition": "HFS",
    "PercentPhaseFOV": 100,
    "PhaseEncodingSteps": 255,
    "PhaseResolution": 1,
    "PixelBandwidth": 240,
    "ProcedureStepDescription": "Norman_jamal",
    "ProtocolName": "T1w_MPR_IP2_1.0mm",
    "PulseSequenceDetails": "%SiemensSeq%_tfl",
    "ReceiveCoilActiveElements": "HC1-7;NC1",
    "ReceiveCoilName": "HeadNeck_64",
    "ReconMatrixPE": 256,
    "RepetitionTime": 2.3,
    "SAR": 0.0490864,
    "ScanOptions": "IR",
    "ScanningSequence": "GR_IR",
    "SequenceName": "_tfl3d1_16ns",
    "SequenceVariant": "SK_SP_MP",
    "SeriesDescription": "T1w_MPR_IP2_1.0mm",
    "SeriesNumber": 8,
    "ShimSetting": [
      757,
      522,
      1976,
      492,
      -120,
      -152,
      180,
      40
    ],
    "SliceThickness": 1,
    "SoftwareVersions": "syngo_MR_E11",
    "StationName": "AWP66018",
    "TxRefAmp": 244.923,
    "dataset": "ds004007",
    "modality": "T1w",
    "subject_id": "01"
  },
  "cjv": 0.35228519290575466,
  "cnr": 3.7371481265305055,
  "efc": 0.507777704401016,
  "fber": -1.0,
  "fwhm_avg": 3.957216666666666,
  "fwhm_x": 4.02388,
  "fwhm_y": 4.09664,
  "fwhm_z": 3.75113,
  "icvs_csf": 0.22341589237415482,
  "icvs_gm": 0.42194652061006904,
  "icvs_wm": 0.35463758701577613,
  "inu_med": 0.5501602292060852,
  "inu_range": 0.19052740335464474,
  "provenance": {
    "md5sum": "c358a1a317b5b43096dfbbe97b8744ba",
    "settings": {
      "testing": false
    },
    "software": "mriqc",
    "version": "22.0.6",
    "warnings": {
      "large_rot_frame": true,
      "small_air_mask": false
    },
    "webapi_port": null,
    "webapi_url": "https://mriqc.nimh.nih.gov/api/v1"
  },
  "qi_1": 4.734354255496867e-06,
  "qi_2": 0.0008865931141916716,
  "rpve_csf": 21.54821415470742,
  "rpve_gm": 11.495915232484109,
  "rpve_wm": 15.579990423566732,
  "size_x": 176,
  "size_y": 256,
  "size_z": 256,
  "snr_csf": 1.6270385397490745,
  "snr_gm": 8.760803235812597,
  "snr_total": 10.533710824229217,
  "snr_wm": 21.21329069712598,
  "snrd_csf": 16.78338609547894,
  "snrd_gm": 66.64845145376084,
  "snrd_total": 61.2115409712498,
  "snrd_wm": 100.20278536450964,
  "spacing_x": 1.0,
  "spacing_y": 1.0,
  "spacing_z": 1.0,
  "summary_bg_k": 15.80166402140799,
  "summary_bg_mad": 0.0,
  "summary_bg_mean": 3.507954952416428,
  "summary_bg_median": 0.0,
  "summary_bg_n": 4176399.0,
  "summary_bg_p05": 0.0,
  "summary_bg_p95": 16.178417395800352,
  "summary_bg_stdv": 6.538105538470014,
  "summary_csf_k": 1.2932820562786151,
  "summary_csf_mad": 98.33711127684381,
  "summary_csf_mean": 185.7278510119305,
  "summary_csf_median": 167.49420362710953,
  "summary_csf_n": 71300.0,
  "summary_csf_p05": 53.50049537792802,
  "summary_csf_p95": 378.72806206010307,
  "summary_csf_stdv": 102.94349209156671,
  "summary_gm_k": 0.14875816775128303,
  "summary_gm_mad": 72.81731196856744,
  "summary_gm_mean": 666.6557599590493,
  "summary_gm_median": 665.1357023976743,
  "summary_gm_n": 41440.0,
  "summary_gm_p05": 543.6113753095269,
  "summary_gm_p95": 797.2111712656915,
  "summary_gm_stdv": 75.92085556086353,
  "summary_wm_k": 0.4000599959522897,
  "summary_wm_mad": 45.15041416079666,
  "summary_wm_mean": 999.8407141986215,
  "summary_wm_median": 999.9999785721302,
  "summary_wm_n": 243117.0,
  "summary_wm_p05": 922.1697915606201,
  "summary_wm_p95": 1076.671608839184,
  "summary_wm_stdv": 47.14016020544131,
  "tpm_overlap_csf": 0.14896104881555355,
  "tpm_overlap_gm": 0.46295648784113624,
  "tpm_overlap_wm": 0.5079828423309086,
  "wm2max": 0.43068698209035017
}