{
  "aor": 0.0005014586645468999,
  "aqi": 0.020443904252782193,
  "bids_meta": {
    "AcquisitionMatrixPE": 104,
    "AcquisitionNumber": 1,
    "AcquisitionTime": "10:42:35.270000",
    "BandwidthPerPixelPhaseEncode": 16.578,
    "BaseResolution": 104,
    "BodyPartExamined": "BRAIN",
    "ConsistencyInfo": "N4_VE11C_LATEST_20160120",
    "ConversionSoftware": "dcm2niix",
    "ConversionSoftwareVersion": "v1.0.20180518 GCC4.8.5",
    "DerivedVendorReportedEchoSpacing": 0.000580009,
    "DeviceSerialNumber": "66018",
    "DwellTime": 2.1e-06,
    "EchoTime": 0.037,
    "EchoTrainLength": 104,
    "EffectiveEchoSpacing": 0.000580009,
    "FlipAngle": 60,
    "ImageComments": "Unaliased_MB8_PE3_LB",
    "ImageOrientationPatientDICOM": [
      1,
      0,
      0,
      0,
      1,
      0
    ],
    "ImageType": [
      "ORIGINAL",
      "PRIMARY",
      "M",
      "MB",
      "ND",
      "MOSAIC"
    ],
    "InPlanePhaseEncodingDirectionDICOM": "COL",
    "InstitutionAddress": "Stadium_1952_Princeton_NJ_US_08544",
    "InstitutionName": "Princeton_University",
    "InstitutionalDepartmentName": "NeuroScience",
    "MRAcquisitionType": "2D",
    "MagneticFieldStrength": 3,
    "Manufacturer": "Siemens",
    "ManufacturersModelName": "Prisma",
    "Modality": "MR",
    "MultibandAccelerationFactor": 8,
    "PartialFourier": 1,
    "PatientPosition": "HFS",
    "PercentPhaseFOV": 100,
    "PhaseEncodingDirection": "j-",
    "PhaseEncodingSteps": 104,
    "PhaseResolution": 1,
    "PixelBandwidth": 2290,
    "ProcedureStepDescription": "Norman_jamal",
    "ProtocolName": "BOLD_Minn_SMS8_2.0mm",
    "PulseSequenceDetails": "%CustomerSeq%_cmrr_mbep2d_bold",
    "ReceiveCoilActiveElements": "HC1-7;NC1",
    "ReceiveCoilName": "HeadNeck_64",
    "ReconMatrixPE": 104,
    "RepetitionTime": 1,
    "SAR": 0.0951946,
    "ScanOptions": "FS",
    "ScanningSequence": "EP",
    "SequenceName": "epfid2d1_104",
    "SequenceVariant": "SK_SS",
    "SeriesDescription": "BOLD_Minn_SMS8_2.0mm",
    "SeriesNumber": 4,
    "ShimSetting": [
      744,
      518,
      2088,
      470,
      -101,
      155,
      203,
      30
    ],
    "SliceThickness": 2,
    "SliceTiming": [
      0,
      0.545,
      0.11,
      0.6525,
      0.2175,
      0.7625,
      0.3275,
      0.8725,
      0.435,
      0,
      0.545,
      0.11,
      0.6525,
      0.2175,
      0.7625,
      0.3275,
      0.8725,
      0.435,
      0,
      0.545,
      0.11,
      0.6525,
      0.2175,
      0.7625,
      0.3275,
      0.8725,
      0.435,
      0,
      0.545,
      0.11,
      0.6525,
      0.2175,
      0.7625,
      0.3275,
      0.8725,
      0.435,
      0,
      0.545,
      0.11,
      0.6525,
      0.2175,
      0.7625,
      0.3275,
      0.8725,
      0.435,
      0,
      0.545,
      0.11,
      0.6525,
      0.2175,
      0.7625,
      0.3275,
      0.8725,
      0.435,
      0,
      0.545,
      0.11,
      0.6525,
      0.2175,
      0.7625,
      0.3275,
      0.8725,
      0.435,
      0,
      0.545,
      0.11,
      0.6525,
      0.2175,
      0.7625,
      0.3275,
      0.8725,
      0.435
    ],
    "SoftwareVersions": "syngo_MR_E11",
    "SpacingBetweenSlices": 2,
    "StationName": "AWP66018",
    "TaskName": "Listen",
    "TotalReadoutTime": 0.0597409,
    "TxRefAmp": 290.358,
    "dataset": "ds004007",
    "modality": "bold",
    "run_id": 1,
    "subject_id": "24",
    "task_id": "listen"
  },
  "dummy_trs": 2,
  "dvars_nstd": 48.60127098739558,
  "dvars_std": 1.0234962589542775,
  "dvars_vstd": 0.9702853799562636,
  "efc": 0.5961411999692402,
  "fber": 305.7714538574219,
  "fd_mean": 0.11412751047858809,
  "fd_num": 255,
  "fd_perc": 10.135135135135135,
  "fwhm_avg": 3.072318333333333,
  "fwhm_x": 2.772315,
  "fwhm_y": 3.31147,
  "fwhm_z": 3.13317,
  "gcor": 0.0120082,
  "gsr_x": -0.005030354484915733,
  "gsr_y": 0.10364016145467758,
  "provenance": {
    "md5sum": "a874afc9edb50983ebee4652e9865d26",
    "settings": {
      "fd_thres": 0.2,
      "testing": false
    },
    "software": "mriqc",
    "version": "22.0.6",
    "webapi_port": null,
    "webapi_url": "https://mriqc.nimh.nih.gov/api/v1"
  },
  "size_t": 2516,
  "size_x": 104,
  "size_y": 104,
  "size_z": 72,
  "snr": 2.2417672615125235,
  "spacing_tr": 1.0,
  "spacing_x": 2.0,
  "spacing_y": 2.0,
  "spacing_z": 2.0,
  "summary_bg_k": 30.504488570164533,
  "summary_bg_mad": 277.08495294261786,
  "summary_bg_mean": 1055.331787109375,
  "summary_bg_median": 469.7911376953125,
  "summary_bg_n": 459763.0,
  "summary_bg_p05": 253.54361267089843,
  "summary_bg_p95": 3975.951757812497,
  "summary_bg_stdv": 1537.0264892578125,
  "summary_fg_k": 1.2153587698628012,
  "summary_fg_mad": 3578.3885894182877,
  "summary_fg_mean": 9309.8310546875,
  "summary_fg_median": 8666.2158203125,
  "summary_fg_n": 197560.0,
  "summary_fg_p05": 4381.765966796875,
  "summary_fg_p95": 16585.861230468745,
  "summary_fg_stdv": 3865.78662109375,
  "tsnr": 21.39311981201172
}