{
  "aor": 0.00026616422054740184,
  "aqi": 0.011404822947243157,
  "bids_meta": {
    "AcquisitionMatrixPE": 104,
    "AcquisitionNumber": 1,
    "AcquisitionTime": "19:08:58.085000",
    "BandwidthPerPixelPhaseEncode": 16.578,
    "BaseResolution": 104,
    "BodyPartExamined": "BRAIN",
    "ConsistencyInfo": "N4_VE11C_LATEST_20160120",
    "ConversionSoftware": "dcm2niix",
    "ConversionSoftwareVersion": "v1.0.20180518 GCC4.8.5",
    "DerivedVendorReportedEchoSpacing": 0.000580009,
    "DeviceSerialNumber": "66018",
    "DwellTime": 2.1e-06,
    "EchoTime": 0.037,
    "EchoTrainLength": 104,
    "EffectiveEchoSpacing": 0.000580009,
    "FlipAngle": 60,
    "ImageComments": "Unaliased_MB8_PE3_LB",
    "ImageOrientationPatientDICOM": [
      1,
      0,
      0,
      0,
      1,
      0
    ],
    "ImageType": [
      "ORIGINAL",
      "PRIMARY",
      "M",
      "MB",
      "ND",
      "MOSAIC"
    ],
    "InPlanePhaseEncodingDirectionDICOM": "COL",
    "InstitutionAddress": "Stadium_1952_Princeton_NJ_US_08544",
    "InstitutionName": "Princeton_University",
    "InstitutionalDepartmentName": "NeuroScience",
    "MRAcquisitionType": "2D",
    "MagneticFieldStrength": 3,
    "Manufacturer": "Siemens",
    "ManufacturersModelName": "Prisma",
    "Modality": "MR",
    "MultibandAccelerationFactor": 8,
    "PartialFourier": 1,
    "PatientPosition": "HFS",
    "PercentPhaseFOV": 100,
    "PhaseEncodingDirection": "j-",
    "PhaseEncodingSteps": 104,
    "PhaseResolution": 1,
    "PixelBandwidth": 2290,
    "ProcedureStepDescription": "Norman_jamal",
    "ProtocolName": "BOLD_Minn_SMS8_2.0mm",
    "PulseSequenceDetails": "%CustomerSeq%_cmrr_mbep2d_bold",
    "ReceiveCoilActiveElements": "HC1-7;NC1",
    "ReceiveCoilName": "HeadNeck_64",
    "ReconMatrixPE": 104,
    "RepetitionTime": 1,
    "SAR": 0.0641102,
    "ScanOptions": "FS",
    "ScanningSequence": "EP",
    "SequenceName": "epfid2d1_104",
    "SequenceVariant": "SK_SS",
    "SeriesDescription": "BOLD_Minn_SMS8_2.0mm",
    "SeriesNumber": 5,
    "ShimSetting": [
      753,
      522,
      1983,
      551,
      -140,
      82,
      207,
      55
    ],
    "SliceThickness": 2,
    "SliceTiming": [
      0,
      0.545,
      0.1075,
      0.6525,
      0.2175,
      0.7625,
      0.3275,
      0.87,
      0.435,
      0,
      0.545,
      0.1075,
      0.6525,
      0.2175,
      0.7625,
      0.3275,
      0.87,
      0.435,
      0,
      0.545,
      0.1075,
      0.6525,
      0.2175,
      0.7625,
      0.3275,
      0.87,
      0.435,
      0,
      0.545,
      0.1075,
      0.6525,
      0.2175,
      0.7625,
      0.3275,
      0.87,
      0.435,
      0,
      0.545,
      0.1075,
      0.6525,
      0.2175,
      0.7625,
      0.3275,
      0.87,
      0.435,
      0,
      0.545,
      0.1075,
      0.6525,
      0.2175,
      0.7625,
      0.3275,
      0.87,
      0.435,
      0,
      0.545,
      0.1075,
      0.6525,
      0.2175,
      0.7625,
      0.3275,
      0.87,
      0.435,
      0,
      0.545,
      0.1075,
      0.6525,
      0.2175,
      0.7625,
      0.3275,
      0.87,
      0.435
    ],
    "SoftwareVersions": "syngo_MR_E11",
    "SpacingBetweenSlices": 2,
    "StationName": "AWP66018",
    "TaskName": "Listen",
    "TotalReadoutTime": 0.0597409,
    "TxRefAmp": 244.923,
    "dataset": "ds004007",
    "modality": "bold",
    "run_id": 2,
    "subject_id": "01",
    "task_id": "listen"
  },
  "dummy_trs": 0,
  "dvars_nstd": 44.226238903222146,
  "dvars_std": 0.9804501141587303,
  "dvars_vstd": 0.9711056271865098,
  "efc": 0.5573521152444614,
  "fber": 394.9698791503906,
  "fd_mean": 0.12099893998878522,
  "fd_num": 115,
  "fd_perc": 4.561681872272907,
  "fwhm_avg": 3.1157583333333334,
  "fwhm_x": 2.88194,
  "fwhm_y": 3.35803,
  "fwhm_z": 3.107305,
  "gcor": 0.00661356,
  "gsr_x": -0.007939688861370087,
  "gsr_y": 0.09104466438293457,
  "provenance": {
    "md5sum": "8cd0f81a110e4dc963061ea1f2537502",
    "settings": {
      "fd_thres": 0.2,
      "testing": false
    },
    "software": "mriqc",
    "version": "22.0.6",
    "webapi_port": null,
    "webapi_url": "https://mriqc.nimh.nih.gov/api/v1"
  },
  "size_t": 2521,
  "size_x": 104,
  "size_y": 104,
  "size_z": 72,
  "snr": 2.1576580129968366,
  "spacing_tr": 1.0,
  "spacing_x": 2.0,
  "spacing_y": 2.0,
  "spacing_z": 2.0,
  "summary_bg_k": 53.09983962708606,
  "summary_bg_mad": 201.68525527871265,
  "summary_bg_mean": 868.21923828125,
  "summary_bg_median": 396.87103271484375,
  "summary_bg_n": 497568.0,
  "summary_bg_p05": 247.02593231201172,
  "summary_bg_p95": 3128.2697998046856,
  "summary_bg_stdv": 1259.6434326171875,
  "summary_fg_k": 2.0333840262217215,
  "summary_fg_mad": 3302.5550797972533,
  "summary_fg_mean": 8845.212890625,
  "summary_fg_median": 8093.9921875,
  "summary_fg_n": 173626.0,
  "summary_fg_p05": 4303.819580078125,
  "summary_fg_p95": 15959.578857421875,
  "summary_fg_stdv": 3751.275146484375,
  "tsnr": 24.282270431518555
}