{
  "aor": 0.00013930952380952384,
  "aqi": 0.013351424285714284,
  "bids_meta": {
    "AcquisitionMatrixPE": 104,
    "AcquisitionNumber": 1,
    "AcquisitionTime": "18:24:58.217500",
    "BandwidthPerPixelPhaseEncode": 16.578,
    "BaseResolution": 104,
    "BodyPartExamined": "BRAIN",
    "ConsistencyInfo": "N4_VE11C_LATEST_20160120",
    "ConversionSoftware": "dcm2niix",
    "ConversionSoftwareVersion": "v1.0.20180518 GCC4.8.5",
    "DerivedVendorReportedEchoSpacing": 0.000580009,
    "DeviceSerialNumber": "66018",
    "DwellTime": 2.1e-06,
    "EchoTime": 0.037,
    "EchoTrainLength": 104,
    "EffectiveEchoSpacing": 0.000580009,
    "FlipAngle": 60,
    "ImageComments": "Unaliased_MB8_PE3_LB",
    "ImageOrientationPatientDICOM": [
      1,
      0,
      0,
      0,
      1,
      0
    ],
    "ImageType": [
      "ORIGINAL",
      "PRIMARY",
      "M",
      "MB",
      "ND",
      "MOSAIC"
    ],
    "InPlanePhaseEncodingDirectionDICOM": "COL",
    "InstitutionAddress": "Stadium_1952_Princeton_NJ_US_08544",
    "InstitutionName": "Princeton_University",
    "InstitutionalDepartmentName": "NeuroScience",
    "MRAcquisitionType": "2D",
    "MagneticFieldStrength": 3,
    "Manufacturer": "Siemens",
    "ManufacturersModelName": "Prisma",
    "Modality": "MR",
    "MultibandAccelerationFactor": 8,
    "PartialFourier": 1,
    "PatientPosition": "HFS",
    "PercentPhaseFOV": 100,
    "PhaseEncodingDirection": "j-",
    "PhaseEncodingSteps": 104,
    "PhaseResolution": 1,
    "PixelBandwidth": 2290,
    "ProcedureStepDescription": "Norman_jamal",
    "ProtocolName": "BOLD_Minn_SMS8_2.0mm",
    "PulseSequenceDetails": "%CustomerSeq%_cmrr_mbep2d_bold",
    "ReceiveCoilActiveElements": "HC1-7;NC1",
    "ReceiveCoilName": "HeadNeck_64",
    "ReconMatrixPE": 104,
    "RepetitionTime": 1,
    "SAR": 0.0641102,
    "ScanOptions": "FS",
    "ScanningSequence": "EP",
    "SequenceName": "epfid2d1_104",
    "SequenceVariant": "SK_SS",
    "SeriesDescription": "BOLD_Minn_SMS8_2.0mm",
    "SeriesNumber": 3,
    "ShimSetting": [
      753,
      522,
      1983,
      551,
      -140,
      82,
      207,
      55
    ],
    "SliceThickness": 2,
    "SliceTiming": [
      0,
      0.545,
      0.11,
      0.655,
      0.22,
      0.7625,
      0.3275,
      0.8725,
      0.4375,
      0,
      0.545,
      0.11,
      0.655,
      0.22,
      0.7625,
      0.3275,
      0.8725,
      0.4375,
      0,
      0.545,
      0.11,
      0.655,
      0.22,
      0.7625,
      0.3275,
      0.8725,
      0.4375,
      0,
      0.545,
      0.11,
      0.655,
      0.22,
      0.7625,
      0.3275,
      0.8725,
      0.4375,
      0,
      0.545,
      0.11,
      0.655,
      0.22,
      0.7625,
      0.3275,
      0.8725,
      0.4375,
      0,
      0.545,
      0.11,
      0.655,
      0.22,
      0.7625,
      0.3275,
      0.8725,
      0.4375,
      0,
      0.545,
      0.11,
      0.655,
      0.22,
      0.7625,
      0.3275,
      0.8725,
      0.4375,
      0,
      0.545,
      0.11,
      0.655,
      0.22,
      0.7625,
      0.3275,
      0.8725,
      0.4375
    ],
    "SoftwareVersions": "syngo_MR_E11",
    "SpacingBetweenSlices": 2,
    "StationName": "AWP66018",
    "TaskName": "Listen",
    "TotalReadoutTime": 0.0597409,
    "TxRefAmp": 244.923,
    "dataset": "ds004007",
    "modality": "bold",
    "run_id": 1,
    "subject_id": "01",
    "task_id": "listen"
  },
  "dummy_trs": 2,
  "dvars_nstd": 44.210170997268804,
  "dvars_std": 0.9703379396625638,
  "dvars_vstd": 0.9588872390432691,
  "efc": 0.5545271537109829,
  "fber": 425.77923583984375,
  "fd_mean": 0.11606855041858682,
  "fd_num": 85,
  "fd_perc": 3.373015873015873,
  "fwhm_avg": 3.0897783333333333,
  "fwhm_x": 2.841385,
  "fwhm_y": 3.31791,
  "fwhm_z": 3.11004,
  "gcor": 0.00828298,
  "gsr_x": -0.007185968104749918,
  "gsr_y": 0.09343086928129196,
  "provenance": {
    "md5sum": "268c4b3c91630d354014946779d955c5",
    "settings": {
      "fd_thres": 0.2,
      "testing": false
    },
    "software": "mriqc",
    "version": "22.0.6",
    "webapi_port": null,
    "webapi_url": "https://mriqc.nimh.nih.gov/api/v1"
  },
  "size_t": 2520,
  "size_x": 104,
  "size_y": 104,
  "size_z": 72,
  "snr": 2.2034962182339974,
  "spacing_tr": 1.0,
  "spacing_x": 2.0,
  "spacing_y": 2.0,
  "spacing_z": 2.0,
  "summary_bg_k": 65.0213375905861,
  "summary_bg_mad": 183.96719051538946,
  "summary_bg_mean": 818.8712158203125,
  "summary_bg_median": 380.4167175292969,
  "summary_bg_n": 498301.0,
  "summary_bg_p05": 245.96327209472656,
  "summary_bg_p95": 2925.880126953125,
  "summary_bg_stdv": 1197.6929931640625,
  "summary_fg_k": 1.6314255815127945,
  "summary_fg_mad": 3244.6098017817044,
  "summary_fg_mean": 8691.4248046875,
  "summary_fg_median": 8015.0634765625,
  "summary_fg_n": 174449.0,
  "summary_fg_p05": 4176.82802734375,
  "summary_fg_p95": 15532.008398437503,
  "summary_fg_stdv": 3637.419677734375,
  "tsnr": 22.950225830078125
}