{
  "bids_meta": {
    "AcquisitionMatrixPE": 256,
    "AcquisitionNumber": 1,
    "AcquisitionTime": "14:08:43.567500",
    "BaseResolution": 256,
    "BodyPartExamined": "BRAIN",
    "ConsistencyInfo": "N4_VE11C_LATEST_20160120",
    "ConversionSoftware": "dcm2niix",
    "ConversionSoftwareVersion": "v1.0.20180518 GCC4.8.5",
    "DeviceSerialNumber": "66018",
    "DwellTime": 8.1e-06,
    "EchoTime": 0.00288,
    "FlipAngle": 9,
    "ImageOrientationPatientDICOM": [
      0,
      1,
      0,
      0,
      0,
      -1
    ],
    "ImageType": [
      "ORIGINAL",
      "PRIMARY",
      "M",
      "ND",
      "NORM"
    ],
    "InPlanePhaseEncodingDirectionDICOM": "ROW",
    "InstitutionAddress": "Stadium_1952_Princeton_NJ_US_08544",
    "InstitutionName": "Princeton_University",
    "InstitutionalDepartmentName": "NeuroScience",
    "InversionTime": 0.9,
    "MRAcquisitionType": "3D",
    "MagneticFieldStrength": 3,
    "Manufacturer": "Siemens",
    "ManufacturersModelName": "Prisma",
    "Modality": "MR",
    "ParallelReductionFactorInPlane": 2,
    "PartialFourier": 1,
    "PatientPosition": "HFS",
    "PercentPhaseFOV": 100,
    "PhaseEncodingSteps": 255,
    "PhaseResolution": 1,
    "PixelBandwidth": 240,
    "ProcedureStepDescription": "Norman_jamal",
    "ProtocolName": "T1w_MPR_IP2_1.0mm",
    "PulseSequenceDetails": "%SiemensSeq%_tfl",
    "ReceiveCoilActiveElements": "HC1-7;NC1",
    "ReceiveCoilName": "HeadNeck_64",
    "ReconMatrixPE": 256,
    "RepetitionTime": 2.3,
    "SAR": 0.0397553,
    "ScanOptions": "IR",
    "ScanningSequence": "GR_IR",
    "SequenceName": "_tfl3d1_16ns",
    "SequenceVariant": "SK_SP_MP",
    "SeriesDescription": "T1w_MPR_IP2_1.0mm",
    "SeriesNumber": 2,
    "ShimSetting": [
      765,
      579,
      1989,
      448,
      -102,
      -478,
      65,
      -7
    ],
    "SliceThickness": 1,
    "SoftwareVersions": "syngo_MR_E11",
    "StationName": "AWP66018",
    "TxRefAmp": 244.808,
    "dataset": "ds004007",
    "modality": "T1w",
    "subject_id": "14"
  },
  "cjv": 0.3933921833258385,
  "cnr": 3.4314813981467425,
  "efc": 0.5368135408301048,
  "fber": -1.0,
  "fwhm_avg": 3.51965,
  "fwhm_x": 3.58285,
  "fwhm_y": 3.62128,
  "fwhm_z": 3.35482,
  "icvs_csf": 0.22060057489353216,
  "icvs_gm": 0.42348582222790965,
  "icvs_wm": 0.3559136028785582,
  "inu_med": 0.6508138179779053,
  "inu_range": 0.2527048587799071,
  "provenance": {
    "md5sum": "e5f5b865347a1c0a90c0549f4dd7fbff",
    "settings": {
      "testing": false
    },
    "software": "mriqc",
    "version": "22.0.6",
    "warnings": {
      "large_rot_frame": true,
      "small_air_mask": false
    },
    "webapi_port": null,
    "webapi_url": "https://mriqc.nimh.nih.gov/api/v1"
  },
  "qi_1": 6.313389671253369e-05,
  "qi_2": 0.0008991996915889819,
  "rpve_csf": 20.520030775190463,
  "rpve_gm": 10.99161678964558,
  "rpve_wm": 15.168455889464319,
  "size_x": 176,
  "size_y": 256,
  "size_z": 256,
  "snr_csf": 1.8147550648465285,
  "snr_gm": 8.293994499398233,
  "snr_total": 9.736729922032408,
  "snr_wm": 19.101440201852462,
  "snrd_csf": 15.060192481744515,
  "snrd_gm": 50.068693934364994,
  "snrd_total": 46.66589664586859,
  "snrd_wm": 74.86880352149625,
  "spacing_x": 1.0,
  "spacing_y": 1.0,
  "spacing_z": 1.0,
  "summary_bg_k": 149.47473575368795,
  "summary_bg_mad": 0.0,
  "summary_bg_mean": 4.532898945299,
  "summary_bg_median": 0.0,
  "summary_bg_n": 4594741.0,
  "summary_bg_p05": 0.0,
  "summary_bg_p95": 20.95358258485794,
  "summary_bg_stdv": 8.750034875677626,
  "summary_csf_k": 1.4462598215884466,
  "summary_csf_mad": 103.48084844755347,
  "summary_csf_mean": 216.98962897023176,
  "summary_csf_median": 201.14469208195806,
  "summary_csf_n": 48045.0,
  "summary_csf_p05": 67.51709944009781,
  "summary_csf_p95": 426.13378508686975,
  "summary_csf_stdv": 110.83732602412138,
  "summary_gm_k": -0.06496720253154065,
  "summary_gm_mad": 81.18824037337586,
  "summary_gm_mean": 668.8787656999139,
  "summary_gm_median": 668.7200071699917,
  "summary_gm_n": 28606.0,
  "summary_gm_p05": 535.977606385015,
  "summary_gm_p95": 802.8690141933039,
  "summary_gm_stdv": 80.62560430432707,
  "summary_wm_k": 0.5952746758696814,
  "summary_wm_mad": 49.115649402139695,
  "summary_wm_mean": 999.5518044813908,
  "summary_wm_median": 999.9515244662762,
  "summary_wm_n": 228344.0,
  "summary_wm_p05": 913.2269743233919,
  "summary_wm_p95": 1084.3478987663984,
  "summary_wm_stdv": 52.34942100304662,
  "tpm_overlap_csf": 0.16151843716723643,
  "tpm_overlap_gm": 0.45428462436128186,
  "tpm_overlap_wm": 0.49378154256251644,
  "wm2max": 0.4133478721536611
}