{
  "bids_meta": {
    "AcquisitionMatrixPE": 256,
    "AcquisitionNumber": 1,
    "AcquisitionTime": "14:54:41.597500",
    "BaseResolution": 256,
    "BodyPartExamined": "BRAIN",
    "ConsistencyInfo": "N4_VE11C_LATEST_20160120",
    "ConversionSoftware": "dcm2niix",
    "ConversionSoftwareVersion": "v1.0.20180518 GCC4.8.5",
    "DeviceSerialNumber": "66018",
    "DwellTime": 8.1e-06,
    "EchoTime": 0.00288,
    "FlipAngle": 9,
    "ImageOrientationPatientDICOM": [
      0,
      1,
      0,
      0,
      0,
      -1
    ],
    "ImageType": [
      "ORIGINAL",
      "PRIMARY",
      "M",
      "ND",
      "NORM"
    ],
    "InPlanePhaseEncodingDirectionDICOM": "ROW",
    "InstitutionAddress": "Stadium_1952_Princeton_NJ_US_08544",
    "InstitutionName": "Princeton_University",
    "InstitutionalDepartmentName": "NeuroScience",
    "InversionTime": 0.9,
    "MRAcquisitionType": "3D",
    "MagneticFieldStrength": 3,
    "Manufacturer": "Siemens",
    "ManufacturersModelName": "Prisma",
    "Modality": "MR",
    "ParallelReductionFactorInPlane": 2,
    "PartialFourier": 1,
    "PatientPosition": "HFS",
    "PercentPhaseFOV": 100,
    "PhaseEncodingSteps": 255,
    "PhaseResolution": 1,
    "PixelBandwidth": 240,
    "ProcedureStepDescription": "Norman_jamal",
    "ProtocolName": "T1w_MPR_IP2_1.0mm",
    "PulseSequenceDetails": "%SiemensSeq%_tfl",
    "ReceiveCoilActiveElements": "HC1-7;NC1",
    "ReceiveCoilName": "HeadNeck_64",
    "ReconMatrixPE": 256,
    "RepetitionTime": 2.3,
    "SAR": 0.0543146,
    "ScanOptions": "IR",
    "ScanningSequence": "GR_IR",
    "SequenceName": "_tfl3d1_16ns",
    "SequenceVariant": "SK_SP_MP",
    "SeriesDescription": "T1w_MPR_IP2_1.0mm",
    "SeriesNumber": 2,
    "ShimSetting": [
      742,
      533,
      1960,
      462,
      -62,
      44,
      426,
      89
    ],
    "SliceThickness": 1,
    "SoftwareVersions": "syngo_MR_E11",
    "StationName": "AWP66018",
    "TxRefAmp": 219.948,
    "dataset": "ds004007",
    "modality": "T1w",
    "subject_id": "22"
  },
  "cjv": 0.3504500993992617,
  "cnr": 3.8413544052705526,
  "efc": 0.5024305385245081,
  "fber": 13580.945422143017,
  "fwhm_avg": 3.72448,
  "fwhm_x": 3.82533,
  "fwhm_y": 3.78625,
  "fwhm_z": 3.56186,
  "icvs_csf": 0.22171112376554072,
  "icvs_gm": 0.43272703260735634,
  "icvs_wm": 0.3455618436271029,
  "inu_med": 0.5618710517883301,
  "inu_range": 0.203316330909729,
  "provenance": {
    "md5sum": "5d1717ce3a1a932b864621175ab8673d",
    "settings": {
      "testing": false
    },
    "software": "mriqc",
    "version": "22.0.6",
    "warnings": {
      "large_rot_frame": true,
      "small_air_mask": false
    },
    "webapi_port": null,
    "webapi_url": "https://mriqc.nimh.nih.gov/api/v1"
  },
  "qi_1": 0.0,
  "qi_2": 0.0011585947591824493,
  "rpve_csf": 24.97065475541998,
  "rpve_gm": 13.217537578785809,
  "rpve_wm": 18.92648823524557,
  "size_x": 176,
  "size_y": 256,
  "size_z": 256,
  "snr_csf": 1.668858995563905,
  "snr_gm": 8.606656160885219,
  "snr_total": 10.550103335571206,
  "snr_wm": 21.374794850264497,
  "snrd_csf": 17.030286568317653,
  "snrd_gm": 54.39465663737485,
  "snrd_total": 51.47463409609287,
  "snrd_wm": 82.9989590825861,
  "spacing_x": 1.0,
  "spacing_y": 1.0,
  "spacing_z": 1.0,
  "summary_bg_k": 8.90894539750218,
  "summary_bg_mad": 0.0,
  "summary_bg_mean": 5.031230869475814,
  "summary_bg_median": 0.0,
  "summary_bg_n": 3581838.0,
  "summary_bg_p05": 0.0,
  "summary_bg_p95": 19.9457201436162,
  "summary_bg_stdv": 7.893308658784085,
  "summary_csf_k": 0.5933289273563584,
  "summary_csf_mad": 118.286275738469,
  "summary_csf_mean": 223.60129360787494,
  "summary_csf_median": 205.18674955517054,
  "summary_csf_n": 36258.0,
  "summary_csf_p05": 55.91694329679012,
  "summary_csf_p95": 453.68112861439596,
  "summary_csf_stdv": 122.94862570382467,
  "summary_gm_k": -0.0698777456390074,
  "summary_gm_mad": 76.3240278118091,
  "summary_gm_mean": 655.7720368546792,
  "summary_gm_median": 655.365530334413,
  "summary_gm_n": 31295.0,
  "summary_gm_p05": 530.8404792606831,
  "summary_gm_p95": 782.2039403103291,
  "summary_gm_stdv": 76.14514246062144,
  "summary_wm_k": 0.5033559118559938,
  "summary_wm_mad": 44.453157620936516,
  "summary_wm_mean": 999.2415861669913,
  "summary_wm_median": 1000.0000036582351,
  "summary_wm_n": 189343.0,
  "summary_wm_p05": 921.2510265037417,
  "summary_wm_p95": 1074.2256533503532,
  "summary_wm_stdv": 46.78395137589445,
  "tpm_overlap_csf": 0.14329862553351935,
  "tpm_overlap_gm": 0.46639857666926676,
  "tpm_overlap_wm": 0.5061645335724134,
  "wm2max": 0.4369259147718717
}