{
  "aor": 0.0003621525019857029,
  "aqi": 0.015103982021445592,
  "bids_meta": {
    "AcquisitionMatrixPE": 104,
    "AcquisitionNumber": 1,
    "AcquisitionTime": "15:04:12.262500",
    "BandwidthPerPixelPhaseEncode": 16.578,
    "BaseResolution": 104,
    "BodyPartExamined": "BRAIN",
    "ConsistencyInfo": "N4_VE11C_LATEST_20160120",
    "ConversionSoftware": "dcm2niix",
    "ConversionSoftwareVersion": "v1.0.20180518 GCC4.8.5",
    "DerivedVendorReportedEchoSpacing": 0.000580009,
    "DeviceSerialNumber": "66018",
    "DwellTime": 2.1e-06,
    "EchoTime": 0.037,
    "EchoTrainLength": 104,
    "EffectiveEchoSpacing": 0.000580009,
    "FlipAngle": 60,
    "ImageComments": "Unaliased_MB8_PE3_LB",
    "ImageOrientationPatientDICOM": [
      1,
      0,
      0,
      0,
      1,
      0
    ],
    "ImageType": [
      "ORIGINAL",
      "PRIMARY",
      "M",
      "MB",
      "ND",
      "MOSAIC"
    ],
    "InPlanePhaseEncodingDirectionDICOM": "COL",
    "InstitutionAddress": "Stadium_1952_Princeton_NJ_US_08544",
    "InstitutionName": "Princeton_University",
    "InstitutionalDepartmentName": "NeuroScience",
    "MRAcquisitionType": "2D",
    "MagneticFieldStrength": 3,
    "Manufacturer": "Siemens",
    "ManufacturersModelName": "Prisma",
    "Modality": "MR",
    "MultibandAccelerationFactor": 8,
    "PartialFourier": 1,
    "PatientPosition": "HFS",
    "PercentPhaseFOV": 100,
    "PhaseEncodingDirection": "j-",
    "PhaseEncodingSteps": 104,
    "PhaseResolution": 1,
    "PixelBandwidth": 2290,
    "ProcedureStepDescription": "Norman_jamal",
    "ProtocolName": "BOLD_Minn_SMS8_2.0mm",
    "PulseSequenceDetails": "%CustomerSeq%_cmrr_mbep2d_bold",
    "ReceiveCoilActiveElements": "HC1-7;NC1",
    "ReceiveCoilName": "HeadNeck_64",
    "ReconMatrixPE": 104,
    "RepetitionTime": 1,
    "SAR": 0.0709387,
    "ScanOptions": "FS",
    "ScanningSequence": "EP",
    "SequenceName": "epfid2d1_104",
    "SequenceVariant": "SK_SS",
    "SeriesDescription": "BOLD_Minn_SMS8_2.0mm",
    "SeriesNumber": 4,
    "ShimSetting": [
      743,
      586,
      1962,
      300,
      -57,
      456,
      369,
      86
    ],
    "SliceThickness": 2,
    "SliceTiming": [
      0,
      0.5425,
      0.1075,
      0.6525,
      0.2175,
      0.76,
      0.325,
      0.87,
      0.435,
      0,
      0.5425,
      0.1075,
      0.6525,
      0.2175,
      0.76,
      0.325,
      0.87,
      0.435,
      0,
      0.5425,
      0.1075,
      0.6525,
      0.2175,
      0.76,
      0.325,
      0.87,
      0.435,
      0,
      0.5425,
      0.1075,
      0.6525,
      0.2175,
      0.76,
      0.325,
      0.87,
      0.435,
      0,
      0.5425,
      0.1075,
      0.6525,
      0.2175,
      0.76,
      0.325,
      0.87,
      0.435,
      0,
      0.5425,
      0.1075,
      0.6525,
      0.2175,
      0.76,
      0.325,
      0.87,
      0.435,
      0,
      0.5425,
      0.1075,
      0.6525,
      0.2175,
      0.76,
      0.325,
      0.87,
      0.435,
      0,
      0.5425,
      0.1075,
      0.6525,
      0.2175,
      0.76,
      0.325,
      0.87,
      0.435
    ],
    "SoftwareVersions": "syngo_MR_E11",
    "SpacingBetweenSlices": 2,
    "StationName": "AWP66018",
    "TaskName": "Listen",
    "TotalReadoutTime": 0.0597409,
    "TxRefAmp": 219.948,
    "dataset": "ds004007",
    "modality": "bold",
    "run_id": 1,
    "subject_id": "22",
    "task_id": "listen"
  },
  "dummy_trs": 0,
  "dvars_nstd": 50.05973805912202,
  "dvars_std": 1.0349215404807286,
  "dvars_vstd": 0.9894448529956316,
  "efc": 0.5271238969984668,
  "fber": 532.2709350585938,
  "fd_mean": 0.10517761938776765,
  "fd_num": 58,
  "fd_perc": 2.3034154090548054,
  "fwhm_avg": 2.7568183333333334,
  "fwhm_x": 2.560095,
  "fwhm_y": 2.90968,
  "fwhm_z": 2.80068,
  "gcor": 0.00577851,
  "gsr_x": -0.007264692801982164,
  "gsr_y": 0.05729098990559578,
  "provenance": {
    "md5sum": "ed176fa3e9e3d7c7883d08202d758440",
    "settings": {
      "fd_thres": 0.2,
      "testing": false
    },
    "software": "mriqc",
    "version": "22.0.6",
    "webapi_port": null,
    "webapi_url": "https://mriqc.nimh.nih.gov/api/v1"
  },
  "size_t": 2518,
  "size_x": 104,
  "size_y": 104,
  "size_z": 72,
  "snr": 2.817306233644339,
  "spacing_tr": 1.0,
  "spacing_x": 2.0,
  "spacing_y": 2.0,
  "spacing_z": 2.0,
  "summary_bg_k": 69.37325338387322,
  "summary_bg_mad": 91.45266277072409,
  "summary_bg_mean": 570.2969970703125,
  "summary_bg_median": 304.01788330078125,
  "summary_bg_n": 532347.0,
  "summary_bg_p05": 236.46505737304688,
  "summary_bg_p95": 1809.8624145507804,
  "summary_bg_stdv": 852.0858154296875,
  "summary_fg_k": 1.0443865381329855,
  "summary_fg_mad": 2366.3352144228356,
  "summary_fg_mean": 7436.43994140625,
  "summary_fg_median": 7088.880859375,
  "summary_fg_n": 148384.0,
  "summary_fg_p05": 4069.0068237304686,
  "summary_fg_p95": 12098.623242187501,
  "summary_fg_stdv": 2516.1826171875,
  "tsnr": 23.079312609974295
}