{
  "aor": 0.0002657284636760619,
  "aqi": 0.011476146252481143,
  "bids_meta": {
    "AcquisitionMatrixPE": 104,
    "AcquisitionNumber": 1,
    "AcquisitionTime": "18:06:53.482500",
    "BandwidthPerPixelPhaseEncode": 16.578,
    "BaseResolution": 104,
    "BodyPartExamined": "BRAIN",
    "ConsistencyInfo": "N4_VE11C_LATEST_20160120",
    "ConversionSoftware": "dcm2niix",
    "ConversionSoftwareVersion": "v1.0.20180518 GCC4.8.5",
    "DerivedVendorReportedEchoSpacing": 0.000580009,
    "DeviceSerialNumber": "66018",
    "DwellTime": 2.1e-06,
    "EchoTime": 0.037,
    "EchoTrainLength": 104,
    "EffectiveEchoSpacing": 0.000580009,
    "FlipAngle": 60,
    "ImageComments": "Unaliased_MB8_PE3_LB",
    "ImageOrientationPatientDICOM": [
      1,
      0,
      0,
      0,
      1,
      0
    ],
    "ImageType": [
      "ORIGINAL",
      "PRIMARY",
      "M",
      "MB",
      "ND",
      "MOSAIC"
    ],
    "InPlanePhaseEncodingDirectionDICOM": "COL",
    "InstitutionAddress": "Stadium_1952_Princeton_NJ_US_08544",
    "InstitutionName": "Princeton_University",
    "InstitutionalDepartmentName": "NeuroScience",
    "MRAcquisitionType": "2D",
    "MagneticFieldStrength": 3,
    "Manufacturer": "Siemens",
    "ManufacturersModelName": "Prisma",
    "Modality": "MR",
    "MultibandAccelerationFactor": 8,
    "PartialFourier": 1,
    "PatientPosition": "HFS",
    "PercentPhaseFOV": 100,
    "PhaseEncodingDirection": "j-",
    "PhaseEncodingSteps": 104,
    "PhaseResolution": 1,
    "PixelBandwidth": 2290,
    "ProcedureStepDescription": "Norman_jamal",
    "ProtocolName": "BOLD_Minn_SMS8_2.0mm",
    "PulseSequenceDetails": "%CustomerSeq%_cmrr_mbep2d_bold",
    "ReceiveCoilActiveElements": "HC1-7;NC1",
    "ReceiveCoilName": "HeadNeck_64",
    "ReconMatrixPE": 104,
    "RepetitionTime": 1,
    "SAR": 0.0748706,
    "ScanOptions": "FS",
    "ScanningSequence": "EP",
    "SequenceName": "epfid2d1_104",
    "SequenceVariant": "SK_SS",
    "SeriesDescription": "BOLD_Minn_SMS8_2.0mm",
    "SeriesNumber": 4,
    "ShimSetting": [
      767,
      549,
      2107,
      554,
      -112,
      101,
      201,
      31
    ],
    "SliceThickness": 2,
    "SliceTiming": [
      0,
      0.545,
      0.11,
      0.655,
      0.2175,
      0.7625,
      0.3275,
      0.8725,
      0.4375,
      0,
      0.545,
      0.11,
      0.655,
      0.2175,
      0.7625,
      0.3275,
      0.8725,
      0.4375,
      0,
      0.545,
      0.11,
      0.655,
      0.2175,
      0.7625,
      0.3275,
      0.8725,
      0.4375,
      0,
      0.545,
      0.11,
      0.655,
      0.2175,
      0.7625,
      0.3275,
      0.8725,
      0.4375,
      0,
      0.545,
      0.11,
      0.655,
      0.2175,
      0.7625,
      0.3275,
      0.8725,
      0.4375,
      0,
      0.545,
      0.11,
      0.655,
      0.2175,
      0.7625,
      0.3275,
      0.8725,
      0.4375,
      0,
      0.545,
      0.11,
      0.655,
      0.2175,
      0.7625,
      0.3275,
      0.8725,
      0.4375,
      0,
      0.545,
      0.11,
      0.655,
      0.2175,
      0.7625,
      0.3275,
      0.8725,
      0.4375
    ],
    "SoftwareVersions": "syngo_MR_E11",
    "SpacingBetweenSlices": 2,
    "StationName": "AWP66018",
    "TaskName": "Listen",
    "TotalReadoutTime": 0.0597409,
    "TxRefAmp": 249.195,
    "dataset": "ds004007",
    "modality": "bold",
    "run_id": 1,
    "subject_id": "13",
    "task_id": "listen"
  },
  "dummy_trs": 1,
  "dvars_nstd": 44.492650657093066,
  "dvars_std": 0.9906547315647345,
  "dvars_vstd": 0.9781831237529793,
  "efc": 0.5620429814301945,
  "fber": 503.73956298828125,
  "fd_mean": 0.10094036899459614,
  "fd_num": 153,
  "fd_perc": 6.073838824930528,
  "fwhm_avg": 3.0341316666666667,
  "fwhm_x": 2.825545,
  "fwhm_y": 3.24756,
  "fwhm_z": 3.02929,
  "gcor": 0.00691584,
  "gsr_x": -0.011945249512791634,
  "gsr_y": 0.10611481964588165,
  "provenance": {
    "md5sum": "1347644deb9597ab9e09647da93df4a8",
    "settings": {
      "fd_thres": 0.2,
      "testing": false
    },
    "software": "mriqc",
    "version": "22.0.6",
    "webapi_port": null,
    "webapi_url": "https://mriqc.nimh.nih.gov/api/v1"
  },
  "size_t": 2519,
  "size_x": 104,
  "size_y": 104,
  "size_z": 72,
  "snr": 2.3560166905614293,
  "spacing_tr": 1.0,
  "spacing_x": 2.0,
  "spacing_y": 2.0,
  "spacing_z": 2.0,
  "summary_bg_k": 24.076028184713657,
  "summary_bg_mad": 135.11658307589857,
  "summary_bg_mean": 794.8162231445312,
  "summary_bg_median": 346.225830078125,
  "summary_bg_n": 493710.0,
  "summary_bg_p05": 241.63907012939453,
  "summary_bg_p95": 3076.1107666015614,
  "summary_bg_stdv": 1144.787109375,
  "summary_fg_k": 1.1994237441895308,
  "summary_fg_mad": 3198.324813772733,
  "summary_fg_mean": 8418.6953125,
  "summary_fg_median": 7910.5400390625,
  "summary_fg_n": 180739.0,
  "summary_fg_p05": 4053.74677734375,
  "summary_fg_p95": 14527.842187500002,
  "summary_fg_stdv": 3357.58154296875,
  "tsnr": 24.427997589111328
}