{
  "bids_meta": {
    "AcquisitionMatrixPE": 256,
    "AcquisitionNumber": 1,
    "AcquisitionTime": "18:47:56.002500",
    "BaseResolution": 256,
    "BodyPartExamined": "BRAIN",
    "ConsistencyInfo": "N4_VE11C_LATEST_20160120",
    "ConversionSoftware": "dcm2niix",
    "ConversionSoftwareVersion": "v1.0.20180518 GCC4.8.5",
    "DeviceSerialNumber": "66018",
    "DwellTime": 8.1e-06,
    "EchoTime": 0.00288,
    "FlipAngle": 9,
    "ImageOrientationPatientDICOM": [
      0,
      1,
      0,
      0,
      0,
      -1
    ],
    "ImageType": [
      "ORIGINAL",
      "PRIMARY",
      "M",
      "ND",
      "NORM"
    ],
    "InPlanePhaseEncodingDirectionDICOM": "ROW",
    "InstitutionAddress": "Stadium_1952_Princeton_NJ_US_08544",
    "InstitutionName": "Princeton_University",
    "InstitutionalDepartmentName": "NeuroScience",
    "InversionTime": 0.9,
    "MRAcquisitionType": "3D",
    "MagneticFieldStrength": 3,
    "Manufacturer": "Siemens",
    "ManufacturersModelName": "Prisma",
    "Modality": "MR",
    "ParallelReductionFactorInPlane": 2,
    "PartialFourier": 1,
    "PatientPosition": "HFS",
    "PercentPhaseFOV": 100,
    "PhaseEncodingSteps": 255,
    "PhaseResolution": 1,
    "PixelBandwidth": 240,
    "ProcedureStepDescription": "Norman_jamal",
    "ProtocolName": "T1w_MPR_IP2_1.0mm",
    "PulseSequenceDetails": "%SiemensSeq%_tfl",
    "ReceiveCoilActiveElements": "HC1-7;NC1",
    "ReceiveCoilName": "HeadNeck_64",
    "ReconMatrixPE": 256,
    "RepetitionTime": 2.3,
    "SAR": 0.061647,
    "ScanOptions": "IR",
    "ScanningSequence": "GR_IR",
    "SequenceName": "_tfl3d1_16ns",
    "SequenceVariant": "SK_SP_MP",
    "SeriesDescription": "T1w_MPR_IP2_1.0mm",
    "SeriesNumber": 2,
    "ShimSetting": [
      755,
      452,
      2013,
      350,
      -81,
      -254,
      211,
      73
    ],
    "SliceThickness": 1,
    "SoftwareVersions": "syngo_MR_E11",
    "StationName": "AWP66018",
    "TxRefAmp": 230.731,
    "dataset": "ds004007",
    "modality": "T1w",
    "subject_id": "08"
  },
  "cjv": 0.33906890624531205,
  "cnr": 3.9436696672275624,
  "efc": 0.5442164912599069,
  "fber": 15386.94312283737,
  "fwhm_avg": 3.7897,
  "fwhm_x": 3.82771,
  "fwhm_y": 3.97797,
  "fwhm_z": 3.56342,
  "icvs_csf": 0.2174153304877364,
  "icvs_gm": 0.4365074118150659,
  "icvs_wm": 0.34607725769719766,
  "inu_med": 0.6275973320007324,
  "inu_range": 0.2622222602367401,
  "provenance": {
    "md5sum": "c3a5a8f90f31950c2667034f543b1cc4",
    "settings": {
      "testing": false
    },
    "software": "mriqc",
    "version": "22.0.6",
    "warnings": {
      "large_rot_frame": true,
      "small_air_mask": false
    },
    "webapi_port": null,
    "webapi_url": "https://mriqc.nimh.nih.gov/api/v1"
  },
  "qi_1": 0.0,
  "qi_2": 0.0007869312128620179,
  "rpve_csf": 25.23287571665503,
  "rpve_gm": 13.037561412009435,
  "rpve_wm": 18.696668428884713,
  "size_x": 176,
  "size_y": 256,
  "size_z": 256,
  "snr_csf": 1.7949136105015666,
  "snr_gm": 9.108187893525068,
  "snr_total": 10.169813580773086,
  "snr_wm": 19.606339238292623,
  "snrd_csf": 16.352034458108534,
  "snrd_gm": 48.28002343790198,
  "snrd_total": 46.23765483737861,
  "snrd_wm": 74.0809066161253,
  "spacing_x": 1.0,
  "spacing_y": 1.0,
  "spacing_z": 1.0,
  "summary_bg_k": 36.648750528539644,
  "summary_bg_mad": 0.0,
  "summary_bg_mean": 5.031297670385649,
  "summary_bg_median": 0.0,
  "summary_bg_n": 3329005.0,
  "summary_bg_p05": 0.0,
  "summary_bg_p95": 19.6478064134717,
  "summary_bg_stdv": 8.843525439519718,
  "summary_csf_k": 0.3578801325446137,
  "summary_csf_mad": 124.64809199346436,
  "summary_csf_mean": 230.58338599338163,
  "summary_csf_median": 220.73209902271628,
  "summary_csf_n": 39190.0,
  "summary_csf_p05": 51.07614405825734,
  "summary_csf_p95": 451.9219672059638,
  "summary_csf_stdv": 122.97487830860636,
  "summary_gm_k": 0.02876441225070936,
  "summary_gm_mad": 69.92380239342462,
  "summary_gm_mean": 654.1402414932681,
  "summary_gm_median": 651.720184519887,
  "summary_gm_n": 32342.0,
  "summary_gm_p05": 539.8255193643272,
  "summary_gm_p95": 777.5537861963733,
  "summary_gm_stdv": 71.55211515330625,
  "summary_wm_k": 0.5692095006463544,
  "summary_wm_mad": 48.16704451820175,
  "summary_wm_mean": 999.474043679245,
  "summary_wm_median": 999.9999728947878,
  "summary_wm_n": 178542.0,
  "summary_wm_p05": 915.4165739156306,
  "summary_wm_p95": 1082.0152975916862,
  "summary_wm_stdv": 51.003767724081726,
  "tpm_overlap_csf": 0.15169305176631281,
  "tpm_overlap_gm": 0.4749703411396062,
  "tpm_overlap_wm": 0.5087223147291846,
  "wm2max": 0.4614415260600211
}