{
  "aor": 0.0003760381861575179,
  "aqi": 0.01081820313842482,
  "bids_meta": {
    "AcquisitionMatrixPE": 104,
    "AcquisitionNumber": 1,
    "AcquisitionTime": "11:18:3.397500",
    "BandwidthPerPixelPhaseEncode": 16.578,
    "BaseResolution": 104,
    "BodyPartExamined": "BRAIN",
    "ConsistencyInfo": "N4_VE11C_LATEST_20160120",
    "ConversionSoftware": "dcm2niix",
    "ConversionSoftwareVersion": "v1.0.20180518 GCC4.8.5",
    "DerivedVendorReportedEchoSpacing": 0.000580009,
    "DeviceSerialNumber": "66018",
    "DwellTime": 2.1e-06,
    "EchoTime": 0.037,
    "EchoTrainLength": 104,
    "EffectiveEchoSpacing": 0.000580009,
    "FlipAngle": 60,
    "ImageComments": "Unaliased_MB8_PE3_LB",
    "ImageOrientationPatientDICOM": [
      1,
      0,
      0,
      0,
      1,
      0
    ],
    "ImageType": [
      "ORIGINAL",
      "PRIMARY",
      "M",
      "MB",
      "ND",
      "MOSAIC"
    ],
    "InPlanePhaseEncodingDirectionDICOM": "COL",
    "InstitutionAddress": "Stadium_1952_Princeton_NJ_US_08544",
    "InstitutionName": "Princeton_University",
    "InstitutionalDepartmentName": "NeuroScience",
    "MRAcquisitionType": "2D",
    "MagneticFieldStrength": 3,
    "Manufacturer": "Siemens",
    "ManufacturersModelName": "Prisma",
    "Modality": "MR",
    "MultibandAccelerationFactor": 8,
    "PartialFourier": 1,
    "PatientPosition": "HFS",
    "PercentPhaseFOV": 100,
    "PhaseEncodingDirection": "j-",
    "PhaseEncodingSteps": 104,
    "PhaseResolution": 1,
    "PixelBandwidth": 2290,
    "ProcedureStepDescription": "Norman_jamal",
    "ProtocolName": "BOLD_Minn_SMS8_2.0mm",
    "PulseSequenceDetails": "%CustomerSeq%_cmrr_mbep2d_bold",
    "ReceiveCoilActiveElements": "HC1-7;NC1",
    "ReceiveCoilName": "HeadNeck_64",
    "ReconMatrixPE": 104,
    "RepetitionTime": 1,
    "SAR": 0.0627944,
    "ScanOptions": "FS",
    "ScanningSequence": "EP",
    "SequenceName": "epfid2d1_104",
    "SequenceVariant": "SK_SS",
    "SeriesDescription": "BOLD_Minn_SMS8_2.0mm",
    "SeriesNumber": 6,
    "ShimSetting": [
      753,
      504,
      2067,
      530,
      -136,
      50,
      148,
      18
    ],
    "SliceThickness": 2,
    "SliceTiming": [
      0,
      0.5425,
      0.1075,
      0.6525,
      0.2175,
      0.76,
      0.325,
      0.87,
      0.435,
      0,
      0.5425,
      0.1075,
      0.6525,
      0.2175,
      0.76,
      0.325,
      0.87,
      0.435,
      0,
      0.5425,
      0.1075,
      0.6525,
      0.2175,
      0.76,
      0.325,
      0.87,
      0.435,
      0,
      0.5425,
      0.1075,
      0.6525,
      0.2175,
      0.76,
      0.325,
      0.87,
      0.435,
      0,
      0.5425,
      0.1075,
      0.6525,
      0.2175,
      0.76,
      0.325,
      0.87,
      0.435,
      0,
      0.5425,
      0.1075,
      0.6525,
      0.2175,
      0.76,
      0.325,
      0.87,
      0.435,
      0,
      0.5425,
      0.1075,
      0.6525,
      0.2175,
      0.76,
      0.325,
      0.87,
      0.435,
      0,
      0.5425,
      0.1075,
      0.6525,
      0.2175,
      0.76,
      0.325,
      0.87,
      0.435
    ],
    "SoftwareVersions": "syngo_MR_E11",
    "SpacingBetweenSlices": 2,
    "StationName": "AWP66018",
    "TaskName": "Listen",
    "TotalReadoutTime": 0.0597409,
    "TxRefAmp": 226.695,
    "dataset": "ds004007",
    "modality": "bold",
    "run_id": 2,
    "subject_id": "18",
    "task_id": "listen"
  },
  "dummy_trs": 5,
  "dvars_nstd": 43.13183829950657,
  "dvars_std": 1.0273627406844374,
  "dvars_vstd": 1.0030192769637865,
  "efc": 0.5334657131405821,
  "fber": 495.0525817871094,
  "fd_mean": 0.14516700786839398,
  "fd_num": 515,
  "fd_perc": 20.48528241845664,
  "fwhm_avg": 3.174276666666666,
  "fwhm_x": 2.94678,
  "fwhm_y": 3.407315,
  "fwhm_z": 3.168735,
  "gcor": 0.00858978,
  "gsr_x": 0.004567411728203297,
  "gsr_y": 0.06408794224262238,
  "provenance": {
    "md5sum": "49fe7d677f9d3226bd4d8922a6c64a9d",
    "settings": {
      "fd_thres": 0.2,
      "testing": false
    },
    "software": "mriqc",
    "version": "22.0.6",
    "webapi_port": null,
    "webapi_url": "https://mriqc.nimh.nih.gov/api/v1"
  },
  "size_t": 2514,
  "size_x": 104,
  "size_y": 104,
  "size_z": 72,
  "snr": 2.3016822695523587,
  "spacing_tr": 1.0,
  "spacing_x": 2.0,
  "spacing_y": 2.0,
  "spacing_z": 2.0,
  "summary_bg_k": 27.86554997766771,
  "summary_bg_mad": 162.48380114806122,
  "summary_bg_mean": 775.115234375,
  "summary_bg_median": 363.89447021484375,
  "summary_bg_n": 522873.0,
  "summary_bg_p05": 234.63231506347657,
  "summary_bg_p95": 2824.581152343744,
  "summary_bg_stdv": 1134.7509765625,
  "summary_fg_k": 2.5281508901397975,
  "summary_fg_mad": 3104.7210701922763,
  "summary_fg_mean": 8814.98046875,
  "summary_fg_median": 8219.9599609375,
  "summary_fg_n": 154617.0,
  "summary_fg_p05": 4360.9322265625,
  "summary_fg_p95": 15511.627343749999,
  "summary_fg_stdv": 3571.27197265625,
  "tsnr": 26.611209869384766
}