{
  "bids_meta": {
    "AcquisitionMatrixPE": 256,
    "AcquisitionNumber": 1,
    "AcquisitionTime": "14:26:51.062500",
    "BaseResolution": 256,
    "BodyPartExamined": "BRAIN",
    "ConsistencyInfo": "N4_VE11C_LATEST_20160120",
    "ConversionSoftware": "dcm2niix",
    "ConversionSoftwareVersion": "v1.0.20180518 GCC4.8.5",
    "DeviceSerialNumber": "66018",
    "DwellTime": 8.1e-06,
    "EchoTime": 0.00288,
    "FlipAngle": 9,
    "ImageOrientationPatientDICOM": [
      0,
      1,
      0,
      0,
      0,
      -1
    ],
    "ImageType": [
      "ORIGINAL",
      "PRIMARY",
      "M",
      "ND",
      "NORM"
    ],
    "InPlanePhaseEncodingDirectionDICOM": "ROW",
    "InstitutionAddress": "Stadium_1952_Princeton_NJ_US_08544",
    "InstitutionName": "Princeton_University",
    "InstitutionalDepartmentName": "NeuroScience",
    "InversionTime": 0.9,
    "MRAcquisitionType": "3D",
    "MagneticFieldStrength": 3,
    "Manufacturer": "Siemens",
    "ManufacturersModelName": "Prisma",
    "Modality": "MR",
    "ParallelReductionFactorInPlane": 2,
    "PartialFourier": 1,
    "PatientPosition": "HFS",
    "PercentPhaseFOV": 100,
    "PhaseEncodingSteps": 255,
    "PhaseResolution": 1,
    "PixelBandwidth": 240,
    "ProcedureStepDescription": "Norman_jamal",
    "ProtocolName": "T1w_MPR_IP2_1.0mm",
    "PulseSequenceDetails": "%SiemensSeq%_tfl",
    "ReceiveCoilActiveElements": "HC1-7;NC1",
    "ReceiveCoilName": "HeadNeck_64",
    "ReconMatrixPE": 256,
    "RepetitionTime": 2.3,
    "SAR": 0.0545614,
    "ScanOptions": "IR",
    "ScanningSequence": "GR_IR",
    "SequenceName": "_tfl3d1_16ns",
    "SequenceVariant": "SK_SP_MP",
    "SeriesDescription": "T1w_MPR_IP2_1.0mm",
    "SeriesNumber": 2,
    "ShimSetting": [
      754,
      459,
      1994,
      193,
      -84,
      -279,
      309,
      12
    ],
    "SliceThickness": 1,
    "SoftwareVersions": "syngo_MR_E11",
    "StationName": "AWP66018",
    "TxRefAmp": 241.289,
    "dataset": "ds004007",
    "modality": "T1w",
    "subject_id": "25"
  },
  "cjv": 0.3388483430297541,
  "cnr": 3.917811476345053,
  "efc": 0.5259002856566307,
  "fber": -1.0,
  "fwhm_avg": 3.6142033333333337,
  "fwhm_x": 3.70284,
  "fwhm_y": 3.7499,
  "fwhm_z": 3.38987,
  "icvs_csf": 0.2119662649798807,
  "icvs_gm": 0.44042530900469234,
  "icvs_wm": 0.34760842601542696,
  "inu_med": 0.5806725323200226,
  "inu_range": 0.2532724887132645,
  "provenance": {
    "md5sum": "b2eca0c08f894f88beb38f20aa0f4375",
    "settings": {
      "testing": false
    },
    "software": "mriqc",
    "version": "22.0.6",
    "warnings": {
      "large_rot_frame": true,
      "small_air_mask": false
    },
    "webapi_port": null,
    "webapi_url": "https://mriqc.nimh.nih.gov/api/v1"
  },
  "qi_1": 0.0,
  "qi_2": 0.0013618551087455732,
  "rpve_csf": 25.18338066058885,
  "rpve_gm": 12.762217326900194,
  "rpve_wm": 18.53401898862073,
  "size_x": 176,
  "size_y": 256,
  "size_z": 256,
  "snr_csf": 1.7711782731541212,
  "snr_gm": 9.48588550237088,
  "snr_total": 10.739750566949008,
  "snr_wm": 20.962187925322024,
  "snrd_csf": 20.074624566300574,
  "snrd_gm": 59.09937086637312,
  "snrd_total": 55.96425696928338,
  "snrd_wm": 88.71877547517646,
  "spacing_x": 1.0,
  "spacing_y": 1.0,
  "spacing_z": 1.0,
  "summary_bg_k": 8.389451878739607,
  "summary_bg_mad": 0.0,
  "summary_bg_mean": 4.314564720710639,
  "summary_bg_median": 0.0,
  "summary_bg_n": 3077382.0,
  "summary_bg_p05": 0.0,
  "summary_bg_p95": 19.82356509193778,
  "summary_bg_stdv": 7.384416578428434,
  "summary_csf_k": 0.552193174869418,
  "summary_csf_mad": 121.62088706625934,
  "summary_csf_mean": 242.85787624912325,
  "summary_csf_median": 226.27256011590362,
  "summary_csf_n": 30479.0,
  "summary_csf_p05": 56.02311873808503,
  "summary_csf_p95": 475.66923286207015,
  "summary_csf_stdv": 127.75046508476032,
  "summary_gm_k": 0.2284820713726683,
  "summary_gm_mad": 67.35000915412137,
  "summary_gm_mean": 666.4884634174534,
  "summary_gm_median": 666.1427666060627,
  "summary_gm_n": 34809.0,
  "summary_gm_p05": 550.8213314190507,
  "summary_gm_p95": 783.2893893718718,
  "summary_gm_stdv": 70.223617798118,
  "summary_wm_k": 0.4084112908504851,
  "summary_wm_mad": 45.776959346941865,
  "summary_wm_mean": 999.8230167100251,
  "summary_wm_median": 999.9999945610762,
  "summary_wm_n": 199971.0,
  "summary_wm_p05": 921.1620310880244,
  "summary_wm_p95": 1077.5704666599631,
  "summary_wm_stdv": 47.70482440849738,
  "tpm_overlap_csf": 0.1409151741794069,
  "tpm_overlap_gm": 0.4551899994930843,
  "tpm_overlap_wm": 0.5017048429645532,
  "wm2max": 0.40910976520368375
}