{
  "aor": 0.00046036450079239307,
  "aqi": 0.010168231513470682,
  "bids_meta": {
    "AcquisitionMatrixPE": 104,
    "AcquisitionNumber": 1,
    "AcquisitionTime": "12:16:18.292500",
    "BandwidthPerPixelPhaseEncode": 16.578,
    "BaseResolution": 104,
    "BodyPartExamined": "BRAIN",
    "ConsistencyInfo": "N4_VE11C_LATEST_20160120",
    "ConversionSoftware": "dcm2niix",
    "ConversionSoftwareVersion": "v1.0.20180518 GCC4.8.5",
    "DerivedVendorReportedEchoSpacing": 0.000580009,
    "DeviceSerialNumber": "66018",
    "DwellTime": 2.1e-06,
    "EchoTime": 0.037,
    "EchoTrainLength": 104,
    "EffectiveEchoSpacing": 0.000580009,
    "FlipAngle": 60,
    "ImageComments": "Unaliased_MB8_PE3_LB",
    "ImageOrientationPatientDICOM": [
      1,
      0,
      0,
      0,
      1,
      0
    ],
    "ImageType": [
      "ORIGINAL",
      "PRIMARY",
      "M",
      "MB",
      "ND",
      "MOSAIC"
    ],
    "InPlanePhaseEncodingDirectionDICOM": "COL",
    "InstitutionAddress": "Stadium_1952_Princeton_NJ_US_08544",
    "InstitutionName": "Princeton_University",
    "InstitutionalDepartmentName": "NeuroScience",
    "MRAcquisitionType": "2D",
    "MagneticFieldStrength": 3,
    "Manufacturer": "Siemens",
    "ManufacturersModelName": "Prisma",
    "Modality": "MR",
    "MultibandAccelerationFactor": 8,
    "PartialFourier": 1,
    "PatientPosition": "HFS",
    "PercentPhaseFOV": 100,
    "PhaseEncodingDirection": "j-",
    "PhaseEncodingSteps": 104,
    "PhaseResolution": 1,
    "PixelBandwidth": 2290,
    "ProcedureStepDescription": "Norman_jamal",
    "ProtocolName": "BOLD_Minn_SMS8_2.0mm",
    "PulseSequenceDetails": "%CustomerSeq%_cmrr_mbep2d_bold",
    "ReceiveCoilActiveElements": "HC1-7;NC1",
    "ReceiveCoilName": "HeadNeck_64",
    "ReconMatrixPE": 104,
    "RepetitionTime": 1,
    "SAR": 0.06126,
    "ScanOptions": "FS",
    "ScanningSequence": "EP",
    "SequenceName": "epfid2d1_104",
    "SequenceVariant": "SK_SS",
    "SeriesDescription": "BOLD_Minn_SMS8_2.0mm",
    "SeriesNumber": 7,
    "ShimSetting": [
      780,
      511,
      1947,
      681,
      -44,
      -164,
      87,
      -4
    ],
    "SliceThickness": 2,
    "SliceTiming": [
      0,
      0.545,
      0.11,
      0.655,
      0.2175,
      0.7625,
      0.3275,
      0.8725,
      0.435,
      0,
      0.545,
      0.11,
      0.655,
      0.2175,
      0.7625,
      0.3275,
      0.8725,
      0.435,
      0,
      0.545,
      0.11,
      0.655,
      0.2175,
      0.7625,
      0.3275,
      0.8725,
      0.435,
      0,
      0.545,
      0.11,
      0.655,
      0.2175,
      0.7625,
      0.3275,
      0.8725,
      0.435,
      0,
      0.545,
      0.11,
      0.655,
      0.2175,
      0.7625,
      0.3275,
      0.8725,
      0.435,
      0,
      0.545,
      0.11,
      0.655,
      0.2175,
      0.7625,
      0.3275,
      0.8725,
      0.435,
      0,
      0.545,
      0.11,
      0.655,
      0.2175,
      0.7625,
      0.3275,
      0.8725,
      0.435,
      0,
      0.545,
      0.11,
      0.655,
      0.2175,
      0.7625,
      0.3275,
      0.8725,
      0.435
    ],
    "SoftwareVersions": "syngo_MR_E11",
    "SpacingBetweenSlices": 2,
    "StationName": "AWP66018",
    "TaskName": "Listen",
    "TotalReadoutTime": 0.0597409,
    "TxRefAmp": 221.95,
    "dataset": "ds004007",
    "modality": "bold",
    "run_id": 2,
    "subject_id": "02",
    "task_id": "listen"
  },
  "dummy_trs": 2,
  "dvars_nstd": 42.25091832141114,
  "dvars_std": 1.0190129272096708,
  "dvars_vstd": 0.9980519757986535,
  "efc": 0.5141412044049124,
  "fber": 599.4326171875,
  "fd_mean": 0.13000349922028812,
  "fd_num": 449,
  "fd_perc": 17.789223454833596,
  "fwhm_avg": 3.06485,
  "fwhm_x": 2.784525,
  "fwhm_y": 3.317475,
  "fwhm_z": 3.09255,
  "gcor": 0.0104695,
  "gsr_x": -0.002429361455142498,
  "gsr_y": 0.08072327822446823,
  "provenance": {
    "md5sum": "ac316af388de5c8c17a3626e0121032b",
    "settings": {
      "fd_thres": 0.2,
      "testing": false
    },
    "software": "mriqc",
    "version": "22.0.6",
    "webapi_port": null,
    "webapi_url": "https://mriqc.nimh.nih.gov/api/v1"
  },
  "size_t": 2524,
  "size_x": 104,
  "size_y": 104,
  "size_z": 72,
  "snr": 2.4323658099143035,
  "spacing_tr": 1.0,
  "spacing_x": 2.0,
  "spacing_y": 2.0,
  "spacing_z": 2.0,
  "summary_bg_k": 53.96359181699851,
  "summary_bg_mad": 119.18050953498266,
  "summary_bg_mean": 671.3922119140625,
  "summary_bg_median": 325.8511047363281,
  "summary_bg_n": 538131.0,
  "summary_bg_p05": 236.15862274169922,
  "summary_bg_p95": 2210.8538818359375,
  "summary_bg_stdv": 1036.4693603515625,
  "summary_fg_k": 0.9577294747826346,
  "summary_fg_mad": 3124.9830592028984,
  "summary_fg_mean": 8647.34375,
  "summary_fg_median": 8141.814453125,
  "summary_fg_n": 141808.0,
  "summary_fg_p05": 4342.449267578125,
  "summary_fg_p95": 14886.203417968749,
  "summary_fg_stdv": 3347.270263671875,
  "tsnr": 26.168615341186523
}