{
  "aor": 0.0008201427438540843,
  "aqi": 0.014160149896907217,
  "bids_meta": {
    "AcquisitionMatrixPE": 104,
    "AcquisitionNumber": 1,
    "AcquisitionTime": "11:32:1.122500",
    "BandwidthPerPixelPhaseEncode": 16.578,
    "BaseResolution": 104,
    "BodyPartExamined": "BRAIN",
    "ConsistencyInfo": "N4_VE11C_LATEST_20160120",
    "ConversionSoftware": "dcm2niix",
    "ConversionSoftwareVersion": "v1.0.20180518 GCC4.8.5",
    "DerivedVendorReportedEchoSpacing": 0.000580009,
    "DeviceSerialNumber": "66018",
    "DwellTime": 2.1e-06,
    "EchoTime": 0.037,
    "EchoTrainLength": 104,
    "EffectiveEchoSpacing": 0.000580009,
    "FlipAngle": 60,
    "ImageComments": "Unaliased_MB8_PE3_LB",
    "ImageOrientationPatientDICOM": [
      1,
      0,
      0,
      0,
      1,
      0
    ],
    "ImageType": [
      "ORIGINAL",
      "PRIMARY",
      "M",
      "MB",
      "ND",
      "MOSAIC"
    ],
    "InPlanePhaseEncodingDirectionDICOM": "COL",
    "InstitutionAddress": "Stadium_1952_Princeton_NJ_US_08544",
    "InstitutionName": "Princeton_University",
    "InstitutionalDepartmentName": "NeuroScience",
    "MRAcquisitionType": "2D",
    "MagneticFieldStrength": 3,
    "Manufacturer": "Siemens",
    "ManufacturersModelName": "Prisma",
    "Modality": "MR",
    "MultibandAccelerationFactor": 8,
    "PartialFourier": 1,
    "PatientPosition": "HFS",
    "PercentPhaseFOV": 100,
    "PhaseEncodingDirection": "j-",
    "PhaseEncodingSteps": 104,
    "PhaseResolution": 1,
    "PixelBandwidth": 2290,
    "ProcedureStepDescription": "Norman_jamal",
    "ProtocolName": "BOLD_Minn_SMS8_2.0mm",
    "PulseSequenceDetails": "%CustomerSeq%_cmrr_mbep2d_bold",
    "ReceiveCoilActiveElements": "HC1-7;NC1",
    "ReceiveCoilName": "HeadNeck_64",
    "ReconMatrixPE": 104,
    "RepetitionTime": 1,
    "SAR": 0.06126,
    "ScanOptions": "FS",
    "ScanningSequence": "EP",
    "SequenceName": "epfid2d1_104",
    "SequenceVariant": "SK_SS",
    "SeriesDescription": "BOLD_Minn_SMS8_2.0mm",
    "SeriesNumber": 5,
    "ShimSetting": [
      780,
      511,
      1947,
      681,
      -44,
      -164,
      87,
      -4
    ],
    "SliceThickness": 2,
    "SliceTiming": [
      0,
      0.545,
      0.11,
      0.655,
      0.22,
      0.7625,
      0.3275,
      0.8725,
      0.4375,
      0,
      0.545,
      0.11,
      0.655,
      0.22,
      0.7625,
      0.3275,
      0.8725,
      0.4375,
      0,
      0.545,
      0.11,
      0.655,
      0.22,
      0.7625,
      0.3275,
      0.8725,
      0.4375,
      0,
      0.545,
      0.11,
      0.655,
      0.22,
      0.7625,
      0.3275,
      0.8725,
      0.4375,
      0,
      0.545,
      0.11,
      0.655,
      0.22,
      0.7625,
      0.3275,
      0.8725,
      0.4375,
      0,
      0.545,
      0.11,
      0.655,
      0.22,
      0.7625,
      0.3275,
      0.8725,
      0.4375,
      0,
      0.545,
      0.11,
      0.655,
      0.22,
      0.7625,
      0.3275,
      0.8725,
      0.4375,
      0,
      0.545,
      0.11,
      0.655,
      0.22,
      0.7625,
      0.3275,
      0.8725,
      0.4375
    ],
    "SoftwareVersions": "syngo_MR_E11",
    "SpacingBetweenSlices": 2,
    "StationName": "AWP66018",
    "TaskName": "Listen",
    "TotalReadoutTime": 0.0597409,
    "TxRefAmp": 221.95,
    "dataset": "ds004007",
    "modality": "bold",
    "run_id": 1,
    "subject_id": "02",
    "task_id": "listen"
  },
  "dummy_trs": 2,
  "dvars_nstd": 42.314994477596244,
  "dvars_std": 1.0090365122848075,
  "dvars_vstd": 1.0161770463109865,
  "efc": 0.5116677570211549,
  "fber": 608.6478881835938,
  "fd_mean": 0.15918223360560077,
  "fd_num": 666,
  "fd_perc": 26.40761300555115,
  "fwhm_avg": 3.1243266666666667,
  "fwhm_x": 2.83368,
  "fwhm_y": 3.38133,
  "fwhm_z": 3.15797,
  "gcor": 0.00926765,
  "gsr_x": -0.003747877199202776,
  "gsr_y": 0.08175869286060333,
  "provenance": {
    "md5sum": "bb34bd2381fd82b4deeac2058dfa2379",
    "settings": {
      "fd_thres": 0.2,
      "testing": false
    },
    "software": "mriqc",
    "version": "22.0.6",
    "webapi_port": null,
    "webapi_url": "https://mriqc.nimh.nih.gov/api/v1"
  },
  "size_t": 2522,
  "size_x": 104,
  "size_y": 104,
  "size_z": 72,
  "snr": 2.3957809560188617,
  "spacing_tr": 1.0,
  "spacing_x": 2.0,
  "spacing_y": 2.0,
  "spacing_z": 2.0,
  "summary_bg_k": 60.85643508492385,
  "summary_bg_mad": 126.33222827485352,
  "summary_bg_mean": 668.393310546875,
  "summary_bg_median": 327.7579040527344,
  "summary_bg_n": 537226.0,
  "summary_bg_p05": 230.75804138183594,
  "summary_bg_p95": 2163.2960205078125,
  "summary_bg_stdv": 1050.7694091796875,
  "summary_fg_k": 1.0744215339017273,
  "summary_fg_mad": 3208.807998697625,
  "summary_fg_mean": 8792.736328125,
  "summary_fg_median": 8257.970703125,
  "summary_fg_n": 142316.0,
  "summary_fg_p05": 4393.3167724609375,
  "summary_fg_p95": 15227.67578125,
  "summary_fg_stdv": 3446.868408203125,
  "tsnr": 23.870698928833008
}