{
  "aor": 0.000981123862287297,
  "aqi": 0.020618115654926793,
  "bids_meta": {
    "AcquisitionMatrixPE": 104,
    "AcquisitionNumber": 1,
    "AcquisitionTime": "14:17:33.105000",
    "BandwidthPerPixelPhaseEncode": 16.578,
    "BaseResolution": 104,
    "BodyPartExamined": "BRAIN",
    "ConsistencyInfo": "N4_VE11C_LATEST_20160120",
    "ConversionSoftware": "dcm2niix",
    "ConversionSoftwareVersion": "v1.0.20180518 GCC4.8.5",
    "DerivedVendorReportedEchoSpacing": 0.000580009,
    "DeviceSerialNumber": "66018",
    "DwellTime": 2.1e-06,
    "EchoTime": 0.037,
    "EchoTrainLength": 104,
    "EffectiveEchoSpacing": 0.000580009,
    "FlipAngle": 60,
    "ImageComments": "Unaliased_MB8_PE3_LB",
    "ImageOrientationPatientDICOM": [
      1,
      0,
      0,
      0,
      1,
      0
    ],
    "ImageType": [
      "ORIGINAL",
      "PRIMARY",
      "M",
      "MB",
      "ND",
      "MOSAIC"
    ],
    "InPlanePhaseEncodingDirectionDICOM": "COL",
    "InstitutionAddress": "Stadium_1952_Princeton_NJ_US_08544",
    "InstitutionName": "Princeton_University",
    "InstitutionalDepartmentName": "NeuroScience",
    "MRAcquisitionType": "2D",
    "MagneticFieldStrength": 3,
    "Manufacturer": "Siemens",
    "ManufacturersModelName": "Prisma",
    "Modality": "MR",
    "MultibandAccelerationFactor": 8,
    "PartialFourier": 1,
    "PatientPosition": "HFS",
    "PercentPhaseFOV": 100,
    "PhaseEncodingDirection": "j-",
    "PhaseEncodingSteps": 104,
    "PhaseResolution": 1,
    "PixelBandwidth": 2290,
    "ProcedureStepDescription": "Norman_jamal",
    "ProtocolName": "BOLD_Minn_SMS8_2.0mm",
    "PulseSequenceDetails": "%CustomerSeq%_cmrr_mbep2d_bold",
    "ReceiveCoilActiveElements": "HC1-7;NC1",
    "ReceiveCoilName": "HeadNeck_64",
    "ReconMatrixPE": 104,
    "RepetitionTime": 1,
    "SAR": 0.0519231,
    "ScanOptions": "FS",
    "ScanningSequence": "EP",
    "SequenceName": "epfid2d1_104",
    "SequenceVariant": "SK_SS",
    "SeriesDescription": "BOLD_Minn_SMS8_2.0mm",
    "SeriesNumber": 4,
    "ShimSetting": [
      762,
      596,
      2008,
      508,
      -96,
      -383,
      -2,
      -17
    ],
    "SliceThickness": 2,
    "SliceTiming": [
      0,
      0.545,
      0.11,
      0.6525,
      0.2175,
      0.7625,
      0.3275,
      0.8725,
      0.435,
      0,
      0.545,
      0.11,
      0.6525,
      0.2175,
      0.7625,
      0.3275,
      0.8725,
      0.435,
      0,
      0.545,
      0.11,
      0.6525,
      0.2175,
      0.7625,
      0.3275,
      0.8725,
      0.435,
      0,
      0.545,
      0.11,
      0.6525,
      0.2175,
      0.7625,
      0.3275,
      0.8725,
      0.435,
      0,
      0.545,
      0.11,
      0.6525,
      0.2175,
      0.7625,
      0.3275,
      0.8725,
      0.435,
      0,
      0.545,
      0.11,
      0.6525,
      0.2175,
      0.7625,
      0.3275,
      0.8725,
      0.435,
      0,
      0.545,
      0.11,
      0.6525,
      0.2175,
      0.7625,
      0.3275,
      0.8725,
      0.435,
      0,
      0.545,
      0.11,
      0.6525,
      0.2175,
      0.7625,
      0.3275,
      0.8725,
      0.435
    ],
    "SoftwareVersions": "syngo_MR_E11",
    "SpacingBetweenSlices": 2,
    "StationName": "AWP66018",
    "TaskName": "Listen",
    "TotalReadoutTime": 0.0597409,
    "TxRefAmp": 244.808,
    "dataset": "ds004007",
    "modality": "bold",
    "run_id": 1,
    "subject_id": "14",
    "task_id": "listen"
  },
  "dummy_trs": 0,
  "dvars_nstd": 50.474861315673024,
  "dvars_std": 1.0124921707323844,
  "dvars_vstd": 0.9875440713143302,
  "efc": 0.5760252337537395,
  "fber": 235.0271759033203,
  "fd_mean": 0.14297973601119257,
  "fd_num": 455,
  "fd_perc": 18.005540166204987,
  "fwhm_avg": 3.18586,
  "fwhm_x": 2.8385,
  "fwhm_y": 3.432235,
  "fwhm_z": 3.286845,
  "gcor": 0.0244163,
  "gsr_x": -0.002918879734352231,
  "gsr_y": 0.11433759331703186,
  "provenance": {
    "md5sum": "22db24d4a642b6fe2998229937fabb76",
    "settings": {
      "fd_thres": 0.2,
      "testing": false
    },
    "software": "mriqc",
    "version": "22.0.6",
    "webapi_port": null,
    "webapi_url": "https://mriqc.nimh.nih.gov/api/v1"
  },
  "size_t": 2527,
  "size_x": 104,
  "size_y": 104,
  "size_z": 72,
  "snr": 1.7557565500358452,
  "spacing_tr": 1.0,
  "spacing_x": 2.0,
  "spacing_y": 2.0,
  "spacing_z": 2.0,
  "summary_bg_k": 21.040076716950956,
  "summary_bg_mad": 298.24022245860937,
  "summary_bg_mean": 1133.7088623046875,
  "summary_bg_median": 494.5276794433594,
  "summary_bg_n": 479779.0,
  "summary_bg_p05": 267.2268981933594,
  "summary_bg_p95": 4415.563769531248,
  "summary_bg_stdv": 1611.6593017578125,
  "summary_fg_k": 2.691139919102725,
  "summary_fg_mad": 3590.5968920612945,
  "summary_fg_mean": 8729.0458984375,
  "summary_fg_median": 7816.65380859375,
  "summary_fg_n": 190613.0,
  "summary_fg_p05": 3414.0562011718753,
  "summary_fg_p95": 17477.44453125,
  "summary_fg_stdv": 4452.0029296875,
  "tsnr": 20.801366806030273
}