{
  "bids_meta": {
    "AcquisitionMatrixPE": 256,
    "AcquisitionNumber": 1,
    "AcquisitionTime": "11:02:0.457500",
    "BaseResolution": 256,
    "BodyPartExamined": "BRAIN",
    "ConsistencyInfo": "N4_VE11C_LATEST_20160120",
    "ConversionSoftware": "dcm2niix",
    "ConversionSoftwareVersion": "v1.0.20180518 GCC4.8.5",
    "DeviceSerialNumber": "66018",
    "DwellTime": 8.1e-06,
    "EchoTime": 0.00288,
    "FlipAngle": 9,
    "ImageOrientationPatientDICOM": [
      0,
      1,
      0,
      0,
      0,
      -1
    ],
    "ImageType": [
      "ORIGINAL",
      "PRIMARY",
      "M",
      "ND",
      "NORM"
    ],
    "InPlanePhaseEncodingDirectionDICOM": "ROW",
    "InstitutionAddress": "Stadium_1952_Princeton_NJ_US_08544",
    "InstitutionName": "Princeton_University",
    "InstitutionalDepartmentName": "NeuroScience",
    "InversionTime": 0.9,
    "MRAcquisitionType": "3D",
    "MagneticFieldStrength": 3,
    "Manufacturer": "Siemens",
    "ManufacturersModelName": "Prisma",
    "Modality": "MR",
    "ParallelReductionFactorInPlane": 2,
    "PartialFourier": 1,
    "PatientPosition": "HFS",
    "PercentPhaseFOV": 100,
    "PhaseEncodingSteps": 255,
    "PhaseResolution": 1,
    "PixelBandwidth": 240,
    "ProcedureStepDescription": "Norman_jamal",
    "ProtocolName": "T1w_MPR_IP2_1.0mm",
    "PulseSequenceDetails": "%SiemensSeq%_tfl",
    "ReceiveCoilActiveElements": "HC1-7;NC1",
    "ReceiveCoilName": "HeadNeck_64",
    "ReconMatrixPE": 256,
    "RepetitionTime": 2.3,
    "SAR": 0.0442009,
    "ScanOptions": "IR",
    "ScanningSequence": "GR_IR",
    "SequenceName": "_tfl3d1_16ns",
    "SequenceVariant": "SK_SP_MP",
    "SeriesDescription": "T1w_MPR_IP2_1.0mm",
    "SeriesNumber": 2,
    "ShimSetting": [
      751,
      482,
      2003,
      427,
      -166,
      -321,
      254,
      26
    ],
    "SliceThickness": 1,
    "SoftwareVersions": "syngo_MR_E11",
    "StationName": "AWP66018",
    "TxRefAmp": 222.016,
    "dataset": "ds004007",
    "modality": "T1w",
    "subject_id": "07"
  },
  "cjv": 0.33359092517100136,
  "cnr": 3.920636303782689,
  "efc": 0.5037844990835216,
  "fber": -1.0,
  "fwhm_avg": 3.62792,
  "fwhm_x": 3.62983,
  "fwhm_y": 3.84111,
  "fwhm_z": 3.41282,
  "icvs_csf": 0.21673024639699473,
  "icvs_gm": 0.44701217560622036,
  "icvs_wm": 0.3362575779967849,
  "inu_med": 0.6297868192195892,
  "inu_range": 0.26156972348690033,
  "provenance": {
    "md5sum": "2eae52996a76c40195c243daf0135e1e",
    "settings": {
      "testing": false
    },
    "software": "mriqc",
    "version": "22.0.6",
    "warnings": {
      "large_rot_frame": true,
      "small_air_mask": false
    },
    "webapi_port": null,
    "webapi_url": "https://mriqc.nimh.nih.gov/api/v1"
  },
  "qi_1": 5.365636569653853e-05,
  "qi_2": 0.0012298609246980702,
  "rpve_csf": 23.716296333097347,
  "rpve_gm": 12.018439271509404,
  "rpve_wm": 17.833235026340567,
  "size_x": 176,
  "size_y": 256,
  "size_z": 256,
  "snr_csf": 1.6543412786470544,
  "snr_gm": 9.443216020002076,
  "snr_total": 10.239262310220951,
  "snr_wm": 19.62022963201372,
  "snrd_csf": 17.597314517281887,
  "snrd_gm": 58.67543642167204,
  "snrd_total": 55.07061561463234,
  "snrd_wm": 88.93909590494309,
  "spacing_x": 1.0,
  "spacing_y": 1.0,
  "spacing_z": 1.0,
  "summary_bg_k": 13.144998340075837,
  "summary_bg_mad": 0.0,
  "summary_bg_mean": 4.180669527494638,
  "summary_bg_median": 0.0,
  "summary_bg_n": 3567027.0,
  "summary_bg_p05": 0.0,
  "summary_bg_p95": 19.427147917449474,
  "summary_bg_stdv": 7.3661237951531255,
  "summary_csf_k": 0.44131505457771203,
  "summary_csf_mad": 119.56826687709389,
  "summary_csf_mean": 213.86206479541602,
  "summary_csf_median": 197.85802955925465,
  "summary_csf_n": 42532.0,
  "summary_csf_p05": 52.00498057901859,
  "summary_csf_p95": 437.73100247997775,
  "summary_csf_stdv": 119.59787627206005,
  "summary_gm_k": 0.3438890467360478,
  "summary_gm_mad": 65.58160653913488,
  "summary_gm_mean": 659.9430125944451,
  "summary_gm_median": 659.7260179966688,
  "summary_gm_n": 36876.0,
  "summary_gm_p05": 543.3499299911782,
  "summary_gm_p95": 776.1519192019477,
  "summary_gm_stdv": 69.86148271348436,
  "summary_wm_k": 0.45650936081840277,
  "summary_wm_mad": 47.93070117556142,
  "summary_wm_mean": 999.2541461682254,
  "summary_wm_median": 999.9999857507646,
  "summary_wm_n": 195305.0,
  "summary_wm_p05": 913.8231501169503,
  "summary_wm_p95": 1081.7932598032057,
  "summary_wm_stdv": 50.96767185729321,
  "tpm_overlap_csf": 0.1502754946943196,
  "tpm_overlap_gm": 0.4665672398969885,
  "tpm_overlap_wm": 0.4937333800721646,
  "wm2max": 0.3992958867053863
}