{
  "aor": 0.000190166468489893,
  "aqi": 0.02164441482362267,
  "bids_meta": {
    "AcquisitionMatrixPE": 104,
    "AcquisitionNumber": 1,
    "AcquisitionTime": "18:22:25.890000",
    "BandwidthPerPixelPhaseEncode": 16.578,
    "BaseResolution": 104,
    "BodyPartExamined": "BRAIN",
    "ConsistencyInfo": "N4_VE11C_LATEST_20160120",
    "ConversionSoftware": "dcm2niix",
    "ConversionSoftwareVersion": "v1.0.20180518 GCC4.8.5",
    "DerivedVendorReportedEchoSpacing": 0.000580009,
    "DeviceSerialNumber": "66018",
    "DwellTime": 2.1e-06,
    "EchoTime": 0.037,
    "EchoTrainLength": 104,
    "EffectiveEchoSpacing": 0.000580009,
    "FlipAngle": 60,
    "ImageComments": "Unaliased_MB8_PE3_LB",
    "ImageOrientationPatientDICOM": [
      1,
      0,
      0,
      0,
      1,
      0
    ],
    "ImageType": [
      "ORIGINAL",
      "PRIMARY",
      "M",
      "MB",
      "ND",
      "MOSAIC"
    ],
    "InPlanePhaseEncodingDirectionDICOM": "COL",
    "InstitutionAddress": "Stadium_1952_Princeton_NJ_US_08544",
    "InstitutionName": "Princeton_University",
    "InstitutionalDepartmentName": "NeuroScience",
    "MRAcquisitionType": "2D",
    "MagneticFieldStrength": 3,
    "Manufacturer": "Siemens",
    "ManufacturersModelName": "Prisma",
    "Modality": "MR",
    "MultibandAccelerationFactor": 8,
    "PartialFourier": 1,
    "PatientPosition": "HFS",
    "PercentPhaseFOV": 100,
    "PhaseEncodingDirection": "j-",
    "PhaseEncodingSteps": 104,
    "PhaseResolution": 1,
    "PixelBandwidth": 2290,
    "ProcedureStepDescription": "Norman_jamal",
    "ProtocolName": "BOLD_Minn_SMS8_2.0mm",
    "PulseSequenceDetails": "%CustomerSeq%_cmrr_mbep2d_bold",
    "ReceiveCoilActiveElements": "HC1-7;NC1",
    "ReceiveCoilName": "HeadNeck_64",
    "ReconMatrixPE": 104,
    "RepetitionTime": 1,
    "SAR": 0.0680476,
    "ScanOptions": "FS",
    "ScanningSequence": "EP",
    "SequenceName": "epfid2d1_104",
    "SequenceVariant": "SK_SS",
    "SeriesDescription": "BOLD_Minn_SMS8_2.0mm",
    "SeriesNumber": 4,
    "ShimSetting": [
      755,
      535,
      2083,
      537,
      -182,
      -68,
      217,
      35
    ],
    "SliceThickness": 2,
    "SliceTiming": [
      0,
      0.5425,
      0.1075,
      0.6525,
      0.2175,
      0.76,
      0.325,
      0.87,
      0.435,
      0,
      0.5425,
      0.1075,
      0.6525,
      0.2175,
      0.76,
      0.325,
      0.87,
      0.435,
      0,
      0.5425,
      0.1075,
      0.6525,
      0.2175,
      0.76,
      0.325,
      0.87,
      0.435,
      0,
      0.5425,
      0.1075,
      0.6525,
      0.2175,
      0.76,
      0.325,
      0.87,
      0.435,
      0,
      0.5425,
      0.1075,
      0.6525,
      0.2175,
      0.76,
      0.325,
      0.87,
      0.435,
      0,
      0.5425,
      0.1075,
      0.6525,
      0.2175,
      0.76,
      0.325,
      0.87,
      0.435,
      0,
      0.5425,
      0.1075,
      0.6525,
      0.2175,
      0.76,
      0.325,
      0.87,
      0.435,
      0,
      0.5425,
      0.1075,
      0.6525,
      0.2175,
      0.76,
      0.325,
      0.87,
      0.435
    ],
    "SoftwareVersions": "syngo_MR_E11",
    "SpacingBetweenSlices": 2,
    "StationName": "AWP66018",
    "TaskName": "Listen",
    "TotalReadoutTime": 0.0597409,
    "TxRefAmp": 226.97,
    "dataset": "ds004007",
    "modality": "bold",
    "run_id": 1,
    "subject_id": "06",
    "task_id": "listen"
  },
  "dummy_trs": 0,
  "dvars_nstd": 52.29514210496828,
  "dvars_std": 0.9921505547977795,
  "dvars_vstd": 0.9551299180214138,
  "efc": 0.5345484811399427,
  "fber": 493.5472717285156,
  "fd_mean": 0.20835603035159705,
  "fd_num": 1361,
  "fd_perc": 53.94371779627428,
  "fwhm_avg": 3.050946666666667,
  "fwhm_x": 2.8274,
  "fwhm_y": 3.206185,
  "fwhm_z": 3.119255,
  "gcor": 0.0314798,
  "gsr_x": -0.01821115054190159,
  "gsr_y": 0.09730374068021774,
  "provenance": {
    "md5sum": "a72660d5534d1fb3f6317f84f6fac458",
    "settings": {
      "fd_thres": 0.2,
      "testing": false
    },
    "software": "mriqc",
    "version": "22.0.6",
    "webapi_port": null,
    "webapi_url": "https://mriqc.nimh.nih.gov/api/v1"
  },
  "size_t": 2523,
  "size_x": 104,
  "size_y": 104,
  "size_z": 72,
  "snr": 2.177702835489295,
  "spacing_tr": 1.0,
  "spacing_x": 2.0,
  "spacing_y": 2.0,
  "spacing_z": 2.0,
  "summary_bg_k": 36.772646326592486,
  "summary_bg_mad": 120.20296574023747,
  "summary_bg_mean": 701.765869140625,
  "summary_bg_median": 330.408935546875,
  "summary_bg_n": 514124.0,
  "summary_bg_p05": 235.49501037597656,
  "summary_bg_p95": 2602.564941406249,
  "summary_bg_stdv": 1033.91943359375,
  "summary_fg_k": 3.2112274987147336,
  "summary_fg_mad": 2851.6691770337725,
  "summary_fg_mean": 8118.96435546875,
  "summary_fg_median": 7463.24755859375,
  "summary_fg_n": 159812.0,
  "summary_fg_p05": 3949.825793457031,
  "summary_fg_p95": 14546.177880859372,
  "summary_fg_stdv": 3427.108642578125,
  "tsnr": 18.123281478881836
}