{
  "bids_meta": {
    "AcquisitionMatrixPE": 256,
    "AcquisitionNumber": 1,
    "AcquisitionTime": "10:33:44.667500",
    "BaseResolution": 256,
    "BodyPartExamined": "BRAIN",
    "ConsistencyInfo": "N4_VE11C_LATEST_20160120",
    "ConversionSoftware": "dcm2niix",
    "ConversionSoftwareVersion": "v1.0.20180518 GCC4.8.5",
    "DeviceSerialNumber": "66018",
    "DwellTime": 8.1e-06,
    "EchoTime": 0.00288,
    "FlipAngle": 9,
    "ImageOrientationPatientDICOM": [
      0,
      1,
      0,
      0,
      0,
      -1
    ],
    "ImageType": [
      "ORIGINAL",
      "PRIMARY",
      "M",
      "ND",
      "NORM"
    ],
    "InPlanePhaseEncodingDirectionDICOM": "ROW",
    "InstitutionAddress": "Stadium_1952_Princeton_NJ_US_08544",
    "InstitutionName": "Princeton_University",
    "InstitutionalDepartmentName": "NeuroScience",
    "InversionTime": 0.9,
    "MRAcquisitionType": "3D",
    "MagneticFieldStrength": 3,
    "Manufacturer": "Siemens",
    "ManufacturersModelName": "Prisma",
    "Modality": "MR",
    "ParallelReductionFactorInPlane": 2,
    "PartialFourier": 1,
    "PatientPosition": "HFS",
    "PercentPhaseFOV": 100,
    "PhaseEncodingSteps": 255,
    "PhaseResolution": 1,
    "PixelBandwidth": 240,
    "ProcedureStepDescription": "Norman_jamal",
    "ProtocolName": "T1w_MPR_IP2_1.0mm",
    "PulseSequenceDetails": "%SiemensSeq%_tfl",
    "ReceiveCoilActiveElements": "HC1-7;NC1",
    "ReceiveCoilName": "HeadNeck_64",
    "ReconMatrixPE": 256,
    "RepetitionTime": 2.3,
    "SAR": 0.0728863,
    "ScanOptions": "IR",
    "ScanningSequence": "GR_IR",
    "SequenceName": "_tfl3d1_16ns",
    "SequenceVariant": "SK_SP_MP",
    "SeriesDescription": "T1w_MPR_IP2_1.0mm",
    "SeriesNumber": 2,
    "ShimSetting": [
      737,
      464,
      2022,
      263,
      -146,
      -197,
      320,
      18
    ],
    "SliceThickness": 1,
    "SoftwareVersions": "syngo_MR_E11",
    "StationName": "AWP66018",
    "TxRefAmp": 290.358,
    "dataset": "ds004007",
    "modality": "T1w",
    "subject_id": "24"
  },
  "cjv": 0.3685305870083487,
  "cnr": 3.6184624351156014,
  "efc": 0.5740444669103021,
  "fber": -1.0,
  "fwhm_avg": 3.6547633333333334,
  "fwhm_x": 3.76322,
  "fwhm_y": 3.80275,
  "fwhm_z": 3.39832,
  "icvs_csf": 0.20712392699241788,
  "icvs_gm": 0.4207758929628257,
  "icvs_wm": 0.3721001800447564,
  "inu_med": 0.5655976831912994,
  "inu_range": 0.23431017100811002,
  "provenance": {
    "md5sum": "a6432109825ee21866e7b6bd8e77906e",
    "settings": {
      "testing": false
    },
    "software": "mriqc",
    "version": "22.0.6",
    "warnings": {
      "large_rot_frame": true,
      "small_air_mask": false
    },
    "webapi_port": null,
    "webapi_url": "https://mriqc.nimh.nih.gov/api/v1"
  },
  "qi_1": 4.044037254826631e-06,
  "qi_2": 0.0008570797760268741,
  "rpve_csf": 19.19018616101265,
  "rpve_gm": 9.984192786703904,
  "rpve_wm": 13.340153178351695,
  "size_x": 176,
  "size_y": 256,
  "size_z": 256,
  "snr_csf": 1.928509701039547,
  "snr_gm": 8.75852484423669,
  "snr_total": 10.39967082610245,
  "snr_wm": 20.511977933031115,
  "snrd_csf": 20.559448754219275,
  "snrd_gm": 60.664657619464585,
  "snrd_total": 57.2319392595602,
  "snrd_wm": 90.47171140499675,
  "spacing_x": 1.0,
  "spacing_y": 1.0,
  "spacing_z": 1.0,
  "summary_bg_k": 262.95580102398367,
  "summary_bg_mad": 0.0,
  "summary_bg_mean": 3.3461385033039965,
  "summary_bg_median": 0.0,
  "summary_bg_n": 3221440.0,
  "summary_bg_p05": 0.0,
  "summary_bg_p95": 16.093710750341415,
  "summary_bg_stdv": 7.241339991989701,
  "summary_csf_k": 1.3162983488486795,
  "summary_csf_mad": 108.05214391315458,
  "summary_csf_mean": 240.77038430227236,
  "summary_csf_median": 227.24727015197277,
  "summary_csf_n": 41310.0,
  "summary_csf_p05": 71.65775641053915,
  "summary_csf_p95": 455.4443748150014,
  "summary_csf_stdv": 117.83426316248834,
  "summary_gm_k": 0.06522423099539498,
  "summary_gm_mad": 75.43262876956074,
  "summary_gm_mean": 669.918256438801,
  "summary_gm_median": 670.5373282879591,
  "summary_gm_n": 35742.0,
  "summary_gm_p05": 542.8597075108439,
  "summary_gm_p95": 795.823810711503,
  "summary_gm_stdv": 76.55717828100278,
  "summary_wm_k": 0.5480725210629775,
  "summary_wm_mad": 45.98445537603853,
  "summary_wm_mean": 1000.1663979963764,
  "summary_wm_median": 1000.0000334903598,
  "summary_wm_n": 283516.0,
  "summary_wm_p05": 920.6009984910488,
  "summary_wm_p95": 1080.0102220624685,
  "summary_wm_stdv": 48.75191818091401,
  "tpm_overlap_csf": 0.1733764382245508,
  "tpm_overlap_gm": 0.45550232963996823,
  "tpm_overlap_wm": 0.5195869272002214,
  "wm2max": 0.39415047374337564
}