{
  "aor": 0.0004173949246629659,
  "aqi": 0.020161653727200635,
  "bids_meta": {
    "AcquisitionMatrixPE": 104,
    "AcquisitionNumber": 1,
    "AcquisitionTime": "19:40:30.567500",
    "BandwidthPerPixelPhaseEncode": 16.578,
    "BaseResolution": 104,
    "BodyPartExamined": "BRAIN",
    "ConsistencyInfo": "N4_VE11C_LATEST_20160120",
    "ConversionSoftware": "dcm2niix",
    "ConversionSoftwareVersion": "v1.0.20180518 GCC4.8.5",
    "DerivedVendorReportedEchoSpacing": 0.000580009,
    "DeviceSerialNumber": "66018",
    "DwellTime": 2.1e-06,
    "EchoTime": 0.037,
    "EchoTrainLength": 104,
    "EffectiveEchoSpacing": 0.000580009,
    "FlipAngle": 60,
    "ImageComments": "Unaliased_MB8_PE3_LB",
    "ImageOrientationPatientDICOM": [
      1,
      0,
      0,
      0,
      1,
      0
    ],
    "ImageType": [
      "ORIGINAL",
      "PRIMARY",
      "M",
      "MB",
      "ND",
      "MOSAIC"
    ],
    "InPlanePhaseEncodingDirectionDICOM": "COL",
    "InstitutionAddress": "Stadium_1952_Princeton_NJ_US_08544",
    "InstitutionName": "Princeton_University",
    "InstitutionalDepartmentName": "NeuroScience",
    "MRAcquisitionType": "2D",
    "MagneticFieldStrength": 3,
    "Manufacturer": "Siemens",
    "ManufacturersModelName": "Prisma",
    "Modality": "MR",
    "MultibandAccelerationFactor": 8,
    "PartialFourier": 1,
    "PatientPosition": "HFS",
    "PercentPhaseFOV": 100,
    "PhaseEncodingDirection": "j-",
    "PhaseEncodingSteps": 104,
    "PhaseResolution": 1,
    "PixelBandwidth": 2290,
    "ProcedureStepDescription": "Norman_jamal",
    "ProtocolName": "BOLD_Minn_SMS8_2.0mm",
    "PulseSequenceDetails": "%CustomerSeq%_cmrr_mbep2d_bold",
    "ReceiveCoilActiveElements": "HC1-7;NC1",
    "ReceiveCoilName": "HeadNeck_64",
    "ReconMatrixPE": 104,
    "RepetitionTime": 1,
    "SAR": 0.0805153,
    "ScanOptions": "FS",
    "ScanningSequence": "EP",
    "SequenceName": "epfid2d1_104",
    "SequenceVariant": "SK_SS",
    "SeriesDescription": "BOLD_Minn_SMS8_2.0mm",
    "SeriesNumber": 6,
    "ShimSetting": [
      744,
      523,
      2092,
      598,
      -111,
      152,
      192,
      41
    ],
    "SliceThickness": 2,
    "SliceTiming": [
      0,
      0.545,
      0.1075,
      0.6525,
      0.2175,
      0.7625,
      0.3275,
      0.87,
      0.435,
      0,
      0.545,
      0.1075,
      0.6525,
      0.2175,
      0.7625,
      0.3275,
      0.87,
      0.435,
      0,
      0.545,
      0.1075,
      0.6525,
      0.2175,
      0.7625,
      0.3275,
      0.87,
      0.435,
      0,
      0.545,
      0.1075,
      0.6525,
      0.2175,
      0.7625,
      0.3275,
      0.87,
      0.435,
      0,
      0.545,
      0.1075,
      0.6525,
      0.2175,
      0.7625,
      0.3275,
      0.87,
      0.435,
      0,
      0.545,
      0.1075,
      0.6525,
      0.2175,
      0.7625,
      0.3275,
      0.87,
      0.435,
      0,
      0.545,
      0.1075,
      0.6525,
      0.2175,
      0.7625,
      0.3275,
      0.87,
      0.435,
      0,
      0.545,
      0.1075,
      0.6525,
      0.2175,
      0.7625,
      0.3275,
      0.87,
      0.435
    ],
    "SoftwareVersions": "syngo_MR_E11",
    "SpacingBetweenSlices": 2,
    "StationName": "AWP66018",
    "TaskName": "Listen",
    "TotalReadoutTime": 0.0597409,
    "TxRefAmp": 230.731,
    "dataset": "ds004007",
    "modality": "bold",
    "run_id": 2,
    "subject_id": "08",
    "task_id": "listen"
  },
  "dummy_trs": 3,
  "dvars_nstd": 51.493730368861556,
  "dvars_std": 1.0297532249464485,
  "dvars_vstd": 0.9834271390241962,
  "efc": 0.5363370102593568,
  "fber": 445.3556823730469,
  "fd_mean": 0.16008288974683674,
  "fd_num": 485,
  "fd_perc": 19.23076923076923,
  "fwhm_avg": 3.1336816666666665,
  "fwhm_x": 2.783945,
  "fwhm_y": 3.383675,
  "fwhm_z": 3.233425,
  "gcor": 0.0140187,
  "gsr_x": -0.020183326676487923,
  "gsr_y": 0.09764988720417023,
  "provenance": {
    "md5sum": "cbcb3a4a0ceebf657516dcc40f71b953",
    "settings": {
      "fd_thres": 0.2,
      "testing": false
    },
    "software": "mriqc",
    "version": "22.0.6",
    "webapi_port": null,
    "webapi_url": "https://mriqc.nimh.nih.gov/api/v1"
  },
  "size_t": 2522,
  "size_x": 104,
  "size_y": 104,
  "size_z": 72,
  "snr": 2.21764315231856,
  "spacing_tr": 1.0,
  "spacing_x": 2.0,
  "spacing_y": 2.0,
  "spacing_z": 2.0,
  "summary_bg_k": 45.91183530732858,
  "summary_bg_mad": 141.7407740473334,
  "summary_bg_mean": 788.5833740234375,
  "summary_bg_median": 350.774658203125,
  "summary_bg_n": 523564.0,
  "summary_bg_p05": 245.709383392334,
  "summary_bg_p95": 2993.4999877929613,
  "summary_bg_stdv": 1272.7392578125,
  "summary_fg_k": 1.4454563588402474,
  "summary_fg_mad": 3010.5808968052224,
  "summary_fg_mean": 8133.119140625,
  "summary_fg_median": 7598.0537109375,
  "summary_fg_n": 152278.0,
  "summary_fg_p05": 3612.4580078125,
  "summary_fg_p95": 14516.86240234375,
  "summary_fg_stdv": 3426.1728515625,
  "tsnr": 20.789396286010742
}