{
  "aor": 0.00033589144215530895,
  "aqi": 0.01792605705229794,
  "bids_meta": {
    "AcquisitionMatrixPE": 104,
    "AcquisitionNumber": 1,
    "AcquisitionTime": "10:27:33.087500",
    "BandwidthPerPixelPhaseEncode": 16.578,
    "BaseResolution": 104,
    "BodyPartExamined": "BRAIN",
    "ConsistencyInfo": "N4_VE11C_LATEST_20160120",
    "ConversionSoftware": "dcm2niix",
    "ConversionSoftwareVersion": "v1.0.20180518 GCC4.8.5",
    "DerivedVendorReportedEchoSpacing": 0.000580009,
    "DeviceSerialNumber": "66018",
    "DwellTime": 2.1e-06,
    "EchoTime": 0.037,
    "EchoTrainLength": 104,
    "EffectiveEchoSpacing": 0.000580009,
    "FlipAngle": 60,
    "ImageComments": "Unaliased_MB8_PE3_LB",
    "ImageOrientationPatientDICOM": [
      1,
      0,
      0,
      0,
      1,
      0
    ],
    "ImageType": [
      "ORIGINAL",
      "PRIMARY",
      "M",
      "MB",
      "ND",
      "MOSAIC"
    ],
    "InPlanePhaseEncodingDirectionDICOM": "COL",
    "InstitutionAddress": "Stadium_1952_Princeton_NJ_US_08544",
    "InstitutionName": "Princeton_University",
    "InstitutionalDepartmentName": "NeuroScience",
    "MRAcquisitionType": "2D",
    "MagneticFieldStrength": 3,
    "Manufacturer": "Siemens",
    "ManufacturersModelName": "Prisma",
    "Modality": "MR",
    "MultibandAccelerationFactor": 8,
    "PartialFourier": 1,
    "PatientPosition": "HFS",
    "PercentPhaseFOV": 100,
    "PhaseEncodingDirection": "j-",
    "PhaseEncodingSteps": 104,
    "PhaseResolution": 1,
    "PixelBandwidth": 2290,
    "ProcedureStepDescription": "Norman_jamal",
    "ProtocolName": "BOLD_Minn_SMS8_2.0mm",
    "PulseSequenceDetails": "%CustomerSeq%_cmrr_mbep2d_bold",
    "ReceiveCoilActiveElements": "HC1-7;NC1",
    "ReceiveCoilName": "HeadNeck_64",
    "ReconMatrixPE": 104,
    "RepetitionTime": 1,
    "SAR": 0.0770816,
    "ScanOptions": "FS",
    "ScanningSequence": "EP",
    "SequenceName": "epfid2d1_104",
    "SequenceVariant": "SK_SS",
    "SeriesDescription": "BOLD_Minn_SMS8_2.0mm",
    "SeriesNumber": 4,
    "ShimSetting": [
      726,
      556,
      2097,
      589,
      -109,
      265,
      218,
      33
    ],
    "SliceThickness": 2,
    "SliceTiming": [
      0,
      0.5425,
      0.1075,
      0.6525,
      0.2175,
      0.76,
      0.325,
      0.87,
      0.435,
      0,
      0.5425,
      0.1075,
      0.6525,
      0.2175,
      0.76,
      0.325,
      0.87,
      0.435,
      0,
      0.5425,
      0.1075,
      0.6525,
      0.2175,
      0.76,
      0.325,
      0.87,
      0.435,
      0,
      0.5425,
      0.1075,
      0.6525,
      0.2175,
      0.76,
      0.325,
      0.87,
      0.435,
      0,
      0.5425,
      0.1075,
      0.6525,
      0.2175,
      0.76,
      0.325,
      0.87,
      0.435,
      0,
      0.5425,
      0.1075,
      0.6525,
      0.2175,
      0.76,
      0.325,
      0.87,
      0.435,
      0,
      0.5425,
      0.1075,
      0.6525,
      0.2175,
      0.76,
      0.325,
      0.87,
      0.435,
      0,
      0.5425,
      0.1075,
      0.6525,
      0.2175,
      0.76,
      0.325,
      0.87,
      0.435
    ],
    "SoftwareVersions": "syngo_MR_E11",
    "SpacingBetweenSlices": 2,
    "StationName": "AWP66018",
    "TaskName": "Listen",
    "TotalReadoutTime": 0.0597409,
    "TxRefAmp": 248.782,
    "dataset": "ds004007",
    "modality": "bold",
    "run_id": 1,
    "subject_id": "10",
    "task_id": "listen"
  },
  "dummy_trs": 0,
  "dvars_nstd": 49.41354689298449,
  "dvars_std": 1.0035953845303216,
  "dvars_vstd": 0.9765859348117302,
  "efc": 0.5660880453958613,
  "fber": 444.5842590332031,
  "fd_mean": 0.2012192058765094,
  "fd_num": 1114,
  "fd_perc": 44.13629160063392,
  "fwhm_avg": 3.021846666666667,
  "fwhm_x": 2.742045,
  "fwhm_y": 3.249045,
  "fwhm_z": 3.07445,
  "gcor": 0.0204714,
  "gsr_x": -0.011505793780088425,
  "gsr_y": 0.0808623656630516,
  "provenance": {
    "md5sum": "1d3a6a0a4b553ea2d4ee24011b4f68a4",
    "settings": {
      "fd_thres": 0.2,
      "testing": false
    },
    "software": "mriqc",
    "version": "22.0.6",
    "webapi_port": null,
    "webapi_url": "https://mriqc.nimh.nih.gov/api/v1"
  },
  "size_t": 2524,
  "size_x": 104,
  "size_y": 104,
  "size_z": 72,
  "snr": 2.466747528955355,
  "spacing_tr": 1.0,
  "spacing_x": 2.0,
  "spacing_y": 2.0,
  "spacing_z": 2.0,
  "summary_bg_k": 17.63846022563972,
  "summary_bg_mad": 163.00109213817885,
  "summary_bg_mean": 863.4857177734375,
  "summary_bg_median": 374.0740051269531,
  "summary_bg_n": 497076.0,
  "summary_bg_p05": 235.1345329284668,
  "summary_bg_p95": 3614.583740234375,
  "summary_bg_stdv": 1314.3004150390625,
  "summary_fg_k": 0.6352230018033378,
  "summary_fg_mad": 3143.481200408154,
  "summary_fg_mean": 8515.77734375,
  "summary_fg_median": 8059.96630859375,
  "summary_fg_n": 175756.0,
  "summary_fg_p05": 4094.4730224609375,
  "summary_fg_p95": 14461.98388671875,
  "summary_fg_stdv": 3267.4375,
  "tsnr": 21.548322677612305
}