{
  "aor": 0.00024510714285714283,
  "aqi": 0.012541029349206348,
  "bids_meta": {
    "AcquisitionMatrixPE": 104,
    "AcquisitionNumber": 1,
    "AcquisitionTime": "18:30:4.592500",
    "BandwidthPerPixelPhaseEncode": 16.578,
    "BaseResolution": 104,
    "BodyPartExamined": "BRAIN",
    "ConsistencyInfo": "N4_VE11C_LATEST_20160120",
    "ConversionSoftware": "dcm2niix",
    "ConversionSoftwareVersion": "v1.0.20180518 GCC4.8.5",
    "DerivedVendorReportedEchoSpacing": 0.000580009,
    "DeviceSerialNumber": "66018",
    "DwellTime": 2.1e-06,
    "EchoTime": 0.037,
    "EchoTrainLength": 104,
    "EffectiveEchoSpacing": 0.000580009,
    "FlipAngle": 60,
    "ImageComments": "Unaliased_MB8_PE3_LB",
    "ImageOrientationPatientDICOM": [
      1,
      0,
      0,
      0,
      1,
      0
    ],
    "ImageType": [
      "ORIGINAL",
      "PRIMARY",
      "M",
      "MB",
      "ND",
      "MOSAIC"
    ],
    "InPlanePhaseEncodingDirectionDICOM": "COL",
    "InstitutionAddress": "Stadium_1952_Princeton_NJ_US_08544",
    "InstitutionName": "Princeton_University",
    "InstitutionalDepartmentName": "NeuroScience",
    "MRAcquisitionType": "2D",
    "MagneticFieldStrength": 3,
    "Manufacturer": "Siemens",
    "ManufacturersModelName": "Prisma",
    "Modality": "MR",
    "MultibandAccelerationFactor": 8,
    "PartialFourier": 1,
    "PatientPosition": "HFS",
    "PercentPhaseFOV": 100,
    "PhaseEncodingDirection": "j-",
    "PhaseEncodingSteps": 104,
    "PhaseResolution": 1,
    "PixelBandwidth": 2290,
    "ProcedureStepDescription": "Norman_jamal",
    "ProtocolName": "BOLD_Minn_SMS8_2.0mm",
    "PulseSequenceDetails": "%CustomerSeq%_cmrr_mbep2d_bold",
    "ReceiveCoilActiveElements": "HC1-7;NC1",
    "ReceiveCoilName": "HeadNeck_64",
    "ReconMatrixPE": 104,
    "RepetitionTime": 1,
    "SAR": 0.0596364,
    "ScanOptions": "FS",
    "ScanningSequence": "EP",
    "SequenceName": "epfid2d1_104",
    "SequenceVariant": "SK_SS",
    "SeriesDescription": "BOLD_Minn_SMS8_2.0mm",
    "SeriesNumber": 6,
    "ShimSetting": [
      752,
      538,
      2103,
      564,
      -16,
      129,
      251,
      14
    ],
    "SliceThickness": 2,
    "SliceTiming": [
      0,
      0.545,
      0.11,
      0.655,
      0.2175,
      0.7625,
      0.3275,
      0.8725,
      0.4375,
      0,
      0.545,
      0.11,
      0.655,
      0.2175,
      0.7625,
      0.3275,
      0.8725,
      0.4375,
      0,
      0.545,
      0.11,
      0.655,
      0.2175,
      0.7625,
      0.3275,
      0.8725,
      0.4375,
      0,
      0.545,
      0.11,
      0.655,
      0.2175,
      0.7625,
      0.3275,
      0.8725,
      0.4375,
      0,
      0.545,
      0.11,
      0.655,
      0.2175,
      0.7625,
      0.3275,
      0.8725,
      0.4375,
      0,
      0.545,
      0.11,
      0.655,
      0.2175,
      0.7625,
      0.3275,
      0.8725,
      0.4375,
      0,
      0.545,
      0.11,
      0.655,
      0.2175,
      0.7625,
      0.3275,
      0.8725,
      0.4375,
      0,
      0.545,
      0.11,
      0.655,
      0.2175,
      0.7625,
      0.3275,
      0.8725,
      0.4375
    ],
    "SoftwareVersions": "syngo_MR_E11",
    "SpacingBetweenSlices": 2,
    "StationName": "AWP66018",
    "TaskName": "Listen",
    "TotalReadoutTime": 0.0597409,
    "TxRefAmp": 219.022,
    "dataset": "ds004007",
    "modality": "bold",
    "run_id": 2,
    "subject_id": "12",
    "task_id": "listen"
  },
  "dummy_trs": 1,
  "dvars_nstd": 50.18003397708618,
  "dvars_std": 1.0407376193449773,
  "dvars_vstd": 1.3436393673481555,
  "efc": 0.538882163592895,
  "fber": 551.4645385742188,
  "fd_mean": 0.1379618128878753,
  "fd_num": 357,
  "fd_perc": 14.166666666666666,
  "fwhm_avg": 2.9710516666666664,
  "fwhm_x": 2.792525,
  "fwhm_y": 3.08021,
  "fwhm_z": 3.04042,
  "gcor": 0.00802029,
  "gsr_x": -0.01616167277097702,
  "gsr_y": 0.08533759415149689,
  "provenance": {
    "md5sum": "64f5724d3e2710aac7c7e760170cc60b",
    "settings": {
      "fd_thres": 0.2,
      "testing": false
    },
    "software": "mriqc",
    "version": "22.0.6",
    "webapi_port": null,
    "webapi_url": "https://mriqc.nimh.nih.gov/api/v1"
  },
  "size_t": 2520,
  "size_x": 104,
  "size_y": 104,
  "size_z": 72,
  "snr": 2.408643248097714,
  "spacing_tr": 1.0,
  "spacing_x": 2.0,
  "spacing_y": 2.0,
  "spacing_z": 2.0,
  "summary_bg_k": 33.3041927319204,
  "summary_bg_mad": 115.3266735604347,
  "summary_bg_mean": 709.519287109375,
  "summary_bg_median": 326.68865966796875,
  "summary_bg_n": 517866.0,
  "summary_bg_p05": 239.58275604248047,
  "summary_bg_p95": 2573.951171875,
  "summary_bg_stdv": 1042.77587890625,
  "summary_fg_k": 2.669183499796815,
  "summary_fg_mad": 2854.194233937165,
  "summary_fg_mean": 8353.435546875,
  "summary_fg_median": 7767.20361328125,
  "summary_fg_n": 160410.0,
  "summary_fg_p05": 4293.535498046875,
  "summary_fg_p95": 14329.9849609375,
  "summary_fg_stdv": 3224.71142578125,
  "tsnr": 25.362146377563477
}