{
  "aor": 0.0008666626936829558,
  "aqi": 0.01541594565355582,
  "bids_meta": {
    "AcquisitionMatrixPE": 104,
    "AcquisitionNumber": 1,
    "AcquisitionTime": "15:19:2.175000",
    "BandwidthPerPixelPhaseEncode": 16.578,
    "BaseResolution": 104,
    "BodyPartExamined": "BRAIN",
    "ConsistencyInfo": "N4_VE11C_LATEST_20160120",
    "ConversionSoftware": "dcm2niix",
    "ConversionSoftwareVersion": "v1.0.20180518 GCC4.8.5",
    "DerivedVendorReportedEchoSpacing": 0.000580009,
    "DeviceSerialNumber": "66018",
    "DwellTime": 2.1e-06,
    "EchoTime": 0.037,
    "EchoTrainLength": 104,
    "EffectiveEchoSpacing": 0.000580009,
    "FlipAngle": 60,
    "ImageComments": "Unaliased_MB8_PE3_LB",
    "ImageOrientationPatientDICOM": [
      1,
      0,
      0,
      0,
      1,
      0
    ],
    "ImageType": [
      "ORIGINAL",
      "PRIMARY",
      "M",
      "MB",
      "ND",
      "MOSAIC"
    ],
    "InPlanePhaseEncodingDirectionDICOM": "COL",
    "InstitutionAddress": "Stadium_1952_Princeton_NJ_US_08544",
    "InstitutionName": "Princeton_University",
    "InstitutionalDepartmentName": "NeuroScience",
    "MRAcquisitionType": "2D",
    "MagneticFieldStrength": 3,
    "Manufacturer": "Siemens",
    "ManufacturersModelName": "Prisma",
    "Modality": "MR",
    "MultibandAccelerationFactor": 8,
    "PartialFourier": 1,
    "PatientPosition": "HFS",
    "PercentPhaseFOV": 100,
    "PhaseEncodingDirection": "j-",
    "PhaseEncodingSteps": 104,
    "PhaseResolution": 1,
    "PixelBandwidth": 2290,
    "ProcedureStepDescription": "Norman_jamal",
    "ProtocolName": "BOLD_Minn_SMS8_2.0mm",
    "PulseSequenceDetails": "%CustomerSeq%_cmrr_mbep2d_bold",
    "ReceiveCoilActiveElements": "HC1-7;NC1",
    "ReceiveCoilName": "HeadNeck_64",
    "ReconMatrixPE": 104,
    "RepetitionTime": 1,
    "SAR": 0.0689391,
    "ScanOptions": "FS",
    "ScanningSequence": "EP",
    "SequenceName": "epfid2d1_104",
    "SequenceVariant": "SK_SS",
    "SeriesDescription": "BOLD_Minn_SMS8_2.0mm",
    "SeriesNumber": 6,
    "ShimSetting": [
      760,
      530,
      2098,
      669,
      -47,
      95,
      304,
      -9
    ],
    "SliceThickness": 2,
    "SliceTiming": [
      0,
      0.545,
      0.11,
      0.655,
      0.22,
      0.7625,
      0.3275,
      0.8725,
      0.4375,
      0,
      0.545,
      0.11,
      0.655,
      0.22,
      0.7625,
      0.3275,
      0.8725,
      0.4375,
      0,
      0.545,
      0.11,
      0.655,
      0.22,
      0.7625,
      0.3275,
      0.8725,
      0.4375,
      0,
      0.545,
      0.11,
      0.655,
      0.22,
      0.7625,
      0.3275,
      0.8725,
      0.4375,
      0,
      0.545,
      0.11,
      0.655,
      0.22,
      0.7625,
      0.3275,
      0.8725,
      0.4375,
      0,
      0.545,
      0.11,
      0.655,
      0.22,
      0.7625,
      0.3275,
      0.8725,
      0.4375,
      0,
      0.545,
      0.11,
      0.655,
      0.22,
      0.7625,
      0.3275,
      0.8725,
      0.4375,
      0,
      0.545,
      0.11,
      0.655,
      0.22,
      0.7625,
      0.3275,
      0.8725,
      0.4375
    ],
    "SoftwareVersions": "syngo_MR_E11",
    "SpacingBetweenSlices": 2,
    "StationName": "AWP66018",
    "TaskName": "Listen",
    "TotalReadoutTime": 0.0597409,
    "TxRefAmp": 241.289,
    "dataset": "ds004007",
    "modality": "bold",
    "run_id": 2,
    "subject_id": "25",
    "task_id": "listen"
  },
  "dummy_trs": 1,
  "dvars_nstd": 47.01218568498012,
  "dvars_std": 1.0196478394117647,
  "dvars_vstd": 1.0058196059856932,
  "efc": 0.5333500373308109,
  "fber": 562.66064453125,
  "fd_mean": 0.14236159816226437,
  "fd_num": 442,
  "fd_perc": 17.560588001589192,
  "fwhm_avg": 2.81371,
  "fwhm_x": 2.63412,
  "fwhm_y": 2.963955,
  "fwhm_z": 2.843055,
  "gcor": 0.00275242,
  "gsr_x": -0.008407361805438995,
  "gsr_y": 0.0684562623500824,
  "provenance": {
    "md5sum": "3aa6cb920f21a997c8caabe33a9ee53a",
    "settings": {
      "fd_thres": 0.2,
      "testing": false
    },
    "software": "mriqc",
    "version": "22.0.6",
    "webapi_port": null,
    "webapi_url": "https://mriqc.nimh.nih.gov/api/v1"
  },
  "size_t": 2517,
  "size_x": 104,
  "size_y": 104,
  "size_z": 72,
  "snr": 2.832212424458035,
  "spacing_tr": 1.0,
  "spacing_x": 2.0,
  "spacing_y": 2.0,
  "spacing_z": 2.0,
  "summary_bg_k": 24.125751258917983,
  "summary_bg_mad": 106.60540219881688,
  "summary_bg_mean": 651.3823852539062,
  "summary_bg_median": 314.8299560546875,
  "summary_bg_n": 534460.0,
  "summary_bg_p05": 226.64163208007812,
  "summary_bg_p95": 2312.2031372070314,
  "summary_bg_stdv": 924.212646484375,
  "summary_fg_k": 0.7250741636447784,
  "summary_fg_mad": 2559.259552032742,
  "summary_fg_mean": 7783.357421875,
  "summary_fg_median": 7474.8271484375,
  "summary_fg_n": 147787.0,
  "summary_fg_p05": 4042.263525390625,
  "summary_fg_p95": 12477.62871093749,
  "summary_fg_stdv": 2639.20947265625,
  "tsnr": 22.578864946961403
}