{
  "bids_meta": {
    "AcquisitionMatrixPE": 256,
    "AcquisitionNumber": 1,
    "AcquisitionTime": "14:14:37.592500",
    "BaseResolution": 256,
    "BodyPartExamined": "BRAIN",
    "ConsistencyInfo": "N4_VE11C_LATEST_20160120",
    "ConversionSoftware": "dcm2niix",
    "ConversionSoftwareVersion": "v1.0.20180518 GCC4.8.5",
    "DeviceSerialNumber": "66018",
    "DwellTime": 8.1e-06,
    "EchoTime": 0.00288,
    "FlipAngle": 9,
    "ImageOrientationPatientDICOM": [
      0,
      1,
      0,
      0,
      0,
      -1
    ],
    "ImageType": [
      "ORIGINAL",
      "PRIMARY",
      "M",
      "ND",
      "NORM"
    ],
    "InPlanePhaseEncodingDirectionDICOM": "ROW",
    "InstitutionAddress": "Stadium_1952_Princeton_NJ_US_08544",
    "InstitutionName": "Princeton_University",
    "InstitutionalDepartmentName": "NeuroScience",
    "InversionTime": 0.9,
    "MRAcquisitionType": "3D",
    "MagneticFieldStrength": 3,
    "Manufacturer": "Siemens",
    "ManufacturersModelName": "Prisma",
    "Modality": "MR",
    "ParallelReductionFactorInPlane": 2,
    "PartialFourier": 1,
    "PatientPosition": "HFS",
    "PercentPhaseFOV": 100,
    "PhaseEncodingSteps": 255,
    "PhaseResolution": 1,
    "PixelBandwidth": 240,
    "ProcedureStepDescription": "Norman_jamal",
    "ProtocolName": "T1w_MPR_IP2_1.0mm",
    "PulseSequenceDetails": "%SiemensSeq%_tfl",
    "ReceiveCoilActiveElements": "HC1-7;NC1",
    "ReceiveCoilName": "HeadNeck_64",
    "ReconMatrixPE": 256,
    "RepetitionTime": 2.3,
    "SAR": 0.0496077,
    "ScanOptions": "IR",
    "ScanningSequence": "GR_IR",
    "SequenceName": "_tfl3d1_16ns",
    "SequenceVariant": "SK_SP_MP",
    "SeriesDescription": "T1w_MPR_IP2_1.0mm",
    "SeriesNumber": 2,
    "ShimSetting": [
      751,
      487,
      2002,
      403,
      -87,
      -424,
      109,
      75
    ],
    "SliceThickness": 1,
    "SoftwareVersions": "syngo_MR_E11",
    "StationName": "AWP66018",
    "TxRefAmp": 225.519,
    "dataset": "ds004007",
    "modality": "T1w",
    "subject_id": "11"
  },
  "cjv": 0.318643548047631,
  "cnr": 4.188761180183424,
  "efc": 0.5132587202050747,
  "fber": -1.0,
  "fwhm_avg": 3.827946666666666,
  "fwhm_x": 3.92606,
  "fwhm_y": 3.95435,
  "fwhm_z": 3.60343,
  "icvs_csf": 0.1965085900668085,
  "icvs_gm": 0.4525481683047279,
  "icvs_wm": 0.35094324162846363,
  "inu_med": 0.541837215423584,
  "inu_range": 0.20421608388423912,
  "provenance": {
    "md5sum": "e00c241deae81f1fe2de8a138588b7ce",
    "settings": {
      "testing": false
    },
    "software": "mriqc",
    "version": "22.0.6",
    "warnings": {
      "large_rot_frame": true,
      "small_air_mask": false
    },
    "webapi_port": null,
    "webapi_url": "https://mriqc.nimh.nih.gov/api/v1"
  },
  "qi_1": 1.5496518126083547e-05,
  "qi_2": 0.0008932116063267275,
  "rpve_csf": 26.45518029192869,
  "rpve_gm": 12.256174131435747,
  "rpve_wm": 17.586131964863387,
  "size_x": 176,
  "size_y": 256,
  "size_z": 256,
  "snr_csf": 1.269975935280209,
  "snr_gm": 8.975178366583549,
  "snr_total": 10.352449879540774,
  "snr_wm": 20.812195336758567,
  "snrd_csf": 13.047336875810883,
  "snrd_gm": 61.78442649527175,
  "snrd_total": 57.17004740655676,
  "snrd_wm": 96.67837884858764,
  "spacing_x": 1.0,
  "spacing_y": 1.0,
  "spacing_z": 1.0,
  "summary_bg_k": 16.16017508374639,
  "summary_bg_mad": 0.0,
  "summary_bg_mean": 3.6379055602842234,
  "summary_bg_median": 0.0,
  "summary_bg_n": 3888498.0,
  "summary_bg_p05": 0.0,
  "summary_bg_p95": 16.502038050442934,
  "summary_bg_stdv": 6.7764519804912835,
  "summary_csf_k": 1.5295576025933046,
  "summary_csf_mad": 88.04258125540994,
  "summary_csf_mean": 163.78179536132546,
  "summary_csf_median": 134.95609740540385,
  "summary_csf_n": 40973.0,
  "summary_csf_p05": 39.941987585276365,
  "summary_csf_p95": 378.1906506553293,
  "summary_csf_stdv": 106.26536043375889,
  "summary_gm_k": 0.03970857979558895,
  "summary_gm_mad": 69.38801453396665,
  "summary_gm_mean": 642.6958874615684,
  "summary_gm_median": 639.0718013644218,
  "summary_gm_n": 52110.0,
  "summary_gm_p05": 531.2793912962079,
  "summary_gm_p95": 766.3844369649887,
  "summary_gm_stdv": 71.20367342944876,
  "summary_wm_k": 0.4455615043211143,
  "summary_wm_mad": 45.61942329075697,
  "summary_wm_mean": 998.4093553531784,
  "summary_wm_median": 999.9999875128269,
  "summary_wm_n": 202629.0,
  "summary_wm_p05": 916.6431368760765,
  "summary_wm_p95": 1074.0827711597085,
  "summary_wm_stdv": 48.04863224494831,
  "tpm_overlap_csf": 0.1394247528026198,
  "tpm_overlap_gm": 0.4637469165369134,
  "tpm_overlap_wm": 0.48670153651335524,
  "wm2max": 0.472549455434541
}