{
  "bids_meta": {
    "AcquisitionMatrixPE": 256,
    "AcquisitionNumber": 1,
    "AcquisitionTime": "17:50:51.312500",
    "BaseResolution": 256,
    "BodyPartExamined": "BRAIN",
    "ConsistencyInfo": "N4_VE11C_LATEST_20160120",
    "ConversionSoftware": "dcm2niix",
    "ConversionSoftwareVersion": "v1.0.20180518 GCC4.8.5",
    "DeviceSerialNumber": "66018",
    "DwellTime": 8.1e-06,
    "EchoTime": 0.00288,
    "FlipAngle": 9,
    "ImageOrientationPatientDICOM": [
      0,
      1,
      0,
      0,
      0,
      -1
    ],
    "ImageType": [
      "ORIGINAL",
      "PRIMARY",
      "M",
      "ND",
      "NORM"
    ],
    "InPlanePhaseEncodingDirectionDICOM": "ROW",
    "InstitutionAddress": "Stadium_1952_Princeton_NJ_US_08544",
    "InstitutionName": "Princeton_University",
    "InstitutionalDepartmentName": "NeuroScience",
    "InversionTime": 0.9,
    "MRAcquisitionType": "3D",
    "MagneticFieldStrength": 3,
    "Manufacturer": "Siemens",
    "ManufacturersModelName": "Prisma",
    "Modality": "MR",
    "ParallelReductionFactorInPlane": 2,
    "PartialFourier": 1,
    "PatientPosition": "HFS",
    "PercentPhaseFOV": 100,
    "PhaseEncodingSteps": 255,
    "PhaseResolution": 1,
    "PixelBandwidth": 240,
    "ProcedureStepDescription": "Norman_jamal",
    "ProtocolName": "T1w_MPR_IP2_1.0mm",
    "PulseSequenceDetails": "%SiemensSeq%_tfl",
    "ReceiveCoilActiveElements": "HC1-7;NC1",
    "ReceiveCoilName": "HeadNeck_64",
    "ReconMatrixPE": 256,
    "RepetitionTime": 2.3,
    "SAR": 0.0478004,
    "ScanOptions": "IR",
    "ScanningSequence": "GR_IR",
    "SequenceName": "_tfl3d1_16ns",
    "SequenceVariant": "SK_SP_MP",
    "SeriesDescription": "T1w_MPR_IP2_1.0mm",
    "SeriesNumber": 2,
    "ShimSetting": [
      745,
      523,
      2020,
      529,
      -37,
      -313,
      121,
      -14
    ],
    "SliceThickness": 1,
    "SoftwareVersions": "syngo_MR_E11",
    "StationName": "AWP66018",
    "TxRefAmp": 236.877,
    "dataset": "ds004007",
    "modality": "T1w",
    "subject_id": "15"
  },
  "cjv": 0.3376824115321056,
  "cnr": 3.8364418348626605,
  "efc": 0.5016615001148004,
  "fber": 18677.065979003906,
  "fwhm_avg": 3.6938133333333334,
  "fwhm_x": 3.78132,
  "fwhm_y": 3.87785,
  "fwhm_z": 3.42227,
  "icvs_csf": 0.2265138355523614,
  "icvs_gm": 0.42019220827955844,
  "icvs_wm": 0.3532939561680801,
  "inu_med": 0.545434296131134,
  "inu_range": 0.18992791026830674,
  "provenance": {
    "md5sum": "3cd556affce053abad3659ae12d4440b",
    "settings": {
      "testing": false
    },
    "software": "mriqc",
    "version": "22.0.6",
    "warnings": {
      "large_rot_frame": true,
      "small_air_mask": false
    },
    "webapi_port": null,
    "webapi_url": "https://mriqc.nimh.nih.gov/api/v1"
  },
  "qi_1": 0.0,
  "qi_2": 0.0015772966506568747,
  "rpve_csf": 24.520191807730082,
  "rpve_gm": 13.434147957661702,
  "rpve_wm": 18.59212495278117,
  "size_x": 176,
  "size_y": 256,
  "size_z": 256,
  "snr_csf": 1.7017920341844177,
  "snr_gm": 8.344044322194804,
  "snr_total": 10.953419275668756,
  "snr_wm": 22.814421470627046,
  "snrd_csf": 19.974808657833993,
  "snrd_gm": 69.11606947216755,
  "snrd_total": 64.89894101134274,
  "snrd_wm": 105.60594490402667,
  "spacing_x": 1.0,
  "spacing_y": 1.0,
  "spacing_z": 1.0,
  "summary_bg_k": 12.964971186336964,
  "summary_bg_mad": 0.0,
  "summary_bg_mean": 3.5567134594693184,
  "summary_bg_median": 0.0,
  "summary_bg_n": 3549163.0,
  "summary_bg_p05": 0.0,
  "summary_bg_p95": 15.758873850107193,
  "summary_bg_stdv": 6.203593910506165,
  "summary_csf_k": 1.0241412744420098,
  "summary_csf_mad": 108.93814441131916,
  "summary_csf_mean": 204.90452807118658,
  "summary_csf_median": 189.14473589509726,
  "summary_csf_n": 45900.0,
  "summary_csf_p05": 57.298041328787804,
  "summary_csf_p95": 413.8616870343685,
  "summary_csf_stdv": 111.14323706089519,
  "summary_gm_k": 0.13542338802977616,
  "summary_gm_mad": 75.56485030092804,
  "summary_gm_mean": 655.1954888353791,
  "summary_gm_median": 654.4713859520853,
  "summary_gm_n": 30744.0,
  "summary_gm_p05": 524.7915365401656,
  "summary_gm_p95": 786.4787292324005,
  "summary_gm_stdv": 78.4344757417795,
  "summary_wm_k": 0.6680548638488535,
  "summary_wm_mad": 41.11408365341301,
  "summary_wm_mean": 999.3557600510214,
  "summary_wm_median": 999.9999949932098,
  "summary_wm_n": 200819.0,
  "summary_wm_p05": 926.7518313452601,
  "summary_wm_p95": 1069.6144377291203,
  "summary_wm_stdv": 43.83181517328157,
  "tpm_overlap_csf": 0.1563305753560021,
  "tpm_overlap_gm": 0.4711920463911317,
  "tpm_overlap_wm": 0.5254564121472388,
  "wm2max": 0.4855178028610642
}