{
  "bids_meta": {
    "AcquisitionMatrixPE": 256,
    "AcquisitionNumber": 1,
    "AcquisitionTime": "17:57:13.452500",
    "BaseResolution": 256,
    "BodyPartExamined": "BRAIN",
    "ConsistencyInfo": "N4_VE11C_LATEST_20160120",
    "ConversionSoftware": "dcm2niix",
    "ConversionSoftwareVersion": "v1.0.20180518 GCC4.8.5",
    "DeviceSerialNumber": "66018",
    "DwellTime": 8.1e-06,
    "EchoTime": 0.00288,
    "FlipAngle": 9,
    "ImageOrientationPatientDICOM": [
      0,
      1,
      0,
      0,
      0,
      -1
    ],
    "ImageType": [
      "ORIGINAL",
      "PRIMARY",
      "M",
      "ND",
      "NORM"
    ],
    "InPlanePhaseEncodingDirectionDICOM": "ROW",
    "InstitutionAddress": "Stadium_1952_Princeton_NJ_US_08544",
    "InstitutionName": "Princeton_University",
    "InstitutionalDepartmentName": "NeuroScience",
    "InversionTime": 0.9,
    "MRAcquisitionType": "3D",
    "MagneticFieldStrength": 3,
    "Manufacturer": "Siemens",
    "ManufacturersModelName": "Prisma",
    "Modality": "MR",
    "ParallelReductionFactorInPlane": 2,
    "PartialFourier": 1,
    "PatientPosition": "HFS",
    "PercentPhaseFOV": 100,
    "PhaseEncodingSteps": 255,
    "PhaseResolution": 1,
    "PixelBandwidth": 240,
    "ProcedureStepDescription": "Norman_jamal",
    "ProtocolName": "T1w_MPR_IP2_1.0mm",
    "PulseSequenceDetails": "%SiemensSeq%_tfl",
    "ReceiveCoilActiveElements": "HC1-7;NC1,2",
    "ReceiveCoilName": "HeadNeck_64",
    "ReconMatrixPE": 256,
    "RepetitionTime": 2.3,
    "SAR": 0.0588233,
    "ScanOptions": "IR",
    "ScanningSequence": "GR_IR",
    "SequenceName": "_tfl3d1_16ns",
    "SequenceVariant": "SK_SP_MP",
    "SeriesDescription": "T1w_MPR_IP2_1.0mm",
    "SeriesNumber": 2,
    "ShimSetting": [
      753,
      461,
      2016,
      289,
      -162,
      -217,
      214,
      19
    ],
    "SliceThickness": 1,
    "SoftwareVersions": "syngo_MR_E11",
    "StationName": "AWP66018",
    "TxRefAmp": 249.195,
    "dataset": "ds004007",
    "modality": "T1w",
    "subject_id": "13"
  },
  "cjv": 0.33260786582013574,
  "cnr": 3.995646995999491,
  "efc": 0.5821206198954598,
  "fber": -1.0,
  "fwhm_avg": 3.7041566666666665,
  "fwhm_x": 3.70968,
  "fwhm_y": 3.92085,
  "fwhm_z": 3.48194,
  "icvs_csf": 0.19763920415448596,
  "icvs_gm": 0.4372725849744667,
  "icvs_wm": 0.36508821087104737,
  "inu_med": 0.601279616355896,
  "inu_range": 0.2872525155544281,
  "provenance": {
    "md5sum": "dca253c12fd4ce7e19f9e40ce0ed0b4b",
    "settings": {
      "testing": false
    },
    "software": "mriqc",
    "version": "22.0.6",
    "warnings": {
      "large_rot_frame": true,
      "small_air_mask": false
    },
    "webapi_port": null,
    "webapi_url": "https://mriqc.nimh.nih.gov/api/v1"
  },
  "qi_1": 0.0,
  "qi_2": 0.0010169541091670747,
  "rpve_csf": 21.10001383674486,
  "rpve_gm": 10.341068906766766,
  "rpve_wm": 14.345174954882696,
  "size_x": 176,
  "size_y": 256,
  "size_z": 256,
  "snr_csf": 1.5178186997199425,
  "snr_gm": 8.831703820915559,
  "snr_total": 10.454869596988067,
  "snr_wm": 21.0150862703287,
  "snrd_csf": 18.221986956469763,
  "snrd_gm": 56.57898430139119,
  "snrd_total": 53.9961101569875,
  "snrd_wm": 87.18735921310154,
  "spacing_x": 1.0,
  "spacing_y": 1.0,
  "spacing_z": 1.0,
  "summary_bg_k": 8.571905987877303,
  "summary_bg_mad": 0.0,
  "summary_bg_mean": 4.39615976256911,
  "summary_bg_median": 0.0,
  "summary_bg_n": 2303426.0,
  "summary_bg_p05": 0.0,
  "summary_bg_p95": 20.02918791025877,
  "summary_bg_stdv": 7.514121247992028,
  "summary_csf_k": 1.3737851370141492,
  "summary_csf_mad": 136.83722110992045,
  "summary_csf_mean": 228.84688681517898,
  "summary_csf_median": 208.99803364649415,
  "summary_csf_n": 29647.0,
  "summary_csf_p05": 43.69684387557209,
  "summary_csf_p95": 489.17517126351567,
  "summary_csf_stdv": 137.69398735166118,
  "summary_gm_k": 0.07874927241647267,
  "summary_gm_mad": 71.62689872711212,
  "summary_gm_mean": 650.461838368649,
  "summary_gm_median": 648.9356233738363,
  "summary_gm_n": 51567.0,
  "summary_gm_p05": 530.6879278142005,
  "summary_gm_p95": 774.077788138762,
  "summary_gm_stdv": 73.47725244664254,
  "summary_wm_k": 0.5112820148615422,
  "summary_wm_mad": 45.139868468648785,
  "summary_wm_mean": 999.4750015422095,
  "summary_wm_median": 999.9999823234975,
  "summary_wm_n": 266890.0,
  "summary_wm_p05": 920.83939794451,
  "summary_wm_p95": 1076.1410911381245,
  "summary_wm_stdv": 47.58477295916108,
  "tpm_overlap_csf": 0.14434507658986748,
  "tpm_overlap_gm": 0.45281988281912633,
  "tpm_overlap_wm": 0.5069448422285701,
  "wm2max": 0.4087169361141964
}