{
  "bids_meta": {
    "AcquisitionMatrixPE": 256,
    "AcquisitionNumber": 1,
    "AcquisitionTime": "10:18:40.565000",
    "BaseResolution": 256,
    "BodyPartExamined": "BRAIN",
    "ConsistencyInfo": "N4_VE11C_LATEST_20160120",
    "ConversionSoftware": "dcm2niix",
    "ConversionSoftwareVersion": "v1.0.20180518 GCC4.8.5",
    "DeviceSerialNumber": "66018",
    "DwellTime": 8.1e-06,
    "EchoTime": 0.00288,
    "FlipAngle": 9,
    "ImageOrientationPatientDICOM": [
      0,
      1,
      0,
      0,
      0,
      -1
    ],
    "ImageType": [
      "ORIGINAL",
      "PRIMARY",
      "M",
      "ND",
      "NORM"
    ],
    "InPlanePhaseEncodingDirectionDICOM": "ROW",
    "InstitutionAddress": "Stadium_1952_Princeton_NJ_US_08544",
    "InstitutionName": "Princeton_University",
    "InstitutionalDepartmentName": "NeuroScience",
    "InversionTime": 0.9,
    "MRAcquisitionType": "3D",
    "MagneticFieldStrength": 3,
    "Manufacturer": "Siemens",
    "ManufacturersModelName": "Prisma",
    "Modality": "MR",
    "ParallelReductionFactorInPlane": 2,
    "PartialFourier": 1,
    "PatientPosition": "HFS",
    "PercentPhaseFOV": 100,
    "PhaseEncodingSteps": 255,
    "PhaseResolution": 1,
    "PixelBandwidth": 240,
    "ProcedureStepDescription": "Norman_jamal",
    "ProtocolName": "T1w_MPR_IP2_1.0mm",
    "PulseSequenceDetails": "%SiemensSeq%_tfl",
    "ReceiveCoilActiveElements": "HC1-7;NC1",
    "ReceiveCoilName": "HeadNeck_64",
    "ReconMatrixPE": 256,
    "RepetitionTime": 2.3,
    "SAR": 0.0604809,
    "ScanOptions": "IR",
    "ScanningSequence": "GR_IR",
    "SequenceName": "_tfl3d1_16ns",
    "SequenceVariant": "SK_SP_MP",
    "SeriesDescription": "T1w_MPR_IP2_1.0mm",
    "SeriesNumber": 2,
    "ShimSetting": [
      730,
      482,
      2025,
      352,
      -60,
      -163,
      297,
      84
    ],
    "SliceThickness": 1,
    "SoftwareVersions": "syngo_MR_E11",
    "StationName": "AWP66018",
    "TxRefAmp": 248.782,
    "dataset": "ds004007",
    "modality": "T1w",
    "subject_id": "10"
  },
  "cjv": 0.34604273083424447,
  "cnr": 3.8539179474367025,
  "efc": 0.5684183170224777,
  "fber": 23687.1337890625,
  "fwhm_avg": 3.5643499999999997,
  "fwhm_x": 3.6575,
  "fwhm_y": 3.68109,
  "fwhm_z": 3.35446,
  "icvs_csf": 0.20171055922817727,
  "icvs_gm": 0.4513811552498853,
  "icvs_wm": 0.3469082855219374,
  "inu_med": 0.6220009922981262,
  "inu_range": 0.2866326838731766,
  "provenance": {
    "md5sum": "c29badd146cdfdb2b1947a1d57054710",
    "settings": {
      "testing": false
    },
    "software": "mriqc",
    "version": "22.0.6",
    "warnings": {
      "large_rot_frame": true,
      "small_air_mask": false
    },
    "webapi_port": null,
    "webapi_url": "https://mriqc.nimh.nih.gov/api/v1"
  },
  "qi_1": 9.133108348044238e-05,
  "qi_2": 0.0014741328979161604,
  "rpve_csf": 21.805026100579187,
  "rpve_gm": 10.662979769155095,
  "rpve_wm": 15.824395306447624,
  "size_x": 176,
  "size_y": 256,
  "size_z": 256,
  "snr_csf": 1.906366454652529,
  "snr_gm": 9.643222579969176,
  "snr_total": 10.478289215973264,
  "snr_wm": 19.885278613298087,
  "snrd_csf": 18.138252308638403,
  "snrd_gm": 53.66335436441926,
  "snrd_total": 50.69352519279243,
  "snrd_wm": 80.27896890531962,
  "spacing_x": 1.0,
  "spacing_y": 1.0,
  "spacing_z": 1.0,
  "summary_bg_k": 317.7794745600681,
  "summary_bg_mad": 0.0,
  "summary_bg_mean": 4.736667452480699,
  "summary_bg_median": 0.0,
  "summary_bg_n": 2903040.0,
  "summary_bg_p05": 0.0,
  "summary_bg_p95": 19.644817013293505,
  "summary_bg_stdv": 8.160468103030825,
  "summary_csf_k": 1.3195959007503193,
  "summary_csf_mad": 107.60659011964819,
  "summary_csf_mean": 240.74651492877518,
  "summary_csf_median": 225.93253772705793,
  "summary_csf_n": 29595.0,
  "summary_csf_p05": 69.20941030494869,
  "summary_csf_p95": 457.6248123794794,
  "summary_csf_stdv": 118.51274453064951,
  "summary_gm_k": 0.17527072259217613,
  "summary_gm_mad": 66.84112707006962,
  "summary_gm_mean": 668.2613614084574,
  "summary_gm_median": 668.438040677458,
  "summary_gm_n": 41648.0,
  "summary_gm_p05": 553.1747338734567,
  "summary_gm_p95": 783.4596442354845,
  "summary_gm_stdv": 69.31604142023254,
  "summary_wm_k": 0.5206161844205535,
  "summary_wm_mad": 47.88162866920576,
  "summary_wm_mean": 999.569322755576,
  "summary_wm_median": 999.9657553695142,
  "summary_wm_n": 230157.0,
  "summary_wm_p05": 916.860979732126,
  "summary_wm_p95": 1080.9449138082564,
  "summary_wm_stdv": 50.28662672811176,
  "tpm_overlap_csf": 0.1584707195508269,
  "tpm_overlap_gm": 0.4591322528679122,
  "tpm_overlap_wm": 0.5077787468028648,
  "wm2max": 0.6035738162944577
}