{
  "aor": 0.0002627568425228084,
  "aqi": 0.01341188004760016,
  "bids_meta": {
    "AcquisitionMatrixPE": 104,
    "AcquisitionNumber": 1,
    "AcquisitionTime": "12:59:29.237500",
    "BandwidthPerPixelPhaseEncode": 16.578,
    "BaseResolution": 104,
    "BodyPartExamined": "BRAIN",
    "ConsistencyInfo": "N4_VE11C_LATEST_20160120",
    "ConversionSoftware": "dcm2niix",
    "ConversionSoftwareVersion": "v1.0.20180518 GCC4.8.5",
    "DerivedVendorReportedEchoSpacing": 0.000580009,
    "DeviceSerialNumber": "66018",
    "DwellTime": 2.1e-06,
    "EchoTime": 0.037,
    "EchoTrainLength": 104,
    "EffectiveEchoSpacing": 0.000580009,
    "FlipAngle": 60,
    "ImageComments": "Unaliased_MB8_PE3_LB",
    "ImageOrientationPatientDICOM": [
      1,
      0,
      0,
      0,
      1,
      0
    ],
    "ImageType": [
      "ORIGINAL",
      "PRIMARY",
      "M",
      "MB",
      "ND",
      "MOSAIC"
    ],
    "InPlanePhaseEncodingDirectionDICOM": "COL",
    "InstitutionAddress": "Stadium_1952_Princeton_NJ_US_08544",
    "InstitutionName": "Princeton_University",
    "InstitutionalDepartmentName": "NeuroScience",
    "MRAcquisitionType": "2D",
    "MagneticFieldStrength": 3,
    "Manufacturer": "Siemens",
    "ManufacturersModelName": "Prisma",
    "Modality": "MR",
    "MultibandAccelerationFactor": 8,
    "PartialFourier": 1,
    "PatientPosition": "HFS",
    "PercentPhaseFOV": 100,
    "PhaseEncodingDirection": "j-",
    "PhaseEncodingSteps": 104,
    "PhaseResolution": 1,
    "PixelBandwidth": 2290,
    "ProcedureStepDescription": "Norman_jamal",
    "ProtocolName": "BOLD_Minn_SMS8_2.0mm",
    "PulseSequenceDetails": "%CustomerSeq%_cmrr_mbep2d_bold",
    "ReceiveCoilActiveElements": "HC1-7;NC1",
    "ReceiveCoilName": "HeadNeck_64",
    "ReconMatrixPE": 104,
    "RepetitionTime": 1,
    "SAR": 0.0808373,
    "ScanOptions": "FS",
    "ScanningSequence": "EP",
    "SequenceName": "epfid2d1_104",
    "SequenceVariant": "SK_SS",
    "SeriesDescription": "BOLD_Minn_SMS8_2.0mm",
    "SeriesNumber": 4,
    "ShimSetting": [
      753,
      555,
      2024,
      450,
      -148,
      -100,
      214,
      32
    ],
    "SliceThickness": 2,
    "SliceTiming": [
      0,
      0.5425,
      0.1075,
      0.6525,
      0.2175,
      0.76,
      0.325,
      0.87,
      0.435,
      0,
      0.5425,
      0.1075,
      0.6525,
      0.2175,
      0.76,
      0.325,
      0.87,
      0.435,
      0,
      0.5425,
      0.1075,
      0.6525,
      0.2175,
      0.76,
      0.325,
      0.87,
      0.435,
      0,
      0.5425,
      0.1075,
      0.6525,
      0.2175,
      0.76,
      0.325,
      0.87,
      0.435,
      0,
      0.5425,
      0.1075,
      0.6525,
      0.2175,
      0.76,
      0.325,
      0.87,
      0.435,
      0,
      0.5425,
      0.1075,
      0.6525,
      0.2175,
      0.76,
      0.325,
      0.87,
      0.435,
      0,
      0.5425,
      0.1075,
      0.6525,
      0.2175,
      0.76,
      0.325,
      0.87,
      0.435,
      0,
      0.5425,
      0.1075,
      0.6525,
      0.2175,
      0.76,
      0.325,
      0.87,
      0.435
    ],
    "SoftwareVersions": "syngo_MR_E11",
    "SpacingBetweenSlices": 2,
    "StationName": "AWP66018",
    "TaskName": "Listen",
    "TotalReadoutTime": 0.0597409,
    "TxRefAmp": 251.54,
    "dataset": "ds004007",
    "modality": "bold",
    "run_id": 1,
    "subject_id": "21",
    "task_id": "listen"
  },
  "dummy_trs": 0,
  "dvars_nstd": 47.0298533349047,
  "dvars_std": 1.0036289334603183,
  "dvars_vstd": 0.9783094833730125,
  "efc": 0.5411114110213986,
  "fber": 453.6872253417969,
  "fd_mean": 0.15662167064520008,
  "fd_num": 772,
  "fd_perc": 30.622768742562474,
  "fwhm_avg": 3.362395,
  "fwhm_x": 3.080445,
  "fwhm_y": 3.6087,
  "fwhm_z": 3.39804,
  "gcor": 0.0192258,
  "gsr_x": -0.005973453633487225,
  "gsr_y": 0.1092943325638771,
  "provenance": {
    "md5sum": "c776c26506890b8cc9e65f49580dd075",
    "settings": {
      "fd_thres": 0.2,
      "testing": false
    },
    "software": "mriqc",
    "version": "22.0.6",
    "webapi_port": null,
    "webapi_url": "https://mriqc.nimh.nih.gov/api/v1"
  },
  "size_t": 2521,
  "size_x": 104,
  "size_y": 104,
  "size_z": 72,
  "snr": 2.0753497885994463,
  "spacing_tr": 1.0,
  "spacing_x": 2.0,
  "spacing_y": 2.0,
  "spacing_z": 2.0,
  "summary_bg_k": 23.437442247316913,
  "summary_bg_mad": 173.22447780957214,
  "summary_bg_mean": 868.34228515625,
  "summary_bg_median": 373.88323974609375,
  "summary_bg_n": 510031.0,
  "summary_bg_p05": 239.531494140625,
  "summary_bg_p95": 3465.517333984375,
  "summary_bg_stdv": 1320.6265869140625,
  "summary_fg_k": 0.8000409133236084,
  "summary_fg_mad": 3827.541774448002,
  "summary_fg_mean": 8929.626953125,
  "summary_fg_median": 8259.744140625,
  "summary_fg_n": 160245.0,
  "summary_fg_p05": 3740.99384765625,
  "summary_fg_p95": 16326.992187499996,
  "summary_fg_stdv": 3979.916259765625,
  "tsnr": 22.553470611572266
}