{
  "aor": 0.00010370782056371577,
  "aqi": 0.007892255105200476,
  "bids_meta": {
    "AcquisitionMatrixPE": 104,
    "AcquisitionNumber": 1,
    "AcquisitionTime": "14:23:14.657500",
    "BandwidthPerPixelPhaseEncode": 16.578,
    "BaseResolution": 104,
    "BodyPartExamined": "BRAIN",
    "ConsistencyInfo": "N4_VE11C_LATEST_20160120",
    "ConversionSoftware": "dcm2niix",
    "ConversionSoftwareVersion": "v1.0.20180518 GCC4.8.5",
    "DerivedVendorReportedEchoSpacing": 0.000580009,
    "DeviceSerialNumber": "66018",
    "DwellTime": 2.1e-06,
    "EchoTime": 0.037,
    "EchoTrainLength": 104,
    "EffectiveEchoSpacing": 0.000580009,
    "FlipAngle": 60,
    "ImageComments": "Unaliased_MB8_PE3_LB",
    "ImageOrientationPatientDICOM": [
      1,
      0,
      0,
      0,
      1,
      0
    ],
    "ImageType": [
      "ORIGINAL",
      "PRIMARY",
      "M",
      "MB",
      "ND",
      "MOSAIC"
    ],
    "InPlanePhaseEncodingDirectionDICOM": "COL",
    "InstitutionAddress": "Stadium_1952_Princeton_NJ_US_08544",
    "InstitutionName": "Princeton_University",
    "InstitutionalDepartmentName": "NeuroScience",
    "MRAcquisitionType": "2D",
    "MagneticFieldStrength": 3,
    "Manufacturer": "Siemens",
    "ManufacturersModelName": "Prisma",
    "Modality": "MR",
    "MultibandAccelerationFactor": 8,
    "PartialFourier": 1,
    "PatientPosition": "HFS",
    "PercentPhaseFOV": 100,
    "PhaseEncodingDirection": "j-",
    "PhaseEncodingSteps": 104,
    "PhaseResolution": 1,
    "PixelBandwidth": 2290,
    "ProcedureStepDescription": "Norman_jamal",
    "ProtocolName": "BOLD_Minn_SMS8_2.0mm",
    "PulseSequenceDetails": "%CustomerSeq%_cmrr_mbep2d_bold",
    "ReceiveCoilActiveElements": "HC1-7;NC1",
    "ReceiveCoilName": "HeadNeck_64",
    "ReconMatrixPE": 104,
    "RepetitionTime": 1,
    "SAR": 0.0647911,
    "ScanOptions": "FS",
    "ScanningSequence": "EP",
    "SequenceName": "epfid2d1_104",
    "SequenceVariant": "SK_SS",
    "SeriesDescription": "BOLD_Minn_SMS8_2.0mm",
    "SeriesNumber": 4,
    "ShimSetting": [
      746,
      518,
      2058,
      618,
      -74,
      -65,
      172,
      59
    ],
    "SliceThickness": 2,
    "SliceTiming": [
      0,
      0.545,
      0.11,
      0.655,
      0.2175,
      0.7625,
      0.3275,
      0.8725,
      0.435,
      0,
      0.545,
      0.11,
      0.655,
      0.2175,
      0.7625,
      0.3275,
      0.8725,
      0.435,
      0,
      0.545,
      0.11,
      0.655,
      0.2175,
      0.7625,
      0.3275,
      0.8725,
      0.435,
      0,
      0.545,
      0.11,
      0.655,
      0.2175,
      0.7625,
      0.3275,
      0.8725,
      0.435,
      0,
      0.545,
      0.11,
      0.655,
      0.2175,
      0.7625,
      0.3275,
      0.8725,
      0.435,
      0,
      0.545,
      0.11,
      0.655,
      0.2175,
      0.7625,
      0.3275,
      0.8725,
      0.435,
      0,
      0.545,
      0.11,
      0.655,
      0.2175,
      0.7625,
      0.3275,
      0.8725,
      0.435,
      0,
      0.545,
      0.11,
      0.655,
      0.2175,
      0.7625,
      0.3275,
      0.8725,
      0.435
    ],
    "SoftwareVersions": "syngo_MR_E11",
    "SpacingBetweenSlices": 2,
    "StationName": "AWP66018",
    "TaskName": "Listen",
    "TotalReadoutTime": 0.0597409,
    "TxRefAmp": 225.519,
    "dataset": "ds004007",
    "modality": "bold",
    "run_id": 1,
    "subject_id": "11",
    "task_id": "listen"
  },
  "dummy_trs": 2,
  "dvars_nstd": 41.040865164019095,
  "dvars_std": 1.0013805719857032,
  "dvars_vstd": 0.9850879216163605,
  "efc": 0.5305710442873226,
  "fber": 540.0208740234375,
  "fd_mean": 0.11003651115915347,
  "fd_num": 53,
  "fd_perc": 2.1040095275903137,
  "fwhm_avg": 3.1194333333333333,
  "fwhm_x": 2.881305,
  "fwhm_y": 3.3463,
  "fwhm_z": 3.130695,
  "gcor": 0.00759171,
  "gsr_x": -0.005825898144394159,
  "gsr_y": 0.10508570820093155,
  "provenance": {
    "md5sum": "935a7a1fe6787ced5c5b90e1dc77386d",
    "settings": {
      "fd_thres": 0.2,
      "testing": false
    },
    "software": "mriqc",
    "version": "22.0.6",
    "webapi_port": null,
    "webapi_url": "https://mriqc.nimh.nih.gov/api/v1"
  },
  "size_t": 2519,
  "size_x": 104,
  "size_y": 104,
  "size_z": 72,
  "snr": 2.2247849395524018,
  "spacing_tr": 1.0,
  "spacing_x": 2.0,
  "spacing_y": 2.0,
  "spacing_z": 2.0,
  "summary_bg_k": 62.685915199547196,
  "summary_bg_mad": 137.69131946036754,
  "summary_bg_mean": 792.7421875,
  "summary_bg_median": 341.326904296875,
  "summary_bg_n": 522477.0,
  "summary_bg_p05": 238.88804626464844,
  "summary_bg_p95": 2961.8161621093736,
  "summary_bg_stdv": 1357.4818115234375,
  "summary_fg_k": 1.8456702789099833,
  "summary_fg_mad": 3171.110955082272,
  "summary_fg_mean": 8778.345703125,
  "summary_fg_median": 8071.552734375,
  "summary_fg_n": 155746.0,
  "summary_fg_p05": 4314.10546875,
  "summary_fg_p95": 15789.63037109375,
  "summary_fg_stdv": 3628.003173828125,
  "tsnr": 29.156003952026367
}