{
  "bids_meta": {
    "AcquisitionMatrixPE": 256,
    "AcquisitionNumber": 1,
    "AcquisitionTime": "18:57:47.260000",
    "BaseResolution": 256,
    "BodyPartExamined": "BRAIN",
    "ConsistencyInfo": "N4_VE11C_LATEST_20160120",
    "ConversionSoftware": "dcm2niix",
    "ConversionSoftwareVersion": "v1.0.20180518 GCC4.8.5",
    "DeviceSerialNumber": "66018",
    "DwellTime": 8.1e-06,
    "EchoTime": 0.00288,
    "FlipAngle": 9,
    "ImageOrientationPatientDICOM": [
      0,
      1,
      0,
      0,
      0,
      -1
    ],
    "ImageType": [
      "ORIGINAL",
      "PRIMARY",
      "M",
      "ND",
      "NORM"
    ],
    "InPlanePhaseEncodingDirectionDICOM": "ROW",
    "InstitutionAddress": "Stadium_1952_Princeton_NJ_US_08544",
    "InstitutionName": "Princeton_University",
    "InstitutionalDepartmentName": "NeuroScience",
    "InversionTime": 0.9,
    "MRAcquisitionType": "3D",
    "MagneticFieldStrength": 3,
    "Manufacturer": "Siemens",
    "ManufacturersModelName": "Prisma",
    "Modality": "MR",
    "ParallelReductionFactorInPlane": 2,
    "PartialFourier": 1,
    "PatientPosition": "HFS",
    "PercentPhaseFOV": 100,
    "PhaseEncodingSteps": 255,
    "PhaseResolution": 1,
    "PixelBandwidth": 240,
    "ProcedureStepDescription": "Norman_jamal",
    "ProtocolName": "T1w_MPR_IP2_1.0mm",
    "PulseSequenceDetails": "%SiemensSeq%_tfl",
    "ReceiveCoilActiveElements": "HC1-7;NC1",
    "ReceiveCoilName": "HeadNeck_64",
    "ReconMatrixPE": 256,
    "RepetitionTime": 2.3,
    "SAR": 0.0554539,
    "ScanOptions": "IR",
    "ScanningSequence": "GR_IR",
    "SequenceName": "_tfl3d1_16ns",
    "SequenceVariant": "SK_SP_MP",
    "SeriesDescription": "T1w_MPR_IP2_1.0mm",
    "SeriesNumber": 8,
    "ShimSetting": [
      751,
      547,
      2023,
      362,
      -72,
      -258,
      201,
      92
    ],
    "SliceThickness": 1,
    "SoftwareVersions": "syngo_MR_E11",
    "StationName": "AWP66018",
    "TxRefAmp": 255.116,
    "dataset": "ds004007",
    "modality": "T1w",
    "subject_id": "04"
  },
  "cjv": 0.3452861752087611,
  "cnr": 3.834203680508191,
  "efc": 0.5186315958616111,
  "fber": -1.0,
  "fwhm_avg": 3.606783333333333,
  "fwhm_x": 3.70383,
  "fwhm_y": 3.74409,
  "fwhm_z": 3.37243,
  "icvs_csf": 0.2027177557074825,
  "icvs_gm": 0.4503273146631731,
  "icvs_wm": 0.34695492962934443,
  "inu_med": 0.6130533218383789,
  "inu_range": 0.27249792218208313,
  "provenance": {
    "md5sum": "67f553d798239278e34b412c17a282b2",
    "settings": {
      "testing": false
    },
    "software": "mriqc",
    "version": "22.0.6",
    "warnings": {
      "large_rot_frame": true,
      "small_air_mask": false
    },
    "webapi_port": null,
    "webapi_url": "https://mriqc.nimh.nih.gov/api/v1"
  },
  "qi_1": 0.0,
  "qi_2": 0.001065589111817417,
  "rpve_csf": 24.276092249726105,
  "rpve_gm": 11.759122888409228,
  "rpve_wm": 17.138359389490184,
  "size_x": 176,
  "size_y": 256,
  "size_z": 256,
  "snr_csf": 1.7389647002594153,
  "snr_gm": 9.401451566054218,
  "snr_total": 10.125553846780045,
  "snr_wm": 19.236245274026505,
  "snrd_csf": 20.150569535929563,
  "snrd_gm": 64.31420475753288,
  "snrd_total": 60.486628973922386,
  "snrd_wm": 96.99511262830471,
  "spacing_x": 1.0,
  "spacing_y": 1.0,
  "spacing_z": 1.0,
  "summary_bg_k": 14.846078112541143,
  "summary_bg_mad": 0.0,
  "summary_bg_mean": 3.5229704919094913,
  "summary_bg_median": 0.0,
  "summary_bg_n": 4201139.0,
  "summary_bg_p05": 0.0,
  "summary_bg_p95": 16.999296121299267,
  "summary_bg_stdv": 6.754324027052634,
  "summary_csf_k": 1.1869492431635997,
  "summary_csf_mad": 113.13588530805787,
  "summary_csf_mean": 223.92078200437916,
  "summary_csf_median": 207.74830397963524,
  "summary_csf_n": 32267.0,
  "summary_csf_p05": 60.624561581760645,
  "summary_csf_p95": 447.1472311243415,
  "summary_csf_stdv": 119.46480840968799,
  "summary_gm_k": 0.15472474809786618,
  "summary_gm_mad": 67.95115326810121,
  "summary_gm_mean": 662.8911379155762,
  "summary_gm_median": 663.0664674937725,
  "summary_gm_n": 37859.0,
  "summary_gm_p05": 546.0436886698008,
  "summary_gm_p95": 780.6574548345059,
  "summary_gm_stdv": 70.52716335613424,
  "summary_wm_k": 0.5548663907593343,
  "summary_wm_mad": 48.387347870215514,
  "summary_wm_mean": 999.3643153981286,
  "summary_wm_median": 1000.0000301189721,
  "summary_wm_n": 202759.0,
  "summary_wm_p05": 912.7494991980493,
  "summary_wm_p95": 1083.4938105158508,
  "summary_wm_stdv": 51.9850703652812,
  "tpm_overlap_csf": 0.14287965644802872,
  "tpm_overlap_gm": 0.4548019023721018,
  "tpm_overlap_wm": 0.5034952006498314,
  "wm2max": 0.4251092967081229
}