{
  "aor": 0.0002777998411437649,
  "aqi": 0.008195676298649722,
  "bids_meta": {
    "AcquisitionMatrixPE": 104,
    "AcquisitionNumber": 1,
    "AcquisitionTime": "15:06:27.507500",
    "BandwidthPerPixelPhaseEncode": 16.578,
    "BaseResolution": 104,
    "BodyPartExamined": "BRAIN",
    "ConsistencyInfo": "N4_VE11C_LATEST_20160120",
    "ConversionSoftware": "dcm2niix",
    "ConversionSoftwareVersion": "v1.0.20180518 GCC4.8.5",
    "DerivedVendorReportedEchoSpacing": 0.000580009,
    "DeviceSerialNumber": "66018",
    "DwellTime": 2.1e-06,
    "EchoTime": 0.037,
    "EchoTrainLength": 104,
    "EffectiveEchoSpacing": 0.000580009,
    "FlipAngle": 60,
    "ImageComments": "Unaliased_MB8_PE3_LB",
    "ImageOrientationPatientDICOM": [
      1,
      0,
      0,
      0,
      1,
      0
    ],
    "ImageType": [
      "ORIGINAL",
      "PRIMARY",
      "M",
      "MB",
      "ND",
      "MOSAIC"
    ],
    "InPlanePhaseEncodingDirectionDICOM": "COL",
    "InstitutionAddress": "Stadium_1952_Princeton_NJ_US_08544",
    "InstitutionName": "Princeton_University",
    "InstitutionalDepartmentName": "NeuroScience",
    "MRAcquisitionType": "2D",
    "MagneticFieldStrength": 3,
    "Manufacturer": "Siemens",
    "ManufacturersModelName": "Prisma",
    "Modality": "MR",
    "MultibandAccelerationFactor": 8,
    "PartialFourier": 1,
    "PatientPosition": "HFS",
    "PercentPhaseFOV": 100,
    "PhaseEncodingDirection": "j-",
    "PhaseEncodingSteps": 104,
    "PhaseResolution": 1,
    "PixelBandwidth": 2290,
    "ProcedureStepDescription": "Norman_jamal",
    "ProtocolName": "BOLD_Minn_SMS8_2.0mm",
    "PulseSequenceDetails": "%CustomerSeq%_cmrr_mbep2d_bold",
    "ReceiveCoilActiveElements": "HC1-7;NC1",
    "ReceiveCoilName": "HeadNeck_64",
    "ReconMatrixPE": 104,
    "RepetitionTime": 1,
    "SAR": 0.0647911,
    "ScanOptions": "FS",
    "ScanningSequence": "EP",
    "SequenceName": "epfid2d1_104",
    "SequenceVariant": "SK_SS",
    "SeriesDescription": "BOLD_Minn_SMS8_2.0mm",
    "SeriesNumber": 6,
    "ShimSetting": [
      746,
      518,
      2058,
      618,
      -74,
      -65,
      172,
      59
    ],
    "SliceThickness": 2,
    "SliceTiming": [
      0,
      0.545,
      0.11,
      0.655,
      0.22,
      0.7625,
      0.3275,
      0.8725,
      0.4375,
      0,
      0.545,
      0.11,
      0.655,
      0.22,
      0.7625,
      0.3275,
      0.8725,
      0.4375,
      0,
      0.545,
      0.11,
      0.655,
      0.22,
      0.7625,
      0.3275,
      0.8725,
      0.4375,
      0,
      0.545,
      0.11,
      0.655,
      0.22,
      0.7625,
      0.3275,
      0.8725,
      0.4375,
      0,
      0.545,
      0.11,
      0.655,
      0.22,
      0.7625,
      0.3275,
      0.8725,
      0.4375,
      0,
      0.545,
      0.11,
      0.655,
      0.22,
      0.7625,
      0.3275,
      0.8725,
      0.4375,
      0,
      0.545,
      0.11,
      0.655,
      0.22,
      0.7625,
      0.3275,
      0.8725,
      0.4375,
      0,
      0.545,
      0.11,
      0.655,
      0.22,
      0.7625,
      0.3275,
      0.8725,
      0.4375
    ],
    "SoftwareVersions": "syngo_MR_E11",
    "SpacingBetweenSlices": 2,
    "StationName": "AWP66018",
    "TaskName": "Listen",
    "TotalReadoutTime": 0.0597409,
    "TxRefAmp": 225.519,
    "dataset": "ds004007",
    "modality": "bold",
    "run_id": 2,
    "subject_id": "11",
    "task_id": "listen"
  },
  "dummy_trs": 3,
  "dvars_nstd": 42.365523843524,
  "dvars_std": 1.0245086943663086,
  "dvars_vstd": 1.0023129413110832,
  "efc": 0.5332671145800123,
  "fber": 515.5623779296875,
  "fd_mean": 0.129762902887722,
  "fd_num": 285,
  "fd_perc": 11.318506751389991,
  "fwhm_avg": 3.134605,
  "fwhm_x": 2.896055,
  "fwhm_y": 3.37194,
  "fwhm_z": 3.13582,
  "gcor": 0.0035131,
  "gsr_x": -0.0059778690338134766,
  "gsr_y": 0.10660864412784576,
  "provenance": {
    "md5sum": "8b33edf37594b390ac8e3a1167d0955f",
    "settings": {
      "fd_thres": 0.2,
      "testing": false
    },
    "software": "mriqc",
    "version": "22.0.6",
    "webapi_port": null,
    "webapi_url": "https://mriqc.nimh.nih.gov/api/v1"
  },
  "size_t": 2518,
  "size_x": 104,
  "size_y": 104,
  "size_z": 72,
  "snr": 2.1955464895173873,
  "spacing_tr": 1.0,
  "spacing_x": 2.0,
  "spacing_y": 2.0,
  "spacing_z": 2.0,
  "summary_bg_k": 53.99886080938939,
  "summary_bg_mad": 144.28875907188748,
  "summary_bg_mean": 822.1454467773438,
  "summary_bg_median": 347.3090515136719,
  "summary_bg_n": 522045.0,
  "summary_bg_p05": 237.69666748046876,
  "summary_bg_p95": 3140.400683593748,
  "summary_bg_stdv": 1394.851806640625,
  "summary_fg_k": 1.8734746712655133,
  "summary_fg_mad": 3181.9883181848872,
  "summary_fg_mean": 8760.6845703125,
  "summary_fg_median": 8041.99951171875,
  "summary_fg_n": 156110.0,
  "summary_fg_p05": 4265.762768554688,
  "summary_fg_p95": 15859.815185546857,
  "summary_fg_stdv": 3662.857421875,
  "tsnr": 29.194284439086914
}