{
  "aor": 0.0005574216580721935,
  "aqi": 0.012154605561285205,
  "bids_meta": {
    "AcquisitionMatrixPE": 104,
    "AcquisitionNumber": 1,
    "AcquisitionTime": "11:11:21.740000",
    "BandwidthPerPixelPhaseEncode": 16.578,
    "BaseResolution": 104,
    "BodyPartExamined": "BRAIN",
    "ConsistencyInfo": "N4_VE11C_LATEST_20160120",
    "ConversionSoftware": "dcm2niix",
    "ConversionSoftwareVersion": "v1.0.20180518 GCC4.8.5",
    "DerivedVendorReportedEchoSpacing": 0.000580009,
    "DeviceSerialNumber": "66018",
    "DwellTime": 2.1e-06,
    "EchoTime": 0.037,
    "EchoTrainLength": 104,
    "EffectiveEchoSpacing": 0.000580009,
    "FlipAngle": 60,
    "ImageComments": "Unaliased_MB8_PE3_LB",
    "ImageOrientationPatientDICOM": [
      1,
      0,
      0,
      0,
      1,
      0
    ],
    "ImageType": [
      "ORIGINAL",
      "PRIMARY",
      "M",
      "MB",
      "ND",
      "MOSAIC"
    ],
    "InPlanePhaseEncodingDirectionDICOM": "COL",
    "InstitutionAddress": "Stadium_1952_Princeton_NJ_US_08544",
    "InstitutionName": "Princeton_University",
    "InstitutionalDepartmentName": "NeuroScience",
    "MRAcquisitionType": "2D",
    "MagneticFieldStrength": 3,
    "Manufacturer": "Siemens",
    "ManufacturersModelName": "Prisma",
    "Modality": "MR",
    "MultibandAccelerationFactor": 8,
    "PartialFourier": 1,
    "PatientPosition": "HFS",
    "PercentPhaseFOV": 100,
    "PhaseEncodingDirection": "j-",
    "PhaseEncodingSteps": 104,
    "PhaseResolution": 1,
    "PixelBandwidth": 2290,
    "ProcedureStepDescription": "Norman_jamal",
    "ProtocolName": "BOLD_Minn_SMS8_2.0mm",
    "PulseSequenceDetails": "%CustomerSeq%_cmrr_mbep2d_bold",
    "ReceiveCoilActiveElements": "HC1-7;NC1",
    "ReceiveCoilName": "HeadNeck_64",
    "ReconMatrixPE": 104,
    "RepetitionTime": 1,
    "SAR": 0.0577294,
    "ScanOptions": "FS",
    "ScanningSequence": "EP",
    "SequenceName": "epfid2d1_104",
    "SequenceVariant": "SK_SS",
    "SeriesDescription": "BOLD_Minn_SMS8_2.0mm",
    "SeriesNumber": 4,
    "ShimSetting": [
      758,
      529,
      2054,
      593,
      -114,
      107,
      275,
      35
    ],
    "SliceThickness": 2,
    "SliceTiming": [
      0,
      0.545,
      0.11,
      0.655,
      0.2175,
      0.7625,
      0.3275,
      0.8725,
      0.4375,
      0,
      0.545,
      0.11,
      0.655,
      0.2175,
      0.7625,
      0.3275,
      0.8725,
      0.4375,
      0,
      0.545,
      0.11,
      0.655,
      0.2175,
      0.7625,
      0.3275,
      0.8725,
      0.4375,
      0,
      0.545,
      0.11,
      0.655,
      0.2175,
      0.7625,
      0.3275,
      0.8725,
      0.4375,
      0,
      0.545,
      0.11,
      0.655,
      0.2175,
      0.7625,
      0.3275,
      0.8725,
      0.4375,
      0,
      0.545,
      0.11,
      0.655,
      0.2175,
      0.7625,
      0.3275,
      0.8725,
      0.4375,
      0,
      0.545,
      0.11,
      0.655,
      0.2175,
      0.7625,
      0.3275,
      0.8725,
      0.4375,
      0,
      0.545,
      0.11,
      0.655,
      0.2175,
      0.7625,
      0.3275,
      0.8725,
      0.4375
    ],
    "SoftwareVersions": "syngo_MR_E11",
    "SpacingBetweenSlices": 2,
    "StationName": "AWP66018",
    "TaskName": "Listen",
    "TotalReadoutTime": 0.0597409,
    "TxRefAmp": 222.016,
    "dataset": "ds004007",
    "modality": "bold",
    "run_id": 1,
    "subject_id": "07",
    "task_id": "listen"
  },
  "dummy_trs": 3,
  "dvars_nstd": 48.21956487080161,
  "dvars_std": 1.0554093189603169,
  "dvars_vstd": 0.9938708152539671,
  "efc": 0.5190516343720272,
  "fber": 692.4364013671875,
  "fd_mean": 0.14683291096805343,
  "fd_num": 475,
  "fd_perc": 18.841729472431574,
  "fwhm_avg": 3.15171,
  "fwhm_x": 2.97202,
  "fwhm_y": 3.344745,
  "fwhm_z": 3.138365,
  "gcor": 0.010074,
  "gsr_x": -0.01399431936442852,
  "gsr_y": 0.0864255353808403,
  "provenance": {
    "md5sum": "8988a089d425492a3ac9fb0bd87fc079",
    "settings": {
      "fd_thres": 0.2,
      "testing": false
    },
    "software": "mriqc",
    "version": "22.0.6",
    "webapi_port": null,
    "webapi_url": "https://mriqc.nimh.nih.gov/api/v1"
  },
  "size_t": 2521,
  "size_x": 104,
  "size_y": 104,
  "size_z": 72,
  "snr": 2.2889860093670875,
  "spacing_tr": 1.0,
  "spacing_x": 2.0,
  "spacing_y": 2.0,
  "spacing_z": 2.0,
  "summary_bg_k": 27.911603219183384,
  "summary_bg_mad": 88.93862312930091,
  "summary_bg_mean": 632.2761840820312,
  "summary_bg_median": 306.5399475097656,
  "summary_bg_n": 521237.0,
  "summary_bg_p05": 237.51495666503905,
  "summary_bg_p95": 2252.5903808593703,
  "summary_bg_stdv": 875.0777587890625,
  "summary_fg_k": 2.5450866462415433,
  "summary_fg_mad": 3152.1534822814883,
  "summary_fg_mean": 8779.7294921875,
  "summary_fg_median": 8184.73681640625,
  "summary_fg_n": 158247.0,
  "summary_fg_p05": 4275.241015625,
  "summary_fg_p95": 15347.536230468748,
  "summary_fg_stdv": 3575.69287109375,
  "tsnr": 24.613481521606445
}