{
  "aor": 0.00031529365079365076,
  "aqi": 0.013303804611111112,
  "bids_meta": {
    "AcquisitionMatrixPE": 104,
    "AcquisitionNumber": 1,
    "AcquisitionTime": "11:54:42.697500",
    "BandwidthPerPixelPhaseEncode": 16.578,
    "BaseResolution": 104,
    "BodyPartExamined": "BRAIN",
    "ConsistencyInfo": "N4_VE11C_LATEST_20160120",
    "ConversionSoftware": "dcm2niix",
    "ConversionSoftwareVersion": "v1.0.20180518 GCC4.8.5",
    "DerivedVendorReportedEchoSpacing": 0.000580009,
    "DeviceSerialNumber": "66018",
    "DwellTime": 2.1e-06,
    "EchoTime": 0.037,
    "EchoTrainLength": 104,
    "EffectiveEchoSpacing": 0.000580009,
    "FlipAngle": 60,
    "ImageComments": "Unaliased_MB8_PE3_LB",
    "ImageOrientationPatientDICOM": [
      1,
      0,
      0,
      0,
      1,
      0
    ],
    "ImageType": [
      "ORIGINAL",
      "PRIMARY",
      "M",
      "MB",
      "ND",
      "MOSAIC"
    ],
    "InPlanePhaseEncodingDirectionDICOM": "COL",
    "InstitutionAddress": "Stadium_1952_Princeton_NJ_US_08544",
    "InstitutionName": "Princeton_University",
    "InstitutionalDepartmentName": "NeuroScience",
    "MRAcquisitionType": "2D",
    "MagneticFieldStrength": 3,
    "Manufacturer": "Siemens",
    "ManufacturersModelName": "Prisma",
    "Modality": "MR",
    "MultibandAccelerationFactor": 8,
    "PartialFourier": 1,
    "PatientPosition": "HFS",
    "PercentPhaseFOV": 100,
    "PhaseEncodingDirection": "j-",
    "PhaseEncodingSteps": 104,
    "PhaseResolution": 1,
    "PixelBandwidth": 2290,
    "ProcedureStepDescription": "Norman_jamal",
    "ProtocolName": "BOLD_Minn_SMS8_2.0mm",
    "PulseSequenceDetails": "%CustomerSeq%_cmrr_mbep2d_bold",
    "ReceiveCoilActiveElements": "HC1-7;NC1",
    "ReceiveCoilName": "HeadNeck_64",
    "ReconMatrixPE": 104,
    "RepetitionTime": 1,
    "SAR": 0.0577294,
    "ScanOptions": "FS",
    "ScanningSequence": "EP",
    "SequenceName": "epfid2d1_104",
    "SequenceVariant": "SK_SS",
    "SeriesDescription": "BOLD_Minn_SMS8_2.0mm",
    "SeriesNumber": 6,
    "ShimSetting": [
      758,
      529,
      2054,
      593,
      -114,
      107,
      275,
      35
    ],
    "SliceThickness": 2,
    "SliceTiming": [
      0,
      0.545,
      0.1075,
      0.6525,
      0.2175,
      0.7625,
      0.3275,
      0.87,
      0.435,
      0,
      0.545,
      0.1075,
      0.6525,
      0.2175,
      0.7625,
      0.3275,
      0.87,
      0.435,
      0,
      0.545,
      0.1075,
      0.6525,
      0.2175,
      0.7625,
      0.3275,
      0.87,
      0.435,
      0,
      0.545,
      0.1075,
      0.6525,
      0.2175,
      0.7625,
      0.3275,
      0.87,
      0.435,
      0,
      0.545,
      0.1075,
      0.6525,
      0.2175,
      0.7625,
      0.3275,
      0.87,
      0.435,
      0,
      0.545,
      0.1075,
      0.6525,
      0.2175,
      0.7625,
      0.3275,
      0.87,
      0.435,
      0,
      0.545,
      0.1075,
      0.6525,
      0.2175,
      0.7625,
      0.3275,
      0.87,
      0.435,
      0,
      0.545,
      0.1075,
      0.6525,
      0.2175,
      0.7625,
      0.3275,
      0.87,
      0.435
    ],
    "SoftwareVersions": "syngo_MR_E11",
    "SpacingBetweenSlices": 2,
    "StationName": "AWP66018",
    "TaskName": "Listen",
    "TotalReadoutTime": 0.0597409,
    "TxRefAmp": 222.016,
    "dataset": "ds004007",
    "modality": "bold",
    "run_id": 2,
    "subject_id": "07",
    "task_id": "listen"
  },
  "dummy_trs": 0,
  "dvars_nstd": 50.93413802503765,
  "dvars_std": 1.0701499245375141,
  "dvars_vstd": 0.9957247730686795,
  "efc": 0.5232610754580671,
  "fber": 648.6101684570312,
  "fd_mean": 0.15271329757736973,
  "fd_num": 490,
  "fd_perc": 19.444444444444443,
  "fwhm_avg": 3.1304766666666666,
  "fwhm_x": 2.952245,
  "fwhm_y": 3.303995,
  "fwhm_z": 3.13519,
  "gcor": 0.0137372,
  "gsr_x": -0.014422951266169548,
  "gsr_y": 0.08739913254976273,
  "provenance": {
    "md5sum": "e22da0e5f841e6b492d891144fbfc9ec",
    "settings": {
      "fd_thres": 0.2,
      "testing": false
    },
    "software": "mriqc",
    "version": "22.0.6",
    "webapi_port": null,
    "webapi_url": "https://mriqc.nimh.nih.gov/api/v1"
  },
  "size_t": 2520,
  "size_x": 104,
  "size_y": 104,
  "size_z": 72,
  "snr": 2.3205623444284207,
  "spacing_tr": 1.0,
  "spacing_x": 2.0,
  "spacing_y": 2.0,
  "spacing_z": 2.0,
  "summary_bg_k": 28.906722146063817,
  "summary_bg_mad": 95.75339915917385,
  "summary_bg_mean": 650.5475463867188,
  "summary_bg_median": 312.4444580078125,
  "summary_bg_n": 521756.0,
  "summary_bg_p05": 239.26485061645508,
  "summary_bg_p95": 2348.9769287109375,
  "summary_bg_stdv": 910.0615234375,
  "summary_fg_k": 2.549171492584276,
  "summary_fg_mad": 3079.684421546814,
  "summary_fg_mean": 8657.3466796875,
  "summary_fg_median": 8079.11328125,
  "summary_fg_n": 157652.0,
  "summary_fg_p05": 4263.885668945312,
  "summary_fg_p95": 15034.883593749983,
  "summary_fg_stdv": 3481.521484375,
  "tsnr": 24.315032958984375
}