{
  "bids_meta": {
    "AcquisitionMatrixPE": 256,
    "AcquisitionNumber": 1,
    "AcquisitionTime": "16:05:38.242500",
    "BaseResolution": 256,
    "BodyPartExamined": "BRAIN",
    "ConsistencyInfo": "N4_VE11C_LATEST_20160120",
    "ConversionSoftware": "dcm2niix",
    "ConversionSoftwareVersion": "v1.0.20180518 GCC4.8.5",
    "DeviceSerialNumber": "66018",
    "DwellTime": 8.1e-06,
    "EchoTime": 0.00288,
    "FlipAngle": 9,
    "ImageOrientationPatientDICOM": [
      0,
      1,
      0,
      0,
      0,
      -1
    ],
    "ImageType": [
      "ORIGINAL",
      "PRIMARY",
      "M",
      "ND",
      "NORM"
    ],
    "InPlanePhaseEncodingDirectionDICOM": "ROW",
    "InstitutionAddress": "Stadium_1952_Princeton_NJ_US_08544",
    "InstitutionName": "Princeton_University",
    "InstitutionalDepartmentName": "NeuroScience",
    "InversionTime": 0.9,
    "MRAcquisitionType": "3D",
    "MagneticFieldStrength": 3,
    "Manufacturer": "Siemens",
    "ManufacturersModelName": "Prisma",
    "Modality": "MR",
    "ParallelReductionFactorInPlane": 2,
    "PartialFourier": 1,
    "PatientPosition": "HFS",
    "PercentPhaseFOV": 100,
    "PhaseEncodingSteps": 255,
    "PhaseResolution": 1,
    "PixelBandwidth": 240,
    "ProcedureStepDescription": "Norman_jamal",
    "ProtocolName": "T1w_MPR_IP2_1.0mm",
    "PulseSequenceDetails": "%SiemensSeq%_tfl",
    "ReceiveCoilActiveElements": "HC1-7;NC1",
    "ReceiveCoilName": "HeadNeck_64",
    "ReconMatrixPE": 256,
    "RepetitionTime": 2.3,
    "SAR": 0.0533699,
    "ScanOptions": "IR",
    "ScanningSequence": "GR_IR",
    "SequenceName": "_tfl3d1_16ns",
    "SequenceVariant": "SK_SP_MP",
    "SeriesDescription": "T1w_MPR_IP2_1.0mm",
    "SeriesNumber": 2,
    "ShimSetting": [
      757,
      516,
      2013,
      430,
      -151,
      -187,
      176,
      47
    ],
    "SliceThickness": 1,
    "SoftwareVersions": "syngo_MR_E11",
    "StationName": "AWP66018",
    "TxRefAmp": 241.568,
    "dataset": "ds004007",
    "modality": "T1w",
    "subject_id": "20"
  },
  "cjv": 0.33401037382063553,
  "cnr": 3.9297856895979253,
  "efc": 0.5255547681704519,
  "fber": -1.0,
  "fwhm_avg": 3.68065,
  "fwhm_x": 3.80956,
  "fwhm_y": 3.80604,
  "fwhm_z": 3.42635,
  "icvs_csf": 0.20321510904796491,
  "icvs_gm": 0.45903212180246905,
  "icvs_wm": 0.33775276914956603,
  "inu_med": 0.581012487411499,
  "inu_range": 0.2344353824853896,
  "provenance": {
    "md5sum": "7d1e2c57fc1faef14cf6335bee951be0",
    "settings": {
      "testing": false
    },
    "software": "mriqc",
    "version": "22.0.6",
    "warnings": {
      "large_rot_frame": true,
      "small_air_mask": false
    },
    "webapi_port": null,
    "webapi_url": "https://mriqc.nimh.nih.gov/api/v1"
  },
  "qi_1": 6.786421877916041e-05,
  "qi_2": 0.0011800470140248954,
  "rpve_csf": 21.883579127302347,
  "rpve_gm": 10.536436395052206,
  "rpve_wm": 16.016267688349462,
  "size_x": 176,
  "size_y": 256,
  "size_z": 256,
  "snr_csf": 1.5992766699813121,
  "snr_gm": 9.359751940388982,
  "snr_total": 10.52974257274345,
  "snr_wm": 20.630199107860054,
  "snrd_csf": 17.901277171325784,
  "snrd_gm": 65.80959403132759,
  "snrd_total": 61.03846201136614,
  "snrd_wm": 99.40451483144506,
  "spacing_x": 1.0,
  "spacing_y": 1.0,
  "spacing_z": 1.0,
  "summary_bg_k": 37.56028397807354,
  "summary_bg_mad": 0.0,
  "summary_bg_mean": 3.5795329350902483,
  "summary_bg_median": 0.0,
  "summary_bg_n": 3992811.0,
  "summary_bg_p05": 0.0,
  "summary_bg_p95": 15.879713505506516,
  "summary_bg_stdv": 6.590610277658466,
  "summary_csf_k": 1.699758696659937,
  "summary_csf_mad": 107.76461498884647,
  "summary_csf_mean": 194.3971263198116,
  "summary_csf_median": 180.08515678346157,
  "summary_csf_n": 42003.0,
  "summary_csf_p05": 47.1788589656353,
  "summary_csf_p95": 405.2740698739887,
  "summary_csf_stdv": 112.60278876888451,
  "summary_gm_k": 0.18664060358950563,
  "summary_gm_mad": 67.16095530439455,
  "summary_gm_mean": 660.9704890071934,
  "summary_gm_median": 662.038297355175,
  "summary_gm_n": 52237.0,
  "summary_gm_p05": 541.0609630644321,
  "summary_gm_p95": 777.530609831214,
  "summary_gm_stdv": 70.73178484535612,
  "summary_wm_k": 0.5330812990444547,
  "summary_wm_mad": 45.72176804803829,
  "summary_wm_mean": 999.3344325452739,
  "summary_wm_median": 1000.0000260919333,
  "summary_wm_n": 223846.0,
  "summary_wm_p05": 918.7603323608637,
  "summary_wm_p95": 1077.3273266404867,
  "summary_wm_stdv": 48.4725225957646,
  "tpm_overlap_csf": 0.1528638488896087,
  "tpm_overlap_gm": 0.46137413435133096,
  "tpm_overlap_wm": 0.4983875090807446,
  "wm2max": 0.49869926163969547
}