{
  "bids_meta": {
    "AcquisitionMatrixPE": 256,
    "AcquisitionNumber": 1,
    "AcquisitionTime": "13:01:45.317500",
    "BaseResolution": 256,
    "BodyPartExamined": "BRAIN",
    "ConsistencyInfo": "N4_VE11C_LATEST_20160120",
    "ConversionSoftware": "dcm2niix",
    "ConversionSoftwareVersion": "v1.0.20180518 GCC4.8.5",
    "DeviceSerialNumber": "66018",
    "DwellTime": 8.1e-06,
    "EchoTime": 0.00288,
    "FlipAngle": 9,
    "ImageOrientationPatientDICOM": [
      0,
      1,
      0,
      0,
      0,
      -1
    ],
    "ImageType": [
      "ORIGINAL",
      "PRIMARY",
      "M",
      "ND",
      "NORM"
    ],
    "InPlanePhaseEncodingDirectionDICOM": "ROW",
    "InstitutionAddress": "Stadium_1952_Princeton_NJ_US_08544",
    "InstitutionName": "Princeton_University",
    "InstitutionalDepartmentName": "NeuroScience",
    "InversionTime": 0.9,
    "MRAcquisitionType": "3D",
    "MagneticFieldStrength": 3,
    "Manufacturer": "Siemens",
    "ManufacturersModelName": "Prisma",
    "Modality": "MR",
    "ParallelReductionFactorInPlane": 2,
    "PartialFourier": 1,
    "PatientPosition": "HFS",
    "PercentPhaseFOV": 100,
    "PhaseEncodingSteps": 255,
    "PhaseResolution": 1,
    "PixelBandwidth": 240,
    "ProcedureStepDescription": "Norman_jamal",
    "ProtocolName": "T1w_MPR_IP2_1.0mm",
    "PulseSequenceDetails": "%SiemensSeq%_tfl",
    "ReceiveCoilActiveElements": "HC1-7;NC1",
    "ReceiveCoilName": "HeadNeck_64",
    "ReconMatrixPE": 256,
    "RepetitionTime": 2.3,
    "SAR": 0.0469041,
    "ScanOptions": "IR",
    "ScanningSequence": "GR_IR",
    "SequenceName": "_tfl3d1_16ns",
    "SequenceVariant": "SK_SP_MP",
    "SeriesDescription": "T1w_MPR_IP2_1.0mm",
    "SeriesNumber": 10,
    "ShimSetting": [
      786,
      497,
      1922,
      595,
      -30,
      -399,
      -85,
      -37
    ],
    "SliceThickness": 1,
    "SoftwareVersions": "syngo_MR_E11",
    "StationName": "AWP66018",
    "TxRefAmp": 221.95,
    "dataset": "ds004007",
    "modality": "T1w",
    "subject_id": "02"
  },
  "cjv": 0.33168540064370544,
  "cnr": 4.01086678148203,
  "efc": 0.49876432637632895,
  "fber": -1.0,
  "fwhm_avg": 3.60368,
  "fwhm_x": 3.68018,
  "fwhm_y": 3.75364,
  "fwhm_z": 3.37722,
  "icvs_csf": 0.21736263133875994,
  "icvs_gm": 0.43292447528838135,
  "icvs_wm": 0.34971289337285866,
  "inu_med": 0.5682938694953918,
  "inu_range": 0.211004801094532,
  "provenance": {
    "md5sum": "0b080ec937d68ef8f8fdf2015941738f",
    "settings": {
      "testing": false
    },
    "software": "mriqc",
    "version": "22.0.6",
    "warnings": {
      "large_rot_frame": true,
      "small_air_mask": false
    },
    "webapi_port": null,
    "webapi_url": "https://mriqc.nimh.nih.gov/api/v1"
  },
  "qi_1": 0.0,
  "qi_2": 0.0009174395278802198,
  "rpve_csf": 26.295326888453115,
  "rpve_gm": 13.60263324664847,
  "rpve_wm": 19.249746082109912,
  "size_x": 176,
  "size_y": 256,
  "size_z": 256,
  "snr_csf": 1.7622438694010456,
  "snr_gm": 8.547345521421757,
  "snr_total": 10.32736228801021,
  "snr_wm": 20.672497473207827,
  "snrd_csf": 20.343909658690144,
  "snrd_gm": 60.175771916066836,
  "snrd_total": 58.13341855894197,
  "snrd_wm": 93.88057410206895,
  "spacing_x": 1.0,
  "spacing_y": 1.0,
  "spacing_z": 1.0,
  "summary_bg_k": 12.472895107660086,
  "summary_bg_mad": 0.0,
  "summary_bg_mean": 4.019395038530127,
  "summary_bg_median": 0.0,
  "summary_bg_n": 3822848.0,
  "summary_bg_p05": 0.0,
  "summary_bg_p95": 17.59816851466894,
  "summary_bg_stdv": 6.978106394300909,
  "summary_csf_k": 0.32792784218751914,
  "summary_csf_mad": 133.3474421407873,
  "summary_csf_mean": 227.30676296992957,
  "summary_csf_median": 216.69070146977901,
  "summary_csf_n": 37726.0,
  "summary_csf_p05": 52.92172122001648,
  "summary_csf_p95": 442.9331799466163,
  "summary_csf_stdv": 122.9613184144797,
  "summary_gm_k": 0.054536522041585656,
  "summary_gm_mad": 73.55799495743571,
  "summary_gm_mean": 642.7320766993354,
  "summary_gm_median": 640.9549809619784,
  "summary_gm_n": 28391.0,
  "summary_gm_p05": 519.5912260487676,
  "summary_gm_p95": 767.449768140912,
  "summary_gm_stdv": 74.98745560950535,
  "summary_wm_k": 0.5709873656301463,
  "summary_wm_mad": 45.51793875998586,
  "summary_wm_mean": 998.7134893698247,
  "summary_wm_median": 999.9576186612248,
  "summary_wm_n": 179221.0,
  "summary_wm_p05": 917.2674292549491,
  "summary_wm_p95": 1075.3541093096137,
  "summary_wm_stdv": 48.37126381173376,
  "tpm_overlap_csf": 0.1486846303598973,
  "tpm_overlap_gm": 0.4700931187757459,
  "tpm_overlap_wm": 0.5149139319957582,
  "wm2max": 0.44188966344352
}