{
  "bids_meta": {
    "AcquisitionMatrixPE": 256,
    "AcquisitionNumber": 1,
    "AcquisitionTime": "10:38:7.607500",
    "BaseResolution": 256,
    "BodyPartExamined": "BRAIN",
    "ConsistencyInfo": "N4_VE11C_LATEST_20160120",
    "ConversionSoftware": "dcm2niix",
    "ConversionSoftwareVersion": "v1.0.20180518 GCC4.8.5",
    "DeviceSerialNumber": "66018",
    "DwellTime": 8.1e-06,
    "EchoTime": 0.00288,
    "FlipAngle": 9,
    "ImageOrientationPatientDICOM": [
      0,
      1,
      0,
      0,
      0,
      -1
    ],
    "ImageType": [
      "ORIGINAL",
      "PRIMARY",
      "M",
      "ND",
      "NORM"
    ],
    "InPlanePhaseEncodingDirectionDICOM": "ROW",
    "InstitutionAddress": "Stadium_1952_Princeton_NJ_US_08544",
    "InstitutionName": "Princeton_University",
    "InstitutionalDepartmentName": "NeuroScience",
    "InversionTime": 0.9,
    "MRAcquisitionType": "3D",
    "MagneticFieldStrength": 3,
    "Manufacturer": "Siemens",
    "ManufacturersModelName": "Prisma",
    "Modality": "MR",
    "ParallelReductionFactorInPlane": 2,
    "PartialFourier": 1,
    "PatientPosition": "HFS",
    "PercentPhaseFOV": 100,
    "PhaseEncodingSteps": 255,
    "PhaseResolution": 1,
    "PixelBandwidth": 240,
    "ProcedureStepDescription": "Norman_jamal",
    "ProtocolName": "T1w_MPR_IP2_1.0mm",
    "PulseSequenceDetails": "%SiemensSeq%_tfl",
    "ReceiveCoilActiveElements": "HC1-7;NC1",
    "ReceiveCoilName": "HeadNeck_64",
    "ReconMatrixPE": 256,
    "RepetitionTime": 2.3,
    "SAR": 0.0596279,
    "ScanOptions": "IR",
    "ScanningSequence": "GR_IR",
    "SequenceName": "_tfl3d1_16ns",
    "SequenceVariant": "SK_SP_MP",
    "SeriesDescription": "T1w_MPR_IP2_1.0mm",
    "SeriesNumber": 2,
    "ShimSetting": [
      760,
      476,
      1992,
      247,
      -145,
      -273,
      306,
      65
    ],
    "SliceThickness": 1,
    "SoftwareVersions": "syngo_MR_E11",
    "StationName": "AWP66018",
    "TxRefAmp": 233.846,
    "dataset": "ds004007",
    "modality": "T1w",
    "subject_id": "17"
  },
  "cjv": 0.3467836779663626,
  "cnr": 3.8533605461576244,
  "efc": 0.5324572296752538,
  "fber": -1.0,
  "fwhm_avg": 3.5757933333333334,
  "fwhm_x": 3.65372,
  "fwhm_y": 3.73046,
  "fwhm_z": 3.3432,
  "icvs_csf": 0.2106771391180898,
  "icvs_gm": 0.4483465323036659,
  "icvs_wm": 0.34097632857824434,
  "inu_med": 0.6057441532611847,
  "inu_range": 0.2588050127029419,
  "provenance": {
    "md5sum": "9f31b6748f9b2f975675938ef15179da",
    "settings": {
      "testing": false
    },
    "software": "mriqc",
    "version": "22.0.6",
    "warnings": {
      "large_rot_frame": true,
      "small_air_mask": false
    },
    "webapi_port": null,
    "webapi_url": "https://mriqc.nimh.nih.gov/api/v1"
  },
  "qi_1": 0.0,
  "qi_2": 0.0013134447557744929,
  "rpve_csf": 23.11699563086018,
  "rpve_gm": 11.591775267705893,
  "rpve_wm": 17.25495169555093,
  "size_x": 176,
  "size_y": 256,
  "size_z": 256,
  "snr_csf": 1.7095551119003545,
  "snr_gm": 9.090020243448038,
  "snr_total": 10.6639330576123,
  "snr_wm": 21.19222381748851,
  "snrd_csf": 21.580036457243622,
  "snrd_gm": 68.07688636841425,
  "snrd_total": 64.06074663092885,
  "snrd_wm": 102.52531706712865,
  "spacing_x": 1.0,
  "spacing_y": 1.0,
  "spacing_z": 1.0,
  "summary_bg_k": 17.0862354844218,
  "summary_bg_mad": 0.0,
  "summary_bg_mean": 3.2953769309528553,
  "summary_bg_median": 0.0,
  "summary_bg_n": 3145576.0,
  "summary_bg_p05": 0.0,
  "summary_bg_p95": 16.36540136486292,
  "summary_bg_stdv": 6.389996276502034,
  "summary_csf_k": 0.5053553253443326,
  "summary_csf_mad": 120.42587375870794,
  "summary_csf_mean": 224.1552504320066,
  "summary_csf_median": 210.48495032265782,
  "summary_csf_n": 31313.0,
  "summary_csf_p05": 48.31029498949647,
  "summary_csf_p95": 456.0769226692616,
  "summary_csf_stdv": 123.12068084098686,
  "summary_gm_k": 0.09056788416839101,
  "summary_gm_mad": 72.31035675323669,
  "summary_gm_mean": 664.7853654924704,
  "summary_gm_median": 664.0007339082658,
  "summary_gm_n": 42520.0,
  "summary_gm_p05": 546.0681381970644,
  "summary_gm_p95": 787.896992828697,
  "summary_gm_stdv": 73.0463638122273,
  "summary_wm_k": 0.6118640126339985,
  "summary_wm_mad": 44.20870152212101,
  "summary_wm_mean": 999.0879445176248,
  "summary_wm_median": 999.9999913088977,
  "summary_wm_n": 197112.0,
  "summary_wm_p05": 920.0938387973234,
  "summary_wm_p95": 1074.1065969243646,
  "summary_wm_stdv": 47.186999499861386,
  "tpm_overlap_csf": 0.14490684661408476,
  "tpm_overlap_gm": 0.46650105650613327,
  "tpm_overlap_wm": 0.49950143795221075,
  "wm2max": 0.44026296507367907
}