{
  "aor": 0.0007898492661642206,
  "aqi": 0.016622509044030148,
  "bids_meta": {
    "AcquisitionMatrixPE": 104,
    "AcquisitionNumber": 1,
    "AcquisitionTime": "15:25:25.507500",
    "BandwidthPerPixelPhaseEncode": 16.578,
    "BaseResolution": 104,
    "BodyPartExamined": "BRAIN",
    "ConsistencyInfo": "N4_VE11C_LATEST_20160120",
    "ConversionSoftware": "dcm2niix",
    "ConversionSoftwareVersion": "v1.0.20180518 GCC4.8.5",
    "DerivedVendorReportedEchoSpacing": 0.000580009,
    "DeviceSerialNumber": "66018",
    "DwellTime": 2.1e-06,
    "EchoTime": 0.037,
    "EchoTrainLength": 104,
    "EffectiveEchoSpacing": 0.000580009,
    "FlipAngle": 60,
    "ImageComments": "Unaliased_MB8_PE3_LB",
    "ImageOrientationPatientDICOM": [
      1,
      0,
      0,
      0,
      1,
      0
    ],
    "ImageType": [
      "ORIGINAL",
      "PRIMARY",
      "M",
      "MB",
      "ND",
      "MOSAIC"
    ],
    "InPlanePhaseEncodingDirectionDICOM": "COL",
    "InstitutionAddress": "Stadium_1952_Princeton_NJ_US_08544",
    "InstitutionName": "Princeton_University",
    "InstitutionalDepartmentName": "NeuroScience",
    "MRAcquisitionType": "2D",
    "MagneticFieldStrength": 3,
    "Manufacturer": "Siemens",
    "ManufacturersModelName": "Prisma",
    "Modality": "MR",
    "MultibandAccelerationFactor": 8,
    "PartialFourier": 1,
    "PatientPosition": "HFS",
    "PercentPhaseFOV": 100,
    "PhaseEncodingDirection": "j-",
    "PhaseEncodingSteps": 104,
    "PhaseResolution": 1,
    "PixelBandwidth": 2290,
    "ProcedureStepDescription": "Norman_jamal",
    "ProtocolName": "BOLD_Minn_SMS8_2.0mm",
    "PulseSequenceDetails": "%CustomerSeq%_cmrr_mbep2d_bold",
    "ReceiveCoilActiveElements": "HC1-7;NC1",
    "ReceiveCoilName": "HeadNeck_64",
    "ReconMatrixPE": 104,
    "RepetitionTime": 1,
    "SAR": 0.0555153,
    "ScanOptions": "FS",
    "ScanningSequence": "EP",
    "SequenceName": "epfid2d1_104",
    "SequenceVariant": "SK_SS",
    "SeriesDescription": "BOLD_Minn_SMS8_2.0mm",
    "SeriesNumber": 5,
    "ShimSetting": [
      748,
      599,
      2030,
      559,
      -131,
      28,
      111,
      42
    ],
    "SliceThickness": 2,
    "SliceTiming": [
      0,
      0.545,
      0.11,
      0.655,
      0.2175,
      0.7625,
      0.3275,
      0.8725,
      0.435,
      0,
      0.545,
      0.11,
      0.655,
      0.2175,
      0.7625,
      0.3275,
      0.8725,
      0.435,
      0,
      0.545,
      0.11,
      0.655,
      0.2175,
      0.7625,
      0.3275,
      0.8725,
      0.435,
      0,
      0.545,
      0.11,
      0.655,
      0.2175,
      0.7625,
      0.3275,
      0.8725,
      0.435,
      0,
      0.545,
      0.11,
      0.655,
      0.2175,
      0.7625,
      0.3275,
      0.8725,
      0.435,
      0,
      0.545,
      0.11,
      0.655,
      0.2175,
      0.7625,
      0.3275,
      0.8725,
      0.435,
      0,
      0.545,
      0.11,
      0.655,
      0.2175,
      0.7625,
      0.3275,
      0.8725,
      0.435,
      0,
      0.545,
      0.11,
      0.655,
      0.2175,
      0.7625,
      0.3275,
      0.8725,
      0.435
    ],
    "SoftwareVersions": "syngo_MR_E11",
    "SpacingBetweenSlices": 2,
    "StationName": "AWP66018",
    "TaskName": "Listen",
    "TotalReadoutTime": 0.0597409,
    "TxRefAmp": 239.073,
    "dataset": "ds004007",
    "modality": "bold",
    "run_id": 2,
    "subject_id": "03",
    "task_id": "listen"
  },
  "dummy_trs": 0,
  "dvars_nstd": 44.14365802798014,
  "dvars_std": 0.9981087578095262,
  "dvars_vstd": 0.9841559442341236,
  "efc": 0.5493347129720917,
  "fber": 497.39752197265625,
  "fd_mean": 0.11732012766152501,
  "fd_num": 202,
  "fd_perc": 8.012693375644586,
  "fwhm_avg": 3.295916666666667,
  "fwhm_x": 3.098535,
  "fwhm_y": 3.47439,
  "fwhm_z": 3.314825,
  "gcor": 0.0238472,
  "gsr_x": -0.012671642005443573,
  "gsr_y": 0.1094895526766777,
  "provenance": {
    "md5sum": "19980b761134fd73b8362569b5b9d1fd",
    "settings": {
      "fd_thres": 0.2,
      "testing": false
    },
    "software": "mriqc",
    "version": "22.0.6",
    "webapi_port": null,
    "webapi_url": "https://mriqc.nimh.nih.gov/api/v1"
  },
  "size_t": 2521,
  "size_x": 104,
  "size_y": 104,
  "size_z": 72,
  "snr": 2.0784607293931447,
  "spacing_tr": 1.0,
  "spacing_x": 2.0,
  "spacing_y": 2.0,
  "spacing_z": 2.0,
  "summary_bg_k": 28.254967952440968,
  "summary_bg_mad": 161.97343270858542,
  "summary_bg_mean": 882.6561279296875,
  "summary_bg_median": 373.8370666503906,
  "summary_bg_n": 500055.0,
  "summary_bg_p05": 247.08348999023437,
  "summary_bg_p95": 3455.970898437499,
  "summary_bg_stdv": 1356.796142578125,
  "summary_fg_k": 1.6761189751637389,
  "summary_fg_mad": 3803.6485682850243,
  "summary_fg_mean": 9319.296875,
  "summary_fg_median": 8569.6591796875,
  "summary_fg_n": 174713.0,
  "summary_fg_p05": 4125.75771484375,
  "summary_fg_p95": 17059.6015625,
  "summary_fg_stdv": 4123.06787109375,
  "tsnr": 21.576461791992188
}