{
  "aor": 0.0005469273521238587,
  "aqi": 0.01615315331480746,
  "bids_meta": {
    "AcquisitionMatrixPE": 104,
    "AcquisitionNumber": 1,
    "AcquisitionTime": "14:40:10.527500",
    "BandwidthPerPixelPhaseEncode": 16.578,
    "BaseResolution": 104,
    "BodyPartExamined": "BRAIN",
    "ConsistencyInfo": "N4_VE11C_LATEST_20160120",
    "ConversionSoftware": "dcm2niix",
    "ConversionSoftwareVersion": "v1.0.20180518 GCC4.8.5",
    "DerivedVendorReportedEchoSpacing": 0.000580009,
    "DeviceSerialNumber": "66018",
    "DwellTime": 2.1e-06,
    "EchoTime": 0.037,
    "EchoTrainLength": 104,
    "EffectiveEchoSpacing": 0.000580009,
    "FlipAngle": 60,
    "ImageComments": "Unaliased_MB8_PE3_LB",
    "ImageOrientationPatientDICOM": [
      1,
      0,
      0,
      0,
      1,
      0
    ],
    "ImageType": [
      "ORIGINAL",
      "PRIMARY",
      "M",
      "MB",
      "ND",
      "MOSAIC"
    ],
    "InPlanePhaseEncodingDirectionDICOM": "COL",
    "InstitutionAddress": "Stadium_1952_Princeton_NJ_US_08544",
    "InstitutionName": "Princeton_University",
    "InstitutionalDepartmentName": "NeuroScience",
    "MRAcquisitionType": "2D",
    "MagneticFieldStrength": 3,
    "Manufacturer": "Siemens",
    "ManufacturersModelName": "Prisma",
    "Modality": "MR",
    "MultibandAccelerationFactor": 8,
    "PartialFourier": 1,
    "PatientPosition": "HFS",
    "PercentPhaseFOV": 100,
    "PhaseEncodingDirection": "j-",
    "PhaseEncodingSteps": 104,
    "PhaseResolution": 1,
    "PixelBandwidth": 2290,
    "ProcedureStepDescription": "Norman_jamal",
    "ProtocolName": "BOLD_Minn_SMS8_2.0mm",
    "PulseSequenceDetails": "%CustomerSeq%_cmrr_mbep2d_bold",
    "ReceiveCoilActiveElements": "HC1-7;NC1",
    "ReceiveCoilName": "HeadNeck_64",
    "ReconMatrixPE": 104,
    "RepetitionTime": 1,
    "SAR": 0.0555153,
    "ScanOptions": "FS",
    "ScanningSequence": "EP",
    "SequenceName": "epfid2d1_104",
    "SequenceVariant": "SK_SS",
    "SeriesDescription": "BOLD_Minn_SMS8_2.0mm",
    "SeriesNumber": 3,
    "ShimSetting": [
      748,
      599,
      2030,
      559,
      -131,
      28,
      111,
      42
    ],
    "SliceThickness": 2,
    "SliceTiming": [
      0,
      0.545,
      0.1075,
      0.6525,
      0.2175,
      0.7625,
      0.325,
      0.87,
      0.435,
      0,
      0.545,
      0.1075,
      0.6525,
      0.2175,
      0.7625,
      0.325,
      0.87,
      0.435,
      0,
      0.545,
      0.1075,
      0.6525,
      0.2175,
      0.7625,
      0.325,
      0.87,
      0.435,
      0,
      0.545,
      0.1075,
      0.6525,
      0.2175,
      0.7625,
      0.325,
      0.87,
      0.435,
      0,
      0.545,
      0.1075,
      0.6525,
      0.2175,
      0.7625,
      0.325,
      0.87,
      0.435,
      0,
      0.545,
      0.1075,
      0.6525,
      0.2175,
      0.7625,
      0.325,
      0.87,
      0.435,
      0,
      0.545,
      0.1075,
      0.6525,
      0.2175,
      0.7625,
      0.325,
      0.87,
      0.435,
      0,
      0.545,
      0.1075,
      0.6525,
      0.2175,
      0.7625,
      0.325,
      0.87,
      0.435
    ],
    "SoftwareVersions": "syngo_MR_E11",
    "SpacingBetweenSlices": 2,
    "StationName": "AWP66018",
    "TaskName": "Listen",
    "TotalReadoutTime": 0.0597409,
    "TxRefAmp": 239.073,
    "dataset": "ds004007",
    "modality": "bold",
    "run_id": 1,
    "subject_id": "03",
    "task_id": "listen"
  },
  "dummy_trs": 1,
  "dvars_nstd": 44.672881725536136,
  "dvars_std": 0.9535509424781577,
  "dvars_vstd": 0.9467550434273228,
  "efc": 0.5473739345774082,
  "fber": 526.5811157226562,
  "fd_mean": 0.14813525580495018,
  "fd_num": 189,
  "fd_perc": 7.502977371973005,
  "fwhm_avg": 3.2584666666666666,
  "fwhm_x": 3.05357,
  "fwhm_y": 3.439265,
  "fwhm_z": 3.282565,
  "gcor": 0.0152584,
  "gsr_x": -0.00959839764982462,
  "gsr_y": 0.11032118648290634,
  "provenance": {
    "md5sum": "b895223db8cb0b8d7be48837a3ff1399",
    "settings": {
      "fd_thres": 0.2,
      "testing": false
    },
    "software": "mriqc",
    "version": "22.0.6",
    "webapi_port": null,
    "webapi_url": "https://mriqc.nimh.nih.gov/api/v1"
  },
  "size_t": 2519,
  "size_x": 104,
  "size_y": 104,
  "size_z": 72,
  "snr": 2.1186406885972624,
  "spacing_tr": 1.0,
  "spacing_x": 2.0,
  "spacing_y": 2.0,
  "spacing_z": 2.0,
  "summary_bg_k": 29.34911896643078,
  "summary_bg_mad": 154.43368916934006,
  "summary_bg_mean": 856.1502685546875,
  "summary_bg_median": 363.56451416015625,
  "summary_bg_n": 501417.0,
  "summary_bg_p05": 237.22372741699218,
  "summary_bg_p95": 3329.1646484374996,
  "summary_bg_stdv": 1319.3656005859375,
  "summary_fg_k": 1.6225896729567841,
  "summary_fg_mad": 3723.328882668229,
  "summary_fg_mean": 9261.1044921875,
  "summary_fg_median": 8539.662109375,
  "summary_fg_n": 173551.0,
  "summary_fg_p05": 4156.333251953125,
  "summary_fg_p95": 16806.7294921875,
  "summary_fg_stdv": 4030.71533203125,
  "tsnr": 21.835582733154297
}