{
  "bids_meta": {
    "AcquisitionMatrixPE": 256,
    "AcquisitionNumber": 1,
    "AcquisitionTime": "16:27:18.547500",
    "BaseResolution": 256,
    "BodyPartExamined": "BRAIN",
    "ConsistencyInfo": "N4_VE11C_LATEST_20160120",
    "ConversionSoftware": "dcm2niix",
    "ConversionSoftwareVersion": "v1.0.20180518 GCC4.8.5",
    "DeviceSerialNumber": "66018",
    "DwellTime": 8.1e-06,
    "EchoTime": 0.00288,
    "FlipAngle": 9,
    "ImageOrientationPatientDICOM": [
      0,
      1,
      0,
      0,
      0,
      -1
    ],
    "ImageType": [
      "ORIGINAL",
      "PRIMARY",
      "M",
      "ND",
      "NORM"
    ],
    "InPlanePhaseEncodingDirectionDICOM": "ROW",
    "InstitutionAddress": "Stadium_1952_Princeton_NJ_US_08544",
    "InstitutionName": "Princeton_University",
    "InstitutionalDepartmentName": "NeuroScience",
    "InversionTime": 0.9,
    "MRAcquisitionType": "3D",
    "MagneticFieldStrength": 3,
    "Manufacturer": "Siemens",
    "ManufacturersModelName": "Prisma",
    "Modality": "MR",
    "ParallelReductionFactorInPlane": 2,
    "PartialFourier": 1,
    "PatientPosition": "HFS",
    "PercentPhaseFOV": 100,
    "PhaseEncodingSteps": 255,
    "PhaseResolution": 1,
    "PixelBandwidth": 240,
    "ProcedureStepDescription": "Norman_jamal",
    "ProtocolName": "T1w_MPR_IP2_1.0mm",
    "PulseSequenceDetails": "%SiemensSeq%_tfl",
    "ReceiveCoilActiveElements": "HC1-7;NC1",
    "ReceiveCoilName": "HeadNeck_64",
    "ReconMatrixPE": 256,
    "RepetitionTime": 2.3,
    "SAR": 0.0533094,
    "ScanOptions": "IR",
    "ScanningSequence": "GR_IR",
    "SequenceName": "_tfl3d1_16ns",
    "SequenceVariant": "SK_SP_MP",
    "SeriesDescription": "T1w_MPR_IP2_1.0mm",
    "SeriesNumber": 2,
    "ShimSetting": [
      747,
      444,
      1979,
      175,
      -174,
      -267,
      189,
      85
    ],
    "SliceThickness": 1,
    "SoftwareVersions": "syngo_MR_E11",
    "StationName": "AWP66018",
    "TxRefAmp": 220.692,
    "dataset": "ds004007",
    "modality": "T1w",
    "subject_id": "09"
  },
  "cjv": 0.32253609906824415,
  "cnr": 4.040852397008699,
  "efc": 0.5313118364536492,
  "fber": 15253.207379364221,
  "fwhm_avg": 3.8790133333333334,
  "fwhm_x": 3.9868,
  "fwhm_y": 3.91704,
  "fwhm_z": 3.7332,
  "icvs_csf": 0.23610039150525916,
  "icvs_gm": 0.4295638926170485,
  "icvs_wm": 0.33433571587769234,
  "inu_med": 0.5962706804275513,
  "inu_range": 0.2373475015163422,
  "provenance": {
    "md5sum": "ee3831c10cf76e44cff3e589cc2fc778",
    "settings": {
      "testing": false
    },
    "software": "mriqc",
    "version": "22.0.6",
    "warnings": {
      "large_rot_frame": true,
      "small_air_mask": false
    },
    "webapi_port": null,
    "webapi_url": "https://mriqc.nimh.nih.gov/api/v1"
  },
  "qi_1": 2.9104916035910436e-05,
  "qi_2": 0.0012715635400813389,
  "rpve_csf": 22.225039093875747,
  "rpve_gm": 12.307512434960374,
  "rpve_wm": 18.09034782183265,
  "size_x": 176,
  "size_y": 256,
  "size_z": 256,
  "snr_csf": 1.5076247287080804,
  "snr_gm": 8.260981372765409,
  "snr_total": 10.609899144225771,
  "snr_wm": 22.061091331203823,
  "snrd_csf": 18.21909336358744,
  "snrd_gm": 64.25757007253489,
  "snrd_total": 61.0945606248979,
  "snrd_wm": 100.80701843857138,
  "spacing_x": 1.0,
  "spacing_y": 1.0,
  "spacing_z": 1.0,
  "summary_bg_k": 16.170661659476625,
  "summary_bg_mad": 0.0,
  "summary_bg_mean": 3.659673071016095,
  "summary_bg_median": 0.0,
  "summary_bg_n": 2574248.0,
  "summary_bg_p05": 0.0,
  "summary_bg_p95": 16.752069257199764,
  "summary_bg_stdv": 6.498660334729925,
  "summary_csf_k": -0.13726622131304422,
  "summary_csf_mad": 131.37129539246618,
  "summary_csf_mean": 193.57568352475946,
  "summary_csf_median": 180.7252648100257,
  "summary_csf_n": 55537.0,
  "summary_csf_p05": 30.74497416615486,
  "summary_csf_p95": 413.33070269376026,
  "summary_csf_stdv": 119.87309195090135,
  "summary_gm_k": 0.19462162196945743,
  "summary_gm_mad": 73.98401244077499,
  "summary_gm_mean": 638.7017875965435,
  "summary_gm_median": 637.4063810780644,
  "summary_gm_n": 43848.0,
  "summary_gm_p05": 512.5739026367664,
  "summary_gm_p95": 769.122974568233,
  "summary_gm_stdv": 77.15779565546082,
  "summary_wm_k": 0.5159093988134993,
  "summary_wm_mad": 42.95280343125562,
  "summary_wm_mean": 998.8214020077337,
  "summary_wm_median": 999.9605764374137,
  "summary_wm_n": 201524.0,
  "summary_wm_p05": 922.5463081523776,
  "summary_wm_p95": 1070.8316835537553,
  "summary_wm_stdv": 45.32677374957048,
  "tpm_overlap_csf": 0.14205295440194893,
  "tpm_overlap_gm": 0.4666007654908785,
  "tpm_overlap_wm": 0.5036390806790666,
  "wm2max": 0.4721073052692037
}