{
  "aor": 0.0002474434299325129,
  "aqi": 0.01628842723302898,
  "bids_meta": {
    "AcquisitionMatrixPE": 104,
    "AcquisitionNumber": 1,
    "AcquisitionTime": "17:45:59.475000",
    "BandwidthPerPixelPhaseEncode": 16.578,
    "BaseResolution": 104,
    "BodyPartExamined": "BRAIN",
    "ConsistencyInfo": "N4_VE11C_LATEST_20160120",
    "ConversionSoftware": "dcm2niix",
    "ConversionSoftwareVersion": "v1.0.20180518 GCC4.8.5",
    "DerivedVendorReportedEchoSpacing": 0.000580009,
    "DeviceSerialNumber": "66018",
    "DwellTime": 2.1e-06,
    "EchoTime": 0.037,
    "EchoTrainLength": 104,
    "EffectiveEchoSpacing": 0.000580009,
    "FlipAngle": 60,
    "ImageComments": "Unaliased_MB8_PE3_LB",
    "ImageOrientationPatientDICOM": [
      1,
      0,
      0,
      0,
      1,
      0
    ],
    "ImageType": [
      "ORIGINAL",
      "PRIMARY",
      "M",
      "MB",
      "ND",
      "MOSAIC"
    ],
    "InPlanePhaseEncodingDirectionDICOM": "COL",
    "InstitutionAddress": "Stadium_1952_Princeton_NJ_US_08544",
    "InstitutionName": "Princeton_University",
    "InstitutionalDepartmentName": "NeuroScience",
    "MRAcquisitionType": "2D",
    "MagneticFieldStrength": 3,
    "Manufacturer": "Siemens",
    "ManufacturersModelName": "Prisma",
    "Modality": "MR",
    "MultibandAccelerationFactor": 8,
    "PartialFourier": 1,
    "PatientPosition": "HFS",
    "PercentPhaseFOV": 100,
    "PhaseEncodingDirection": "j-",
    "PhaseEncodingSteps": 104,
    "PhaseResolution": 1,
    "PixelBandwidth": 2290,
    "ProcedureStepDescription": "Norman_jamal",
    "ProtocolName": "BOLD_Minn_SMS8_2.0mm",
    "PulseSequenceDetails": "%CustomerSeq%_cmrr_mbep2d_bold",
    "ReceiveCoilActiveElements": "HC1-7;NC1",
    "ReceiveCoilName": "HeadNeck_64",
    "ReconMatrixPE": 104,
    "RepetitionTime": 1,
    "SAR": 0.0596364,
    "ScanOptions": "FS",
    "ScanningSequence": "EP",
    "SequenceName": "epfid2d1_104",
    "SequenceVariant": "SK_SS",
    "SeriesDescription": "BOLD_Minn_SMS8_2.0mm",
    "SeriesNumber": 4,
    "ShimSetting": [
      752,
      538,
      2103,
      564,
      -16,
      129,
      251,
      14
    ],
    "SliceThickness": 2,
    "SliceTiming": [
      0,
      0.545,
      0.1075,
      0.6525,
      0.2175,
      0.7625,
      0.325,
      0.87,
      0.435,
      0,
      0.545,
      0.1075,
      0.6525,
      0.2175,
      0.7625,
      0.325,
      0.87,
      0.435,
      0,
      0.545,
      0.1075,
      0.6525,
      0.2175,
      0.7625,
      0.325,
      0.87,
      0.435,
      0,
      0.545,
      0.1075,
      0.6525,
      0.2175,
      0.7625,
      0.325,
      0.87,
      0.435,
      0,
      0.545,
      0.1075,
      0.6525,
      0.2175,
      0.7625,
      0.325,
      0.87,
      0.435,
      0,
      0.545,
      0.1075,
      0.6525,
      0.2175,
      0.7625,
      0.325,
      0.87,
      0.435,
      0,
      0.545,
      0.1075,
      0.6525,
      0.2175,
      0.7625,
      0.325,
      0.87,
      0.435,
      0,
      0.545,
      0.1075,
      0.6525,
      0.2175,
      0.7625,
      0.325,
      0.87,
      0.435
    ],
    "SoftwareVersions": "syngo_MR_E11",
    "SpacingBetweenSlices": 2,
    "StationName": "AWP66018",
    "TaskName": "Listen",
    "TotalReadoutTime": 0.0597409,
    "TxRefAmp": 219.022,
    "dataset": "ds004007",
    "modality": "bold",
    "run_id": 1,
    "subject_id": "12",
    "task_id": "listen"
  },
  "dummy_trs": 1,
  "dvars_nstd": 52.308023625444854,
  "dvars_std": 1.0491542030738688,
  "dvars_vstd": 0.9831898894082602,
  "efc": 0.5368596723984288,
  "fber": 573.0487670898438,
  "fd_mean": 0.16285122796662377,
  "fd_num": 725,
  "fd_perc": 28.781262405716554,
  "fwhm_avg": 2.990066666666667,
  "fwhm_x": 2.800895,
  "fwhm_y": 3.114335,
  "fwhm_z": 3.05497,
  "gcor": 0.00947878,
  "gsr_x": -0.014203979633748531,
  "gsr_y": 0.08780768513679504,
  "provenance": {
    "md5sum": "e1cada0973146e6ea22479f881d67f17",
    "settings": {
      "fd_thres": 0.2,
      "testing": false
    },
    "software": "mriqc",
    "version": "22.0.6",
    "webapi_port": null,
    "webapi_url": "https://mriqc.nimh.nih.gov/api/v1"
  },
  "size_t": 2519,
  "size_x": 104,
  "size_y": 104,
  "size_z": 72,
  "snr": 2.4506202609949757,
  "spacing_tr": 1.0,
  "spacing_x": 2.0,
  "spacing_y": 2.0,
  "spacing_z": 2.0,
  "summary_bg_k": 41.99056002208346,
  "summary_bg_mad": 104.52517573094813,
  "summary_bg_mean": 670.01806640625,
  "summary_bg_median": 319.49334716796875,
  "summary_bg_n": 515405.0,
  "summary_bg_p05": 242.8884735107422,
  "summary_bg_p95": 2333.274658203125,
  "summary_bg_stdv": 992.4874267578125,
  "summary_fg_k": 2.5457647695903747,
  "summary_fg_mad": 2827.4436884399875,
  "summary_fg_mean": 8315.671875,
  "summary_fg_median": 7764.9453125,
  "summary_fg_n": 161846.0,
  "summary_fg_p05": 4286.3760986328125,
  "summary_fg_p95": 14142.91943359375,
  "summary_fg_stdv": 3168.553466796875,
  "tsnr": 23.489673614501953
}