{
  "bids_meta": {
    "AcquisitionMatrixPE": 256,
    "AcquisitionNumber": 1,
    "AcquisitionTime": "10:25:5.190000",
    "BaseResolution": 256,
    "BodyPartExamined": "BRAIN",
    "ConsistencyInfo": "N4_VE11C_LATEST_20160120",
    "ConversionSoftware": "dcm2niix",
    "ConversionSoftwareVersion": "v1.0.20180518 GCC4.8.5",
    "DeviceSerialNumber": "66018",
    "DwellTime": 8.1e-06,
    "EchoTime": 0.00288,
    "FlipAngle": 9,
    "ImageOrientationPatientDICOM": [
      0,
      1,
      0,
      0,
      0,
      -1
    ],
    "ImageType": [
      "ORIGINAL",
      "PRIMARY",
      "M",
      "ND",
      "NORM"
    ],
    "InPlanePhaseEncodingDirectionDICOM": "ROW",
    "InstitutionAddress": "Stadium_1952_Princeton_NJ_US_08544",
    "InstitutionName": "Princeton_University",
    "InstitutionalDepartmentName": "NeuroScience",
    "InversionTime": 0.9,
    "MRAcquisitionType": "3D",
    "MagneticFieldStrength": 3,
    "Manufacturer": "Siemens",
    "ManufacturersModelName": "Prisma",
    "Modality": "MR",
    "ParallelReductionFactorInPlane": 2,
    "PartialFourier": 1,
    "PatientPosition": "HFS",
    "PercentPhaseFOV": 100,
    "PhaseEncodingSteps": 255,
    "PhaseResolution": 1,
    "PixelBandwidth": 240,
    "ProcedureStepDescription": "Norman_jamal",
    "ProtocolName": "T1w_MPR_IP2_1.0mm",
    "PulseSequenceDetails": "%SiemensSeq%_tfl",
    "ReceiveCoilActiveElements": "HC1-7;NC1",
    "ReceiveCoilName": "HeadNeck_64",
    "ReconMatrixPE": 256,
    "RepetitionTime": 2.3,
    "SAR": 0.0480789,
    "ScanOptions": "IR",
    "ScanningSequence": "GR_IR",
    "SequenceName": "_tfl3d1_16ns",
    "SequenceVariant": "SK_SP_MP",
    "SeriesDescription": "T1w_MPR_IP2_1.0mm",
    "SeriesNumber": 2,
    "ShimSetting": [
      752,
      460,
      2000,
      393,
      -150,
      -328,
      105,
      31
    ],
    "SliceThickness": 1,
    "SoftwareVersions": "syngo_MR_E11",
    "StationName": "AWP66018",
    "TxRefAmp": 226.695,
    "dataset": "ds004007",
    "modality": "T1w",
    "subject_id": "18"
  },
  "cjv": 0.34929662620790203,
  "cnr": 3.821672787893017,
  "efc": 0.5196371428218447,
  "fber": 13012.036193847656,
  "fwhm_avg": 3.6218566666666665,
  "fwhm_x": 3.73971,
  "fwhm_y": 3.72547,
  "fwhm_z": 3.40039,
  "icvs_csf": 0.20559923767871766,
  "icvs_gm": 0.44383834565950714,
  "icvs_wm": 0.35056241666177523,
  "inu_med": 0.6136922240257263,
  "inu_range": 0.24204772710800176,
  "provenance": {
    "md5sum": "fd1ff66680a3b84838414eac64f84c2a",
    "settings": {
      "testing": false
    },
    "software": "mriqc",
    "version": "22.0.6",
    "warnings": {
      "large_rot_frame": true,
      "small_air_mask": false
    },
    "webapi_port": null,
    "webapi_url": "https://mriqc.nimh.nih.gov/api/v1"
  },
  "qi_1": 0.0,
  "qi_2": 0.0010672186864849112,
  "rpve_csf": 24.491528358885443,
  "rpve_gm": 11.937967145682821,
  "rpve_wm": 17.118401487266624,
  "size_x": 176,
  "size_y": 256,
  "size_z": 256,
  "snr_csf": 1.454098879243741,
  "snr_gm": 9.34689132404943,
  "snr_total": 10.323797453741856,
  "snr_wm": 20.170402157932397,
  "snrd_csf": 15.414933744627021,
  "snrd_gm": 56.03800142773616,
  "snrd_total": 51.835346249003756,
  "snrd_wm": 84.05310357464809,
  "spacing_x": 1.0,
  "spacing_y": 1.0,
  "spacing_z": 1.0,
  "summary_bg_k": 14.718132456821337,
  "summary_bg_mad": 0.0,
  "summary_bg_mean": 4.495119870553658,
  "summary_bg_median": 0.0,
  "summary_bg_n": 3178021.0,
  "summary_bg_p05": 0.0,
  "summary_bg_p95": 19.48051929473877,
  "summary_bg_stdv": 7.794315330311409,
  "summary_csf_k": 2.587913346443429,
  "summary_csf_mad": 132.16889781040032,
  "summary_csf_mean": 199.57506900106162,
  "summary_csf_median": 183.39517450332642,
  "summary_csf_n": 31727.0,
  "summary_csf_p05": 35.064934730529785,
  "summary_csf_p95": 431.31261184215504,
  "summary_csf_stdv": 126.1209171478454,
  "summary_gm_k": 0.14388663314562145,
  "summary_gm_mad": 69.52276570567884,
  "summary_gm_mean": 665.6177085558297,
  "summary_gm_median": 666.6975817680359,
  "summary_gm_n": 31645.0,
  "summary_gm_p05": 545.7421098232269,
  "summary_gm_p95": 782.0500853061676,
  "summary_gm_stdv": 71.32714231501046,
  "summary_wm_k": 0.4988986004438294,
  "summary_wm_mad": 46.89864115852915,
  "summary_wm_mean": 999.5301700984804,
  "summary_wm_median": 999.9999904632568,
  "summary_wm_n": 197878.0,
  "summary_wm_p05": 917.2541656494141,
  "summary_wm_p95": 1079.5918264389038,
  "summary_wm_stdv": 49.57746780757032,
  "tpm_overlap_csf": 0.1518977524223195,
  "tpm_overlap_gm": 0.4598917795830749,
  "tpm_overlap_wm": 0.49405054422466393,
  "wm2max": 0.4175704989154013
}