{
  "aor": 0.00032608730158730154,
  "aqi": 0.016761538849206347,
  "bids_meta": {
    "AcquisitionMatrixPE": 104,
    "AcquisitionNumber": 1,
    "AcquisitionTime": "19:10:18.727500",
    "BandwidthPerPixelPhaseEncode": 16.578,
    "BaseResolution": 104,
    "BodyPartExamined": "BRAIN",
    "ConsistencyInfo": "N4_VE11C_LATEST_20160120",
    "ConversionSoftware": "dcm2niix",
    "ConversionSoftwareVersion": "v1.0.20180518 GCC4.8.5",
    "DerivedVendorReportedEchoSpacing": 0.000580009,
    "DeviceSerialNumber": "66018",
    "DwellTime": 2.1e-06,
    "EchoTime": 0.037,
    "EchoTrainLength": 104,
    "EffectiveEchoSpacing": 0.000580009,
    "FlipAngle": 60,
    "ImageComments": "Unaliased_MB8_PE3_LB",
    "ImageOrientationPatientDICOM": [
      1,
      0,
      0,
      0,
      1,
      0
    ],
    "ImageType": [
      "ORIGINAL",
      "PRIMARY",
      "M",
      "MB",
      "ND",
      "MOSAIC"
    ],
    "InPlanePhaseEncodingDirectionDICOM": "COL",
    "InstitutionAddress": "Stadium_1952_Princeton_NJ_US_08544",
    "InstitutionName": "Princeton_University",
    "InstitutionalDepartmentName": "NeuroScience",
    "MRAcquisitionType": "2D",
    "MagneticFieldStrength": 3,
    "Manufacturer": "Siemens",
    "ManufacturersModelName": "Prisma",
    "Modality": "MR",
    "MultibandAccelerationFactor": 8,
    "PartialFourier": 1,
    "PatientPosition": "HFS",
    "PercentPhaseFOV": 100,
    "PhaseEncodingDirection": "j-",
    "PhaseEncodingSteps": 104,
    "PhaseResolution": 1,
    "PixelBandwidth": 2290,
    "ProcedureStepDescription": "Norman_jamal",
    "ProtocolName": "BOLD_Minn_SMS8_2.0mm",
    "PulseSequenceDetails": "%CustomerSeq%_cmrr_mbep2d_bold",
    "ReceiveCoilActiveElements": "HC1-7;NC1",
    "ReceiveCoilName": "HeadNeck_64",
    "ReconMatrixPE": 104,
    "RepetitionTime": 1,
    "SAR": 0.0755912,
    "ScanOptions": "FS",
    "ScanningSequence": "EP",
    "SequenceName": "epfid2d1_104",
    "SequenceVariant": "SK_SS",
    "SeriesDescription": "BOLD_Minn_SMS8_2.0mm",
    "SeriesNumber": 5,
    "ShimSetting": [
      743,
      569,
      2041,
      664,
      -97,
      -53,
      171,
      3
    ],
    "SliceThickness": 2,
    "SliceTiming": [
      0,
      0.545,
      0.11,
      0.655,
      0.22,
      0.7625,
      0.3275,
      0.8725,
      0.4375,
      0,
      0.545,
      0.11,
      0.655,
      0.22,
      0.7625,
      0.3275,
      0.8725,
      0.4375,
      0,
      0.545,
      0.11,
      0.655,
      0.22,
      0.7625,
      0.3275,
      0.8725,
      0.4375,
      0,
      0.545,
      0.11,
      0.655,
      0.22,
      0.7625,
      0.3275,
      0.8725,
      0.4375,
      0,
      0.545,
      0.11,
      0.655,
      0.22,
      0.7625,
      0.3275,
      0.8725,
      0.4375,
      0,
      0.545,
      0.11,
      0.655,
      0.22,
      0.7625,
      0.3275,
      0.8725,
      0.4375,
      0,
      0.545,
      0.11,
      0.655,
      0.22,
      0.7625,
      0.3275,
      0.8725,
      0.4375,
      0,
      0.545,
      0.11,
      0.655,
      0.22,
      0.7625,
      0.3275,
      0.8725,
      0.4375
    ],
    "SoftwareVersions": "syngo_MR_E11",
    "SpacingBetweenSlices": 2,
    "StationName": "AWP66018",
    "TaskName": "Listen",
    "TotalReadoutTime": 0.0597409,
    "TxRefAmp": 249.875,
    "dataset": "ds004007",
    "modality": "bold",
    "run_id": 2,
    "subject_id": "05",
    "task_id": "listen"
  },
  "dummy_trs": 1,
  "dvars_nstd": 49.33712606368002,
  "dvars_std": 1.015703619690352,
  "dvars_vstd": 0.9757874787137758,
  "efc": 0.5235173895584206,
  "fber": 550.9873046875,
  "fd_mean": 0.19231076264058067,
  "fd_num": 998,
  "fd_perc": 39.6031746031746,
  "fwhm_avg": 3.081,
  "fwhm_x": 2.91169,
  "fwhm_y": 3.2626,
  "fwhm_z": 3.06871,
  "gcor": 0.0180119,
  "gsr_x": -0.012980026192963123,
  "gsr_y": 0.08729023486375809,
  "provenance": {
    "md5sum": "98e243ddf158f6201df9df42c0910154",
    "settings": {
      "fd_thres": 0.2,
      "testing": false
    },
    "software": "mriqc",
    "version": "22.0.6",
    "webapi_port": null,
    "webapi_url": "https://mriqc.nimh.nih.gov/api/v1"
  },
  "size_t": 2520,
  "size_x": 104,
  "size_y": 104,
  "size_z": 72,
  "snr": 2.1865470089108556,
  "spacing_tr": 1.0,
  "spacing_x": 2.0,
  "spacing_y": 2.0,
  "spacing_z": 2.0,
  "summary_bg_k": 27.911312124178508,
  "summary_bg_mad": 114.98512712803283,
  "summary_bg_mean": 685.52685546875,
  "summary_bg_median": 328.8895263671875,
  "summary_bg_n": 523594.0,
  "summary_bg_p05": 239.85051193237305,
  "summary_bg_p95": 2524.0303222656225,
  "summary_bg_stdv": 977.2819213867188,
  "summary_fg_k": 4.347896359506105,
  "summary_fg_mad": 3178.3516715810483,
  "summary_fg_mean": 8402.80859375,
  "summary_fg_median": 7857.53173828125,
  "summary_fg_n": 153523.0,
  "summary_fg_p05": 3908.189599609375,
  "summary_fg_p95": 14813.743164062498,
  "summary_fg_stdv": 3593.568359375,
  "tsnr": 20.980215072631836
}