{
  "bids_meta": {
    "AcquisitionMatrixPE": 256,
    "AcquisitionNumber": 1,
    "AcquisitionTime": "18:12:17.215000",
    "BaseResolution": 256,
    "BodyPartExamined": "BRAIN",
    "ConsistencyInfo": "N4_VE11C_LATEST_20160120",
    "ConversionSoftware": "dcm2niix",
    "ConversionSoftwareVersion": "v1.0.20180518 GCC4.8.5",
    "DeviceSerialNumber": "66018",
    "DwellTime": 8.1e-06,
    "EchoTime": 0.00288,
    "FlipAngle": 9,
    "ImageOrientationPatientDICOM": [
      0,
      1,
      0,
      0,
      0,
      -1
    ],
    "ImageType": [
      "ORIGINAL",
      "PRIMARY",
      "M",
      "ND",
      "NORM"
    ],
    "InPlanePhaseEncodingDirectionDICOM": "ROW",
    "InstitutionAddress": "Stadium_1952_Princeton_NJ_US_08544",
    "InstitutionName": "Princeton_University",
    "InstitutionalDepartmentName": "NeuroScience",
    "InversionTime": 0.9,
    "MRAcquisitionType": "3D",
    "MagneticFieldStrength": 3,
    "Manufacturer": "Siemens",
    "ManufacturersModelName": "Prisma",
    "Modality": "MR",
    "ParallelReductionFactorInPlane": 2,
    "PartialFourier": 1,
    "PatientPosition": "HFS",
    "PercentPhaseFOV": 100,
    "PhaseEncodingSteps": 255,
    "PhaseResolution": 1,
    "PixelBandwidth": 240,
    "ProcedureStepDescription": "Norman_jamal",
    "ProtocolName": "T1w_MPR_IP2_1.0mm",
    "PulseSequenceDetails": "%SiemensSeq%_tfl",
    "ReceiveCoilActiveElements": "HC1-7;NC1",
    "ReceiveCoilName": "HeadNeck_64",
    "ReconMatrixPE": 256,
    "RepetitionTime": 2.3,
    "SAR": 0.052101,
    "ScanOptions": "IR",
    "ScanningSequence": "GR_IR",
    "SequenceName": "_tfl3d1_16ns",
    "SequenceVariant": "SK_SP_MP",
    "SeriesDescription": "T1w_MPR_IP2_1.0mm",
    "SeriesNumber": 2,
    "ShimSetting": [
      760,
      498,
      1983,
      147,
      -167,
      -334,
      313,
      51
    ],
    "SliceThickness": 1,
    "SoftwareVersions": "syngo_MR_E11",
    "StationName": "AWP66018",
    "TxRefAmp": 226.97,
    "dataset": "ds004007",
    "modality": "T1w",
    "subject_id": "06"
  },
  "cjv": 0.35003380919047444,
  "cnr": 3.7517249906267027,
  "efc": 0.5314559658900208,
  "fber": 17187.009847910962,
  "fwhm_avg": 3.748623333333333,
  "fwhm_x": 3.81774,
  "fwhm_y": 3.94816,
  "fwhm_z": 3.47997,
  "icvs_csf": 0.20584230364838593,
  "icvs_gm": 0.4362942777958862,
  "icvs_wm": 0.3578634185557279,
  "inu_med": 0.5496186017990112,
  "inu_range": 0.22009422183036803,
  "provenance": {
    "md5sum": "096950776450f77c1c3cddf32619daee",
    "settings": {
      "testing": false
    },
    "software": "mriqc",
    "version": "22.0.6",
    "warnings": {
      "large_rot_frame": true,
      "small_air_mask": false
    },
    "webapi_port": null,
    "webapi_url": "https://mriqc.nimh.nih.gov/api/v1"
  },
  "qi_1": 1.8820781261384893e-06,
  "qi_2": 0.0010773544639420933,
  "rpve_csf": 24.619982202887087,
  "rpve_gm": 12.340313284675332,
  "rpve_wm": 17.279573880426,
  "size_x": 176,
  "size_y": 256,
  "size_z": 256,
  "snr_csf": 1.653111530700278,
  "snr_gm": 8.509238586179192,
  "snr_total": 10.309780375726348,
  "snr_wm": 20.766991010299574,
  "snrd_csf": 16.38526780639691,
  "snrd_gm": 61.338723636759795,
  "snrd_total": 57.00796116506617,
  "snrd_wm": 93.29989205204178,
  "spacing_x": 1.0,
  "spacing_y": 1.0,
  "spacing_z": 1.0,
  "summary_bg_k": 14.16422290420875,
  "summary_bg_mad": 0.0,
  "summary_bg_mean": 4.261814138409501,
  "summary_bg_median": 0.0,
  "summary_bg_n": 3483984.0,
  "summary_bg_p05": 0.0,
  "summary_bg_p95": 17.42556244134903,
  "summary_bg_stdv": 7.021834450004261,
  "summary_csf_k": 1.351871560203901,
  "summary_csf_mad": 100.08323123051522,
  "summary_csf_mean": 189.43404643860322,
  "summary_csf_median": 175.61936408281326,
  "summary_csf_n": 39839.0,
  "summary_csf_p05": 47.61345528811216,
  "summary_csf_p95": 389.91590045392513,
  "summary_csf_stdv": 106.23430826895259,
  "summary_gm_k": 0.09674871746814828,
  "summary_gm_mad": 74.52887084337469,
  "summary_gm_mean": 658.1109916230483,
  "summary_gm_median": 657.4361655861139,
  "summary_gm_n": 38114.0,
  "summary_gm_p05": 529.7617212943733,
  "summary_gm_p95": 788.1032608188689,
  "summary_gm_stdv": 77.26044278453855,
  "summary_wm_k": 0.5895303993700889,
  "summary_wm_mad": 45.3800509732078,
  "summary_wm_mean": 999.2137599073473,
  "summary_wm_median": 999.9999941885471,
  "summary_wm_n": 208272.0,
  "summary_wm_p05": 918.8953655213118,
  "summary_wm_p95": 1075.9905990958214,
  "summary_wm_stdv": 48.15322513420234,
  "tpm_overlap_csf": 0.16219207527866164,
  "tpm_overlap_gm": 0.4642067332476788,
  "tpm_overlap_wm": 0.5140166691764014,
  "wm2max": 0.5317888799355358
}