{
  "aor": 0.0010842380952380951,
  "aqi": 0.018738780912698413,
  "bids_meta": {
    "AcquisitionMatrixPE": 104,
    "AcquisitionNumber": 1,
    "AcquisitionTime": "18:26:37.730000",
    "BandwidthPerPixelPhaseEncode": 16.578,
    "BaseResolution": 104,
    "BodyPartExamined": "BRAIN",
    "ConsistencyInfo": "N4_VE11C_LATEST_20160120",
    "ConversionSoftware": "dcm2niix",
    "ConversionSoftwareVersion": "v1.0.20180518 GCC4.8.5",
    "DerivedVendorReportedEchoSpacing": 0.000580009,
    "DeviceSerialNumber": "66018",
    "DwellTime": 2.1e-06,
    "EchoTime": 0.037,
    "EchoTrainLength": 104,
    "EffectiveEchoSpacing": 0.000580009,
    "FlipAngle": 60,
    "ImageComments": "Unaliased_MB8_PE3_LB",
    "ImageOrientationPatientDICOM": [
      1,
      0,
      0,
      0,
      1,
      0
    ],
    "ImageType": [
      "ORIGINAL",
      "PRIMARY",
      "M",
      "MB",
      "ND",
      "MOSAIC"
    ],
    "InPlanePhaseEncodingDirectionDICOM": "COL",
    "InstitutionAddress": "Stadium_1952_Princeton_NJ_US_08544",
    "InstitutionName": "Princeton_University",
    "InstitutionalDepartmentName": "NeuroScience",
    "MRAcquisitionType": "2D",
    "MagneticFieldStrength": 3,
    "Manufacturer": "Siemens",
    "ManufacturersModelName": "Prisma",
    "Modality": "MR",
    "MultibandAccelerationFactor": 8,
    "PartialFourier": 1,
    "PatientPosition": "HFS",
    "PercentPhaseFOV": 100,
    "PhaseEncodingDirection": "j-",
    "PhaseEncodingSteps": 104,
    "PhaseResolution": 1,
    "PixelBandwidth": 2290,
    "ProcedureStepDescription": "Norman_jamal",
    "ProtocolName": "BOLD_Minn_SMS8_2.0mm",
    "PulseSequenceDetails": "%CustomerSeq%_cmrr_mbep2d_bold",
    "ReceiveCoilActiveElements": "HC1-7;NC1",
    "ReceiveCoilName": "HeadNeck_64",
    "ReconMatrixPE": 104,
    "RepetitionTime": 1,
    "SAR": 0.0755912,
    "ScanOptions": "FS",
    "ScanningSequence": "EP",
    "SequenceName": "epfid2d1_104",
    "SequenceVariant": "SK_SS",
    "SeriesDescription": "BOLD_Minn_SMS8_2.0mm",
    "SeriesNumber": 3,
    "ShimSetting": [
      743,
      569,
      2041,
      664,
      -97,
      -53,
      171,
      3
    ],
    "SliceThickness": 2,
    "SliceTiming": [
      0,
      0.545,
      0.1075,
      0.6525,
      0.2175,
      0.7625,
      0.325,
      0.87,
      0.435,
      0,
      0.545,
      0.1075,
      0.6525,
      0.2175,
      0.7625,
      0.325,
      0.87,
      0.435,
      0,
      0.545,
      0.1075,
      0.6525,
      0.2175,
      0.7625,
      0.325,
      0.87,
      0.435,
      0,
      0.545,
      0.1075,
      0.6525,
      0.2175,
      0.7625,
      0.325,
      0.87,
      0.435,
      0,
      0.545,
      0.1075,
      0.6525,
      0.2175,
      0.7625,
      0.325,
      0.87,
      0.435,
      0,
      0.545,
      0.1075,
      0.6525,
      0.2175,
      0.7625,
      0.325,
      0.87,
      0.435,
      0,
      0.545,
      0.1075,
      0.6525,
      0.2175,
      0.7625,
      0.325,
      0.87,
      0.435,
      0,
      0.545,
      0.1075,
      0.6525,
      0.2175,
      0.7625,
      0.325,
      0.87,
      0.435
    ],
    "SoftwareVersions": "syngo_MR_E11",
    "SpacingBetweenSlices": 2,
    "StationName": "AWP66018",
    "TaskName": "Listen",
    "TotalReadoutTime": 0.0597409,
    "TxRefAmp": 249.875,
    "dataset": "ds004007",
    "modality": "bold",
    "run_id": 1,
    "subject_id": "05",
    "task_id": "listen"
  },
  "dummy_trs": 2,
  "dvars_nstd": 49.12773236357285,
  "dvars_std": 1.012129902401746,
  "dvars_vstd": 0.9731991021714969,
  "efc": 0.5212647703954322,
  "fber": 546.7321166992188,
  "fd_mean": 0.18979536594297447,
  "fd_num": 1056,
  "fd_perc": 41.904761904761905,
  "fwhm_avg": 3.1536183333333336,
  "fwhm_x": 2.992015,
  "fwhm_y": 3.31279,
  "fwhm_z": 3.15605,
  "gcor": 0.0440668,
  "gsr_x": -0.013103355653584003,
  "gsr_y": 0.07385735958814621,
  "provenance": {
    "md5sum": "b9670153fb36982bd09957510361ea42",
    "settings": {
      "fd_thres": 0.2,
      "testing": false
    },
    "software": "mriqc",
    "version": "22.0.6",
    "webapi_port": null,
    "webapi_url": "https://mriqc.nimh.nih.gov/api/v1"
  },
  "size_t": 2520,
  "size_x": 104,
  "size_y": 104,
  "size_z": 72,
  "snr": 2.1184143570141223,
  "spacing_tr": 1.0,
  "spacing_x": 2.0,
  "spacing_y": 2.0,
  "spacing_z": 2.0,
  "summary_bg_k": 21.05043821754028,
  "summary_bg_mad": 125.43046425154034,
  "summary_bg_mean": 665.4448852539062,
  "summary_bg_median": 333.57037353515625,
  "summary_bg_n": 519433.0,
  "summary_bg_p05": 232.96325073242187,
  "summary_bg_p95": 2430.46982421875,
  "summary_bg_stdv": 877.38623046875,
  "summary_fg_k": 4.730587945257784,
  "summary_fg_mad": 3297.0554074076113,
  "summary_fg_mean": 8591.1953125,
  "summary_fg_median": 7991.931640625,
  "summary_fg_n": 155253.0,
  "summary_fg_p05": 3956.424267578125,
  "summary_fg_p95": 15367.631249999999,
  "summary_fg_stdv": 3772.588623046875,
  "tsnr": 19.134859085083008
}